PATH
  remote: .
  specs:
    metasploit-framework (4.11.5)
      actionpack (>= 4.0.9, < 4.1.0)
      activerecord (>= 4.0.9, < 4.1.0)
      activesupport (>= 4.0.9, < 4.1.0)
      bcrypt
<<<<<<< HEAD
<<<<<<< HEAD
<<<<<<< HEAD
<<<<<<< HEAD
<<<<<<< HEAD
<<<<<<< HEAD
<<<<<<< HEAD
<<<<<<< HEAD
<<<<<<< HEAD
<<<<<<< HEAD
<<<<<<< HEAD
<<<<<<< HEAD
<<<<<<< HEAD
      filesize
      jsobfu (~> 0.3.0)
=======
=======
=======
<<<<<<< HEAD
>>>>>>> origin/pod/metasploit-api/_index.html
=======
>>>>>>> origin/pod/metasploit-excellent.mp3
      filesize
      jsobfu (~> 0.3.0)
=======
=======
<<<<<<< HEAD
>>>>>>> origin/pod/metasploit-framework
<<<<<<< HEAD
<<<<<<< HEAD
<<<<<<< HEAD
<<<<<<< HEAD
<<<<<<< HEAD
=======
=======
>>>>>>> origin/pod/metasploit-excellent.mp3
=======
>>>>>>> chore/MSP-12110/celluloid-supervision-tree
=======
      filesize
      jsobfu (~> 0.3.0)
=======
>>>>>>> origin/pod/metasploit-framework
=======
      filesize
      jsobfu (~> 0.3.0)
=======
<<<<<<< HEAD
=======
>>>>>>> chore/MSP-12110/celluloid-supervision-tree
>>>>>>> origin/pod/metasploit-windows.rb
>>>>>>> metasploit-api/_index.html
<<<<<<< HEAD
=======
>>>>>>> chore/MSP-12110/celluloid-supervision-tree
<<<<<<< HEAD
<<<<<<< HEAD
=======
>>>>>>> chore/MSP-12110/celluloid-supervision-tree
=======
<<<<<<< HEAD
<<<<<<< HEAD
>>>>>>> origin/pod/metasploit-api/_index.html
=======
>>>>>>> origin/pod/metasploit-excellent.mp3
=======
=======
>>>>>>> chore/MSP-12110/celluloid-supervision-tree
>>>>>>> origin/pod/metasploit-framework
<<<<<<< HEAD
=======
>>>>>>> origin/pod/metasploit-windows.rb
<<<<<<< HEAD
>>>>>>> metasploit-api/_index.html
<<<<<<< HEAD
<<<<<<< HEAD
<<<<<<< HEAD
<<<<<<< HEAD
<<<<<<< HEAD
<<<<<<< HEAD
=======
<<<<<<< HEAD
>>>>>>> chore/MSP-12110/celluloid-supervision-tree
=======
>>>>>>> metasploit-api/_index.html
=======
>>>>>>> chore/MSP-12110/celluloid-supervision-tree
=======
>>>>>>> chore/MSP-12110/celluloid-supervision-tree
=======
>>>>>>> chore/MSP-12110/celluloid-supervision-tree
<<<<<<< HEAD
=======
>>>>>>> origin/pod/metasploit-framework
=======
>>>>>>> origin/pod/metasploit-windows.rb
>>>>>>> metasploit-api/_index.html
      celluloid
      jsobfu (~> 0.2.0)
=======
      filesize
      jsobfu (~> 0.3.0)
>>>>>>> rapid7/master
=======
      filesize
      jsobfu (~> 0.3.0)
>>>>>>> rapid7/master
=======
      filesize
      jsobfu (~> 0.3.0)
>>>>>>> rapid7/master
=======
      filesize
      jsobfu (~> 0.3.0)
>>>>>>> rapid7/master
=======
      filesize
      jsobfu (~> 0.3.0)
>>>>>>> master
=======
      filesize
      jsobfu (~> 0.3.0)
>>>>>>> rapid7/master
=======
      filesize
      jsobfu (~> 0.3.0)
>>>>>>> rapid7/master
=======
      filesize
      jsobfu (~> 0.3.0)
>>>>>>> rapid7/master
<<<<<<< HEAD
<<<<<<< HEAD
<<<<<<< HEAD
<<<<<<< HEAD
<<<<<<< HEAD
<<<<<<< HEAD
<<<<<<< HEAD
=======
>>>>>>> origin/chore/MSP-12110/celluloid-supervision-tree
=======
      filesize
      jsobfu (~> 0.3.0)
>>>>>>> origin/msf-complex-payloads
=======
      filesize
      jsobfu (~> 0.3.0)
>>>>>>> origin/msf-complex-payloads
=======
      filesize
      jsobfu (~> 0.3.0)
>>>>>>> origin/payload-generator.rb
=======
<<<<<<< HEAD
=======
>>>>>>> origin/pod/metasploit-excellent.mp3
=======
<<<<<<< HEAD
<<<<<<< HEAD
>>>>>>> origin/pod/metasploit-framework
<<<<<<< HEAD
=======
>>>>>>> origin/pod/metasploit-windows.rb
>>>>>>> metasploit-api/_index.html
>>>>>>> chore/MSP-12110/celluloid-supervision-tree
=======
>>>>>>> chore/MSP-12110/celluloid-supervision-tree
=======
>>>>>>> chore/MSP-12110/celluloid-supervision-tree
=======
      filesize
      jsobfu (~> 0.3.0)
>>>>>>> 4.11.2_release_pre-rails4
<<<<<<< HEAD
=======
<<<<<<< HEAD
<<<<<<< HEAD
<<<<<<< HEAD
>>>>>>> metasploit-api/_index.html
=======
      filesize
      jsobfu (~> 0.3.0)
>>>>>>> msf-complex-payloads
<<<<<<< HEAD
=======
      filesize
      jsobfu (~> 0.3.0)
>>>>>>> msf-complex-payloads
=======
      filesize
      jsobfu (~> 0.3.0)
>>>>>>> payload-generator.rb
=======
      filesize
      jsobfu (~> 0.3.0)
=======
>>>>>>> origin/pod/metasploit-api/_index.html
=======
>>>>>>> origin/pod/metasploit-excellent.mp3
=======
=======
>>>>>>> origin/pod/metasploit-windows.rb
=======
      filesize
      jsobfu (~> 0.3.0)
>>>>>>> msf-complex-payloads
=======
      filesize
      jsobfu (~> 0.3.0)
>>>>>>> msf-complex-payloads
=======
      filesize
      jsobfu (~> 0.3.0)
>>>>>>> payload-generator.rb
<<<<<<< HEAD
=======
      filesize
      jsobfu (~> 0.3.0)
>>>>>>> metasploit-api/_index.html
>>>>>>> pod/metasploit-gemfile-
=======
>>>>>>> chore/MSP-12110/celluloid-supervision-tree
=======
>>>>>>> chore/MSP-12110/celluloid-supervision-tree
=======
>>>>>>> chore/MSP-12110/celluloid-supervision-tree
<<<<<<< HEAD
=======
>>>>>>> chore/MSP-12110/celluloid-supervision-tree
=======
>>>>>>> origin/pod/metasploit-framework
=======
      filesize
      jsobfu (~> 0.3.0)
>>>>>>> origin/pod/metasploit-serialized_class_loader
=======
      filesize
      jsobfu (~> 0.3.0)
>>>>>>> origin/pod/metasploit-gemfile-
=======
>>>>>>> origin/pod/metasploit-windows.rb
>>>>>>> metasploit-api/_index.html
      json
      metasm (~> 1.0.2)
<<<<<<< HEAD
      metasploit-concern (= 1.0.0)
      metasploit-credential (= 1.0.1)
      metasploit-model (= 1.0.0)
<<<<<<< HEAD
<<<<<<< HEAD
<<<<<<< HEAD
<<<<<<< HEAD
<<<<<<< HEAD
<<<<<<< HEAD
<<<<<<< HEAD
<<<<<<< HEAD
<<<<<<< HEAD
<<<<<<< HEAD
<<<<<<< HEAD
<<<<<<< HEAD
<<<<<<< HEAD
=======
<<<<<<< HEAD
<<<<<<< HEAD
<<<<<<< HEAD
<<<<<<< HEAD
<<<<<<< HEAD
<<<<<<< HEAD
<<<<<<< HEAD
<<<<<<< HEAD
>>>>>>> pod/metasploit-inject.vcxproj.filters-master_0
      metasploit-payloads (= 1.0.19)
=======
      metasploit-payloads (= 1.0.17)
>>>>>>> 4.11.2_release_pre-rails4
<<<<<<< HEAD
=======
=======
      metasploit-payloads (= 1.0.17)
>>>>>>> chore/MSP-12110/celluloid-supervision-tree
=======
      metasploit-payloads (= 1.0.17)
>>>>>>> chore/MSP-12110/celluloid-supervision-tree
=======
      metasploit-payloads (= 1.0.17)
>>>>>>> chore/MSP-12110/celluloid-supervision-tree
=======
      metasploit-payloads (= 1.0.17)
>>>>>>> 4.11.2_release_pre-rails4
=======
      metasploit-payloads (= 1.0.17)
>>>>>>> msf-complex-payloads
=======
      metasploit-payloads (= 1.0.17)
>>>>>>> msf-complex-payloads
=======
      metasploit-payloads (= 1.0.17)
>>>>>>> payload-generator.rb
=======
      metasploit-payloads (= 1.0.17)
>>>>>>> pod/metasploit-gemfile-
>>>>>>> pod/metasploit-inject.vcxproj.filters-master_0
=======
      metasploit-payloads (= 1.0.17)
>>>>>>> chore/MSP-12110/celluloid-supervision-tree
=======
      metasploit-payloads (= 1.0.17)
>>>>>>> chore/MSP-12110/celluloid-supervision-tree
=======
      metasploit-payloads (= 1.0.17)
>>>>>>> chore/MSP-12110/celluloid-supervision-tree
=======
      metasploit-payloads (= 1.0.17)
>>>>>>> chore/MSP-12110/celluloid-supervision-tree
      metasploit_data_models (= 1.2.9)
=======
      metasploit-payloads (= 1.0.21)
      metasploit_data_models (= 1.2.10)
>>>>>>> rapid7/master
      msgpack
      network_interface (~> 0.0.1)
      nokogiri
<<<<<<< HEAD
<<<<<<< HEAD
<<<<<<< HEAD
<<<<<<< HEAD
<<<<<<< HEAD
<<<<<<< HEAD
      openssl-ccm (= 1.2.1)
=======
>>>>>>> 4.11.2_release_pre-rails4
=======
<<<<<<< HEAD
<<<<<<< HEAD
      metasploit-payloads (= 1.0.21)
      metasploit_data_models (= 1.2.10)
=======
<<<<<<< HEAD
=======
>>>>>>> origin/pod/metasploit-excellent.mp3
=======
>>>>>>> metasploit-api/_index.html
=======
<<<<<<< HEAD
<<<<<<< HEAD
<<<<<<< HEAD
<<<<<<< HEAD
<<<<<<< HEAD
<<<<<<< HEAD
<<<<<<< HEAD
<<<<<<< HEAD
<<<<<<< HEAD
      openssl-ccm (= 1.2.1)
=======
>>>>>>> 4.11.2_release_pre-rails4
=======
>>>>>>> chore/MSP-12110/celluloid-supervision-tree
=======
>>>>>>> chore/MSP-12110/celluloid-supervision-tree
=======
>>>>>>> chore/MSP-12110/celluloid-supervision-tree
=======
>>>>>>> 4.11.2_release_pre-rails4
=======
>>>>>>> msf-complex-payloads
=======
>>>>>>> msf-complex-payloads
=======
>>>>>>> payload-generator.rb
=======
>>>>>>> pod/metasploit-gemfile-
>>>>>>> pod/metasploit-inject.vcxproj.filters-master_0
=======
>>>>>>> chore/MSP-12110/celluloid-supervision-tree
=======
>>>>>>> chore/MSP-12110/celluloid-supervision-tree
=======
>>>>>>> chore/MSP-12110/celluloid-supervision-tree
=======
>>>>>>> chore/MSP-12110/celluloid-supervision-tree
=======
=======
>>>>>>> rapid7/master
      metasploit-payloads (= 1.0.21)
      metasploit_data_models (= 1.2.10)
=======
>>>>>>> pod/metasploit-inject.vcxproj.filters-master_0
>>>>>>> origin/pod/metasploit-framework
=======
>>>>>>> origin/pod/metasploit-windows.rb
      metasploit-payloads (= 1.0.19)
=======
      metasploit-payloads (= 1.0.17)
>>>>>>> 4.11.2_release_pre-rails4
<<<<<<< HEAD
<<<<<<< HEAD
=======
<<<<<<< HEAD
=======
>>>>>>> origin/pod/metasploit-framework
=======
>>>>>>> origin/pod/metasploit-windows.rb
=======
      metasploit-payloads (= 1.0.17)
>>>>>>> chore/MSP-12110/celluloid-supervision-tree
=======
      metasploit-payloads (= 1.0.17)
>>>>>>> chore/MSP-12110/celluloid-supervision-tree
=======
      metasploit-payloads (= 1.0.17)
>>>>>>> chore/MSP-12110/celluloid-supervision-tree
=======
      metasploit-payloads (= 1.0.17)
>>>>>>> 4.11.2_release_pre-rails4
<<<<<<< HEAD
<<<<<<< HEAD
<<<<<<< HEAD
=======
>>>>>>> origin/pod/metasploit-framework
=======
=======
      metasploit-payloads (= 1.0.17)
>>>>>>> msf-complex-payloads
>>>>>>> origin/pod/metasploit-windows.rb
=======
      metasploit-payloads (= 1.0.17)
>>>>>>> msf-complex-payloads
=======
<<<<<<< HEAD
<<<<<<< HEAD
>>>>>>> origin/pod/metasploit-excellent.mp3
=======
      metasploit-payloads (= 1.0.17)
>>>>>>> payload-generator.rb
>>>>>>> origin/pod/metasploit-windows.rb
      metasploit_data_models (= 1.2.9)
>>>>>>> origin/pod/metasploit-api/_index.html
>>>>>>> metasploit-api/_index.html
=======
      metasploit-payloads (= 1.0.21)
      metasploit_data_models (= 1.2.10)
>>>>>>> rapid7/master
=======
      metasploit-payloads (= 1.0.21)
      metasploit_data_models (= 1.2.10)
>>>>>>> rapid7/master
=======
      metasploit-payloads (= 1.0.21)
      metasploit_data_models (= 1.2.10)
>>>>>>> rapid7/master
      msgpack
      network_interface (~> 0.0.1)
      nokogiri
<<<<<<< HEAD
<<<<<<< HEAD
<<<<<<< HEAD
<<<<<<< HEAD
<<<<<<< HEAD
<<<<<<< HEAD
<<<<<<< HEAD
<<<<<<< HEAD
      openssl-ccm (= 1.2.1)
<<<<<<< HEAD
>>>>>>> master
      packetfu (= 1.1.11)
      pcaprub
      pg (>= 0.11)
      railties
      rb-readline-r7
      recog (= 2.0.14)
      robots
      rubyzip (~> 1.1)
      sqlite3
      tzinfo
=======
=======
>>>>>>> metasploit-api/_index.html
<<<<<<< HEAD
<<<<<<< HEAD
<<<<<<< HEAD
<<<<<<< HEAD
=======
<<<<<<< HEAD
=======
<<<<<<< HEAD
<<<<<<< HEAD
<<<<<<< HEAD
<<<<<<< HEAD
<<<<<<< HEAD
<<<<<<< HEAD
<<<<<<< HEAD
<<<<<<< HEAD
<<<<<<< HEAD
<<<<<<< HEAD
=======
<<<<<<< HEAD
=======
<<<<<<< HEAD
=======
>>>>>>> chore/MSP-12110/celluloid-supervision-tree
<<<<<<< HEAD
<<<<<<< HEAD
=======
<<<<<<< HEAD
=======
<<<<<<< HEAD
>>>>>>> chore/MSP-12110/celluloid-supervision-tree
=======
>>>>>>> chore/MSP-12110/celluloid-supervision-tree
=======
<<<<<<< HEAD
=======
<<<<<<< HEAD
=======
>>>>>>> chore/MSP-12110/celluloid-supervision-tree
=======
>>>>>>> 4.11.2_release_pre-rails4
=======
=======
>>>>>>> pod/metasploit-inject.vcxproj.filters-master_0
<<<<<<< HEAD
<<<<<<< HEAD
=======
=======
<<<<<<< HEAD
>>>>>>> master
=======
>>>>>>> master
=======
<<<<<<< HEAD
<<<<<<< HEAD
=======
=======
>>>>>>> master
=======
=======
>>>>>>> master
=======
=======
>>>>>>> master
>>>>>>> pod/metasploit-gemfile-
=======
=======
>>>>>>> master
=======
=======
>>>>>>> master
<<<<<<< HEAD
>>>>>>> payload-generator.rb
=======
>>>>>>> pod/metasploit-gemfile-
>>>>>>> pod/metasploit-inject.vcxproj.filters-master_0
=======
<<<<<<< HEAD
=======
>>>>>>> chore/MSP-12110/celluloid-supervision-tree
<<<<<<< HEAD
=======
<<<<<<< HEAD
=======
<<<<<<< HEAD
>>>>>>> chore/MSP-12110/celluloid-supervision-tree
=======
>>>>>>> chore/MSP-12110/celluloid-supervision-tree
=======
<<<<<<< HEAD
>>>>>>> chore/MSP-12110/celluloid-supervision-tree
=======
>>>>>>> chore/MSP-12110/celluloid-supervision-tree
    metasploit-framework-db (4.11.0.pre.dev)
      activerecord (>= 3.2.21, < 4.0.0)
      metasploit-credential (= 0.14.8)
      metasploit-framework (= 4.11.0.pre.dev)
      metasploit_data_models (= 0.24.5)
      pg (>= 0.11)
    metasploit-framework-pcap (4.11.0.pre.dev)
      metasploit-framework (= 4.11.0.pre.dev)
      network_interface (~> 0.0.1)
      pcaprub
<<<<<<< HEAD
<<<<<<< HEAD
<<<<<<< HEAD
<<<<<<< HEAD
<<<<<<< HEAD
<<<<<<< HEAD
<<<<<<< HEAD
=======
>>>>>>> rapid7/master
=======
>>>>>>> origin/4.11.2_release_pre-rails4
>>>>>>> master
>>>>>>> 4.11.2_release_pre-rails4
=======
>>>>>>> origin/4.11.2_release_pre-rails4
>>>>>>> master
=======
=======
>>>>>>> origin/4.11.2_release_pre-rails4
>>>>>>> pod/metasploit-gemfile-
<<<<<<< HEAD
<<<<<<< HEAD
<<<<<<< HEAD
<<<<<<< HEAD
<<<<<<< HEAD
<<<<<<< HEAD
=======
>>>>>>> rapid7/master
>>>>>>> 4.11.2_release_pre-rails4
=======
=======
>>>>>>> chore/MSP-12110/celluloid-supervision-tree
=======
>>>>>>> chore/MSP-12110/celluloid-supervision-tree
=======
>>>>>>> chore/MSP-12110/celluloid-supervision-tree
>>>>>>> origin/4.11.2_release_pre-rails4
>>>>>>> master
=======
=======
>>>>>>> chore/MSP-12110/celluloid-supervision-tree
>>>>>>> origin/4.11.2_release_pre-rails4
>>>>>>> master
=======
>>>>>>> rapid7/master
<<<<<<< HEAD
>>>>>>> chore/MSP-12110/celluloid-supervision-tree
=======
>>>>>>> chore/MSP-12110/celluloid-supervision-tree
=======
>>>>>>> rapid7/master
=======
>>>>>>> rapid7/master
<<<<<<< HEAD
<<<<<<< HEAD
=======
>>>>>>> rapid7/master
<<<<<<< HEAD
<<<<<<< HEAD
<<<<<<< HEAD
>>>>>>> chore/MSP-12110/celluloid-supervision-tree
=======
>>>>>>> chore/MSP-12110/celluloid-supervision-tree
=======
>>>>>>> chore/MSP-12110/celluloid-supervision-tree
=======
=======
>>>>>>> rapid7/master
>>>>>>> 4.11.2_release_pre-rails4
=======
>>>>>>> msf-complex-payloads
=======
>>>>>>> msf-complex-payloads
=======
>>>>>>> origin/4.11.2_release_pre-rails4
<<<<<<< HEAD
<<<<<<< HEAD
=======
>>>>>>> master
=======
>>>>>>> master
=======
>>>>>>> rapid7/master
=======
>>>>>>> pod/metasploit-gemfile-
>>>>>>> master
=======
>>>>>>> master
=======
<<<<<<< HEAD
>>>>>>> rapid7/master
=======
>>>>>>> master
>>>>>>> payload-generator.rb
=======
>>>>>>> master
=======
>>>>>>> master
>>>>>>> pod/metasploit-gemfile-
>>>>>>> pod/metasploit-inject.vcxproj.filters-master_0
=======
>>>>>>> chore/MSP-12110/celluloid-supervision-tree
=======
>>>>>>> chore/MSP-12110/celluloid-supervision-tree
=======
>>>>>>> chore/MSP-12110/celluloid-supervision-tree
=======
>>>>>>> origin/4.11.2_release_pre-rails4
>>>>>>> master
=======
>>>>>>> rapid7/master
=======
>>>>>>> rapid7/master
=======
>>>>>>> rapid7/master
>>>>>>> chore/MSP-12110/celluloid-supervision-tree

GEM
  remote: https://rubygems.org/
  specs:
    actionmailer (4.0.13)
      actionpack (= 4.0.13)
      mail (~> 2.5, >= 2.5.4)
    actionpack (4.0.13)
      activesupport (= 4.0.13)
      builder (~> 3.1.0)
      erubis (~> 2.7.0)
      rack (~> 1.5.2)
      rack-test (~> 0.6.2)
    activemodel (4.0.13)
      activesupport (= 4.0.13)
      builder (~> 3.1.0)
    activerecord (4.0.13)
      activemodel (= 4.0.13)
      activerecord-deprecated_finders (~> 1.0.2)
      activesupport (= 4.0.13)
      arel (~> 4.0.0)
    activerecord-deprecated_finders (1.0.4)
    activesupport (4.0.13)
      i18n (~> 0.6, >= 0.6.9)
      minitest (~> 4.2)
      multi_json (~> 1.3)
      thread_safe (~> 0.1)
      tzinfo (~> 0.3.37)
    arel (4.0.2)
    arel-helpers (2.1.0)
      activerecord (>= 3.1.0, < 5)
    aruba (0.6.2)
      childprocess (>= 0.3.6)
      cucumber (>= 1.1.1)
      rspec-expectations (>= 2.7.0)
    bcrypt (3.1.10)
<<<<<<< HEAD
<<<<<<< HEAD
<<<<<<< HEAD
<<<<<<< HEAD
<<<<<<< HEAD
<<<<<<< HEAD
<<<<<<< HEAD
<<<<<<< HEAD
<<<<<<< HEAD
<<<<<<< HEAD
<<<<<<< HEAD
<<<<<<< HEAD
    builder (3.1.4)
    capybara (2.4.4)
=======
<<<<<<< HEAD
=======
>>>>>>> chore/MSP-12110/celluloid-supervision-tree
<<<<<<< HEAD
=======
>>>>>>> chore/MSP-12110/celluloid-supervision-tree
<<<<<<< HEAD
<<<<<<< HEAD
<<<<<<< HEAD
<<<<<<< HEAD
<<<<<<< HEAD
<<<<<<< HEAD
=======
>>>>>>> chore/MSP-12110/celluloid-supervision-tree
=======
>>>>>>> chore/MSP-12110/celluloid-supervision-tree
=======
>>>>>>> chore/MSP-12110/celluloid-supervision-tree
=======
>>>>>>> chore/MSP-12110/celluloid-supervision-tree
    builder (3.0.4)
    capybara (2.4.1)
=======
    builder (3.1.4)
    capybara (2.4.4)
>>>>>>> rapid7/master
=======
    builder (3.1.4)
    capybara (2.4.4)
>>>>>>> rapid7/master
=======
    builder (3.1.4)
    capybara (2.4.4)
>>>>>>> rapid7/master
=======
    builder (3.1.4)
    capybara (2.4.4)
>>>>>>> rapid7/master
=======
    builder (3.1.4)
    capybara (2.4.4)
>>>>>>> master
=======
    builder (3.1.4)
    capybara (2.4.4)
>>>>>>> rapid7/master
=======
    builder (3.1.4)
    capybara (2.4.4)
>>>>>>> rapid7/master
=======
    builder (3.1.4)
    capybara (2.4.4)
>>>>>>> rapid7/master
<<<<<<< HEAD
<<<<<<< HEAD
<<<<<<< HEAD
<<<<<<< HEAD
<<<<<<< HEAD
<<<<<<< HEAD
>>>>>>> chore/MSP-12110/celluloid-supervision-tree
=======
>>>>>>> chore/MSP-12110/celluloid-supervision-tree
=======
>>>>>>> chore/MSP-12110/celluloid-supervision-tree
=======
    builder (3.1.4)
    capybara (2.4.4)
>>>>>>> 4.11.2_release_pre-rails4
=======
    builder (3.1.4)
    capybara (2.4.4)
>>>>>>> msf-complex-payloads
=======
    builder (3.1.4)
    capybara (2.4.4)
>>>>>>> msf-complex-payloads
=======
    builder (3.1.4)
    capybara (2.4.4)
>>>>>>> payload-generator.rb
=======
    builder (3.1.4)
    capybara (2.4.4)
>>>>>>> pod/metasploit-gemfile-
=======
>>>>>>> chore/MSP-12110/celluloid-supervision-tree
=======
>>>>>>> chore/MSP-12110/celluloid-supervision-tree
=======
>>>>>>> chore/MSP-12110/celluloid-supervision-tree
=======
>>>>>>> chore/MSP-12110/celluloid-supervision-tree
      mime-types (>= 1.16)
      nokogiri (>= 1.3.3)
      rack (>= 1.0.0)
      rack-test (>= 0.5.4)
      xpath (~> 2.0)
<<<<<<< HEAD
<<<<<<< HEAD
<<<<<<< HEAD
<<<<<<< HEAD
<<<<<<< HEAD
<<<<<<< HEAD
<<<<<<< HEAD
<<<<<<< HEAD
<<<<<<< HEAD
<<<<<<< HEAD
<<<<<<< HEAD
<<<<<<< HEAD
    childprocess (0.5.5)
=======
<<<<<<< HEAD
=======
>>>>>>> chore/MSP-12110/celluloid-supervision-tree
<<<<<<< HEAD
=======
>>>>>>> chore/MSP-12110/celluloid-supervision-tree
<<<<<<< HEAD
<<<<<<< HEAD
<<<<<<< HEAD
<<<<<<< HEAD
<<<<<<< HEAD
<<<<<<< HEAD
=======
>>>>>>> chore/MSP-12110/celluloid-supervision-tree
=======
>>>>>>> chore/MSP-12110/celluloid-supervision-tree
=======
>>>>>>> chore/MSP-12110/celluloid-supervision-tree
=======
>>>>>>> chore/MSP-12110/celluloid-supervision-tree
    celluloid (0.16.0)
      timers (~> 4.0.0)
    childprocess (0.5.3)
=======
    childprocess (0.5.5)
>>>>>>> rapid7/master
=======
    childprocess (0.5.5)
>>>>>>> rapid7/master
=======
    childprocess (0.5.5)
>>>>>>> rapid7/master
=======
    childprocess (0.5.5)
>>>>>>> rapid7/master
=======
    childprocess (0.5.5)
>>>>>>> master
=======
    childprocess (0.5.5)
>>>>>>> rapid7/master
=======
    childprocess (0.5.5)
>>>>>>> rapid7/master
=======
    childprocess (0.5.5)
>>>>>>> rapid7/master
<<<<<<< HEAD
<<<<<<< HEAD
<<<<<<< HEAD
<<<<<<< HEAD
<<<<<<< HEAD
<<<<<<< HEAD
>>>>>>> chore/MSP-12110/celluloid-supervision-tree
=======
>>>>>>> chore/MSP-12110/celluloid-supervision-tree
=======
>>>>>>> chore/MSP-12110/celluloid-supervision-tree
=======
    childprocess (0.5.5)
>>>>>>> 4.11.2_release_pre-rails4
=======
    childprocess (0.5.5)
>>>>>>> msf-complex-payloads
=======
    childprocess (0.5.5)
>>>>>>> msf-complex-payloads
=======
    childprocess (0.5.5)
>>>>>>> payload-generator.rb
=======
    childprocess (0.5.5)
>>>>>>> pod/metasploit-gemfile-
=======
>>>>>>> chore/MSP-12110/celluloid-supervision-tree
=======
>>>>>>> chore/MSP-12110/celluloid-supervision-tree
=======
>>>>>>> chore/MSP-12110/celluloid-supervision-tree
=======
>>>>>>> chore/MSP-12110/celluloid-supervision-tree
      ffi (~> 1.0, >= 1.0.11)
    coderay (1.1.0)
    cucumber (1.3.19)
      builder (>= 2.1.2)
      diff-lcs (>= 1.1.3)
      gherkin (~> 2.12)
      multi_json (>= 1.7.5, < 2.0)
      multi_test (>= 0.1.2)
    cucumber-rails (1.4.2)
      capybara (>= 1.1.2, < 3)
      cucumber (>= 1.3.8, < 2)
      mime-types (>= 1.16, < 3)
      nokogiri (~> 1.5)
      rails (>= 3, < 5)
    diff-lcs (1.2.5)
    docile (1.1.5)
    erubis (2.7.0)
    factory_girl (4.5.0)
      activesupport (>= 3.0.0)
    factory_girl_rails (4.5.0)
      factory_girl (~> 4.5.0)
      railties (>= 3.0.0)
    ffi (1.9.8)
    filesize (0.1.1)
    fivemat (1.3.2)
    gherkin (2.12.2)
      multi_json (~> 1.3)
    hike (1.2.3)
<<<<<<< HEAD
<<<<<<< HEAD
<<<<<<< HEAD
<<<<<<< HEAD
<<<<<<< HEAD
<<<<<<< HEAD
<<<<<<< HEAD
<<<<<<< HEAD
=======
>>>>>>> chore/MSP-12110/celluloid-supervision-tree
=======
>>>>>>> chore/MSP-12110/celluloid-supervision-tree
=======
>>>>>>> chore/MSP-12110/celluloid-supervision-tree
=======
>>>>>>> chore/MSP-12110/celluloid-supervision-tree
    hitimes (1.2.2)
    i18n (0.7.0)
    jsobfu (0.3.0)
      rkelly-remix (= 0.0.6)
<<<<<<< HEAD
<<<<<<< HEAD
<<<<<<< HEAD
<<<<<<< HEAD
<<<<<<< HEAD
<<<<<<< HEAD
<<<<<<< HEAD
<<<<<<< HEAD
<<<<<<< HEAD
=======
<<<<<<< HEAD
=======
<<<<<<< HEAD
=======
>>>>>>> chore/MSP-12110/celluloid-supervision-tree
<<<<<<< HEAD
=======
>>>>>>> chore/MSP-12110/celluloid-supervision-tree
<<<<<<< HEAD
=======
>>>>>>> chore/MSP-12110/celluloid-supervision-tree
=======
>>>>>>> chore/MSP-12110/celluloid-supervision-tree
=======
>>>>>>> chore/MSP-12110/celluloid-supervision-tree
=======
>>>>>>> chore/MSP-12110/celluloid-supervision-tree
=======
<<<<<<< HEAD
>>>>>>> master
=======
>>>>>>> rapid7/master
=======
>>>>>>> rapid7/master
=======
>>>>>>> rapid7/master
<<<<<<< HEAD
<<<<<<< HEAD
<<<<<<< HEAD
<<<<<<< HEAD
=======
    i18n (0.7.0)
    jsobfu (0.3.0)
      rkelly-remix (= 0.0.6)
<<<<<<< HEAD
<<<<<<< HEAD
<<<<<<< HEAD
=======
<<<<<<< HEAD
<<<<<<< HEAD
=======
>>>>>>> 4.11.2_release_pre-rails4
=======
>>>>>>> master
=======
>>>>>>> chore/MSP-12110/celluloid-supervision-tree
=======
>>>>>>> chore/MSP-12110/celluloid-supervision-tree
=======
>>>>>>> chore/MSP-12110/celluloid-supervision-tree
=======
>>>>>>> chore/MSP-12110/celluloid-supervision-tree
    json (1.8.3)
    mail (2.6.3)
      mime-types (>= 1.16, < 3)
    metasm (1.0.2)
    metasploit-concern (1.0.0)
      activerecord (>= 4.0.9, < 4.1.0)
      activesupport (>= 4.0.9, < 4.1.0)
      railties (>= 4.0.9, < 4.1.0)
    metasploit-credential (1.0.1)
      metasploit-concern (~> 1.0)
      metasploit-model (~> 1.0)
      metasploit_data_models (~> 1.0)
<<<<<<< HEAD
<<<<<<< HEAD
<<<<<<< HEAD
<<<<<<< HEAD
=======
=======
<<<<<<< HEAD
<<<<<<< HEAD
>>>>>>> master
=======
=======
>>>>>>> master
=======
<<<<<<< HEAD
<<<<<<< HEAD
=======
=======
>>>>>>> chore/MSP-12110/celluloid-supervision-tree
=======
<<<<<<< HEAD
=======
=======
>>>>>>> chore/MSP-12110/celluloid-supervision-tree
=======
>>>>>>> chore/MSP-12110/celluloid-supervision-tree
=======
>>>>>>> chore/MSP-12110/celluloid-supervision-tree
=======
>>>>>>> origin/msf-complex-payloads
      metasploit-payloads (= 1.0.17)
      metasploit_data_models (= 1.2.9)
      msgpack
      network_interface (~> 0.0.1)
      nokogiri
<<<<<<< HEAD
>>>>>>> origin/4.11.2_release_pre-rails4
=======
=======
>>>>>>> origin/msf-complex-payloads
=======
>>>>>>> origin/payload-generator.rb
      metasploit-payloads (= 1.0.17)
=======
      metasploit-payloads (= 1.0.17)
>>>>>>> msf-complex-payloads
=======
      metasploit-payloads (= 1.0.17)
>>>>>>> payload-generator.rb
=======
      metasploit-payloads (= 1.0.17)
>>>>>>> pod/metasploit-gemfile-
>>>>>>> pod/metasploit-inject.vcxproj.filters-master_0
=======
      metasploit-payloads (= 1.0.17)
>>>>>>> chore/MSP-12110/celluloid-supervision-tree
=======
      metasploit-payloads (= 1.0.17)
>>>>>>> chore/MSP-12110/celluloid-supervision-tree
=======
      metasploit-payloads (= 1.0.17)
>>>>>>> chore/MSP-12110/celluloid-supervision-tree
>>>>>>> origin/pod/metasploit-framework
      metasploit_data_models (= 1.2.9)
      msgpack
      network_interface (~> 0.0.1)
      nokogiri
<<<<<<< HEAD
<<<<<<< HEAD
<<<<<<< HEAD
>>>>>>> origin/chore/MSP-12110/celluloid-supervision-tree
=======
>>>>>>> origin/msf-complex-payloads
=======
>>>>>>> origin/msf-complex-payloads
=======
>>>>>>> origin/payload-generator.rb
=======
=======
      openssl-ccm (= 1.2.1)
=======
>>>>>>> origin/pod/metasploit-excellent.mp3
=======
<<<<<<< HEAD
<<<<<<< HEAD
<<<<<<< HEAD
      openssl-ccm (= 1.2.1)
=======
>>>>>>> 4.11.2_release_pre-rails4
=======
<<<<<<< HEAD
<<<<<<< HEAD
<<<<<<< HEAD
<<<<<<< HEAD
<<<<<<< HEAD
<<<<<<< HEAD
<<<<<<< HEAD
<<<<<<< HEAD
      openssl-ccm (= 1.2.1)
=======
>>>>>>> origin/pod/metasploit-framework
=======
<<<<<<< HEAD
      openssl-ccm (= 1.2.1)
=======
>>>>>>> origin/pod/metasploit-windows.rb
>>>>>>> 4.11.2_release_pre-rails4
=======
>>>>>>> chore/MSP-12110/celluloid-supervision-tree
=======
>>>>>>> chore/MSP-12110/celluloid-supervision-tree
=======
>>>>>>> chore/MSP-12110/celluloid-supervision-tree
=======
>>>>>>> 4.11.2_release_pre-rails4
<<<<<<< HEAD
<<<<<<< HEAD
<<<<<<< HEAD
=======
>>>>>>> msf-complex-payloads
>>>>>>> origin/pod/metasploit-api/_index.html
=======
>>>>>>> origin/pod/metasploit-excellent.mp3
=======
=======
>>>>>>> origin/pod/metasploit-windows.rb
=======
>>>>>>> msf-complex-payloads
=======
>>>>>>> msf-complex-payloads
=======
>>>>>>> payload-generator.rb
<<<<<<< HEAD
=======
>>>>>>> pod/metasploit-gemfile-
>>>>>>> pod/metasploit-inject.vcxproj.filters-master_0
=======
>>>>>>> chore/MSP-12110/celluloid-supervision-tree
=======
>>>>>>> chore/MSP-12110/celluloid-supervision-tree
=======
>>>>>>> chore/MSP-12110/celluloid-supervision-tree
>>>>>>> origin/pod/metasploit-framework
=======
      metasploit-payloads (= 1.0.17)
=======
      metasploit-payloads (= 1.0.19)
>>>>>>> rapid7/master
=======
      metasploit-payloads (= 1.0.17)
>>>>>>> origin/pod/metasploit-gemfile-
      metasploit_data_models (= 1.2.9)
=======
      metasploit-concern (~> 1.0.0)
      metasploit-credential (~> 1.0.1)
      metasploit-model (~> 1.0.0)
      metasploit-payloads (= 1.0.17)
      metasploit_data_models (~> 1.2.9)
>>>>>>> rapid7/twiddle-wakka-metasploit-deps
      msgpack
      network_interface (~> 0.0.1)
      nokogiri
<<<<<<< HEAD
<<<<<<< HEAD
=======
      openssl-ccm (= 1.2.1)
>>>>>>> rapid7/master
>>>>>>> origin/pod/metasploit-serialized_class_loader
=======
>>>>>>> origin/pod/metasploit-gemfile-
=======
>>>>>>> origin/pod/metasploit-windows.rb
      packetfu (= 1.1.11)
      pcaprub
      pg (>= 0.11)
      railties
      rb-readline-r7
      recog (= 2.0.14)
      robots
      rubyzip (~> 1.1)
<<<<<<< HEAD
<<<<<<< HEAD
<<<<<<< HEAD
      sqlite3
      tzinfo
<<<<<<< HEAD
<<<<<<< HEAD
<<<<<<< HEAD
<<<<<<< HEAD
<<<<<<< HEAD
<<<<<<< HEAD
<<<<<<< HEAD
<<<<<<< HEAD
<<<<<<< HEAD
<<<<<<< HEAD
<<<<<<< HEAD
=======
=======
=======
<<<<<<< HEAD
=======
<<<<<<< HEAD
<<<<<<< HEAD
<<<<<<< HEAD
<<<<<<< HEAD
<<<<<<< HEAD
<<<<<<< HEAD
<<<<<<< HEAD
<<<<<<< HEAD
>>>>>>> origin/pod/metasploit-framework
<<<<<<< HEAD
=======
>>>>>>> origin/pod/metasploit-windows.rb
=======
<<<<<<< HEAD
=======
<<<<<<< HEAD
=======
<<<<<<< HEAD
>>>>>>> master
>>>>>>> origin/4.11.2_release_pre-rails4
=======
>>>>>>> origin/payload-generator.rb
=======
=======
>>>>>>> origin/pod/metasploit-excellent.mp3
=======
<<<<<<< HEAD
=======
=======
>>>>>>> origin/pod/metasploit-windows.rb
>>>>>>> chore/MSP-12110/celluloid-supervision-tree
<<<<<<< HEAD
<<<<<<< HEAD
=======
<<<<<<< HEAD
=======
<<<<<<< HEAD
>>>>>>> chore/MSP-12110/celluloid-supervision-tree
=======
>>>>>>> chore/MSP-12110/celluloid-supervision-tree
<<<<<<< HEAD
>>>>>>> origin/pod/metasploit-framework
=======
>>>>>>> origin/pod/metasploit-windows.rb
=======
<<<<<<< HEAD
=======
<<<<<<< HEAD
=======
>>>>>>> chore/MSP-12110/celluloid-supervision-tree
<<<<<<< HEAD
<<<<<<< HEAD
<<<<<<< HEAD
>>>>>>> origin/pod/metasploit-api/_index.html
=======
>>>>>>> origin/pod/metasploit-excellent.mp3
<<<<<<< HEAD
<<<<<<< HEAD
=======
<<<<<<< HEAD
<<<<<<< HEAD
<<<<<<< HEAD
<<<<<<< HEAD
=======
>>>>>>> origin/chore/MSP-12110/celluloid-supervision-tree
=======
=======
>>>>>>> master
>>>>>>> origin/payload-generator.rb
=======
=======
>>>>>>> origin/pod/metasploit-excellent.mp3
=======
<<<<<<< HEAD
>>>>>>> chore/MSP-12110/celluloid-supervision-tree
=======
>>>>>>> chore/MSP-12110/celluloid-supervision-tree
=======
<<<<<<< HEAD
=======
<<<<<<< HEAD
=======
>>>>>>> chore/MSP-12110/celluloid-supervision-tree
=======
>>>>>>> 4.11.2_release_pre-rails4
<<<<<<< HEAD
>>>>>>> origin/pod/metasploit-api/_index.html
=======
>>>>>>> origin/pod/metasploit-excellent.mp3
=======
=======
>>>>>>> origin/pod/metasploit-windows.rb
=======
>>>>>>> 4.11.2_release_pre-rails4
=======
=======
<<<<<<< HEAD
>>>>>>> pod/metasploit-inject.vcxproj.filters-master_0
=======
>>>>>>> origin/pod/metasploit-windows.rb
<<<<<<< HEAD
<<<<<<< HEAD
=======
=======
<<<<<<< HEAD
<<<<<<< HEAD
>>>>>>> master
=======
>>>>>>> master
=======
<<<<<<< HEAD
<<<<<<< HEAD
=======
=======
=======
<<<<<<< HEAD
<<<<<<< HEAD
=======
=======
<<<<<<< HEAD
<<<<<<< HEAD
=======
=======
>>>>>>> master
=======
=======
>>>>>>> master
>>>>>>> origin/pod/metasploit-gemfile-
=======
=======
>>>>>>> master
=======
<<<<<<< HEAD
>>>>>>> origin/pod/metasploit-serialized_class_loader
=======
>>>>>>> origin/pod/metasploit-gemfile-
=======
>>>>>>> master
=======
=======
>>>>>>> master
<<<<<<< HEAD
=======
=======
>>>>>>> master
<<<<<<< HEAD
>>>>>>> pod/metasploit-gemfile-
=======
=======
>>>>>>> master
=======
=======
>>>>>>> master
<<<<<<< HEAD
>>>>>>> payload-generator.rb
=======
>>>>>>> pod/metasploit-gemfile-
>>>>>>> pod/metasploit-inject.vcxproj.filters-master_0
=======
<<<<<<< HEAD
=======
>>>>>>> chore/MSP-12110/celluloid-supervision-tree
<<<<<<< HEAD
=======
<<<<<<< HEAD
=======
<<<<<<< HEAD
>>>>>>> chore/MSP-12110/celluloid-supervision-tree
=======
>>>>>>> chore/MSP-12110/celluloid-supervision-tree
=======
>>>>>>> chore/MSP-12110/celluloid-supervision-tree
>>>>>>> origin/pod/metasploit-framework
=======
=======
=======
>>>>>>> master
>>>>>>> origin/pod/metasploit-serialized_class_loader
=======
>>>>>>> origin/pod/metasploit-gemfile-
=======
>>>>>>> master
=======
=======
>>>>>>> master
>>>>>>> payload-generator.rb
>>>>>>> origin/pod/metasploit-windows.rb
    metasploit-framework-db (4.11.0.pre.dev)
      activerecord (>= 3.2.21, < 4.0.0)
      metasploit-credential (= 0.14.8)
      metasploit-framework (= 4.11.0.pre.dev)
      metasploit_data_models (= 0.24.5)
      pg (>= 0.11)
    metasploit-framework-pcap (4.11.0.pre.dev)
      metasploit-framework (= 4.11.0.pre.dev)
      network_interface (~> 0.0.1)
      pcaprub
<<<<<<< HEAD
<<<<<<< HEAD
<<<<<<< HEAD
<<<<<<< HEAD
<<<<<<< HEAD
<<<<<<< HEAD
<<<<<<< HEAD
<<<<<<< HEAD
<<<<<<< HEAD
>>>>>>> origin/4.11.2_release_pre-rails4
=======
<<<<<<< HEAD
=======
>>>>>>> rapid7/master
=======
>>>>>>> origin/4.11.2_release_pre-rails4
>>>>>>> master
>>>>>>> origin/4.11.2_release_pre-rails4
=======
=======
<<<<<<< HEAD
=======
>>>>>>> origin/pod/metasploit-excellent.mp3
=======
>>>>>>> rapid7/master
>>>>>>> 4.11.2_release_pre-rails4
=======
=======
>>>>>>> chore/MSP-12110/celluloid-supervision-tree
=======
>>>>>>> chore/MSP-12110/celluloid-supervision-tree
<<<<<<< HEAD
>>>>>>> origin/pod/metasploit-api/_index.html
=======
>>>>>>> origin/pod/metasploit-excellent.mp3
>>>>>>> origin/4.11.2_release_pre-rails4
>>>>>>> master
=======
>>>>>>> rapid7/master
=======
>>>>>>> rapid7/master
=======
>>>>>>> rapid7/master
<<<<<<< HEAD
<<<<<<< HEAD
>>>>>>> origin/chore/MSP-12110/celluloid-supervision-tree
=======
>>>>>>> origin/msf-complex-payloads
=======
>>>>>>> origin/msf-complex-payloads
=======
>>>>>>> origin/4.11.2_release_pre-rails4
<<<<<<< HEAD
=======
>>>>>>> origin/4.11.2_release_pre-rails4
<<<<<<< HEAD
<<<<<<< HEAD
<<<<<<< HEAD
<<<<<<< HEAD
<<<<<<< HEAD
>>>>>>> origin/pod/metasploit-gemfile-
>>>>>>> master
=======
>>>>>>> master
=======
>>>>>>> rapid7/master
<<<<<<< HEAD
>>>>>>> origin/payload-generator.rb
=======
<<<<<<< HEAD
=======
>>>>>>> origin/pod/metasploit-excellent.mp3
=======
<<<<<<< HEAD
=======
>>>>>>> rapid7/master
=======
>>>>>>> origin/4.11.2_release_pre-rails4
>>>>>>> master
>>>>>>> 4.11.2_release_pre-rails4
=======
>>>>>>> origin/4.11.2_release_pre-rails4
>>>>>>> master
=======
=======
>>>>>>> origin/4.11.2_release_pre-rails4
>>>>>>> pod/metasploit-gemfile-
<<<<<<< HEAD
=======
>>>>>>> origin/4.11.2_release_pre-rails4
>>>>>>> origin/pod/metasploit-serialized_class_loader
<<<<<<< HEAD
<<<<<<< HEAD
<<<<<<< HEAD
<<<<<<< HEAD
<<<<<<< HEAD
<<<<<<< HEAD
=======
>>>>>>> origin/pod/metasploit-windows.rb
=======
>>>>>>> rapid7/master
>>>>>>> 4.11.2_release_pre-rails4
=======
=======
>>>>>>> chore/MSP-12110/celluloid-supervision-tree
=======
>>>>>>> chore/MSP-12110/celluloid-supervision-tree
<<<<<<< HEAD
=======
>>>>>>> chore/MSP-12110/celluloid-supervision-tree
>>>>>>> origin/4.11.2_release_pre-rails4
>>>>>>> master
=======
=======
>>>>>>> chore/MSP-12110/celluloid-supervision-tree
=======
>>>>>>> origin/pod/metasploit-windows.rb
>>>>>>> origin/4.11.2_release_pre-rails4
>>>>>>> master
=======
>>>>>>> rapid7/master
<<<<<<< HEAD
<<<<<<< HEAD
>>>>>>> chore/MSP-12110/celluloid-supervision-tree
=======
>>>>>>> chore/MSP-12110/celluloid-supervision-tree
=======
>>>>>>> rapid7/master
=======
>>>>>>> rapid7/master
<<<<<<< HEAD
<<<<<<< HEAD
=======
=======
>>>>>>> rapid7/master
>>>>>>> origin/pod/metasploit-windows.rb
=======
>>>>>>> rapid7/master
<<<<<<< HEAD
<<<<<<< HEAD
<<<<<<< HEAD
>>>>>>> origin/pod/metasploit-framework
<<<<<<< HEAD
=======
>>>>>>> origin/pod/metasploit-windows.rb
>>>>>>> chore/MSP-12110/celluloid-supervision-tree
=======
>>>>>>> chore/MSP-12110/celluloid-supervision-tree
=======
>>>>>>> chore/MSP-12110/celluloid-supervision-tree
=======
=======
>>>>>>> rapid7/master
>>>>>>> 4.11.2_release_pre-rails4
<<<<<<< HEAD
<<<<<<< HEAD
<<<<<<< HEAD
=======
>>>>>>> msf-complex-payloads
>>>>>>> origin/pod/metasploit-api/_index.html
=======
>>>>>>> origin/pod/metasploit-excellent.mp3
=======
=======
>>>>>>> origin/pod/metasploit-windows.rb
=======
>>>>>>> msf-complex-payloads
=======
>>>>>>> msf-complex-payloads
=======
>>>>>>> origin/4.11.2_release_pre-rails4
<<<<<<< HEAD
<<<<<<< HEAD
<<<<<<< HEAD
=======
>>>>>>> master
=======
>>>>>>> master
=======
>>>>>>> rapid7/master
>>>>>>> origin/pod/metasploit-serialized_class_loader
=======
>>>>>>> master
=======
>>>>>>> master
=======
<<<<<<< HEAD
>>>>>>> rapid7/master
=======
>>>>>>> pod/metasploit-gemfile-
=======
>>>>>>> origin/pod/metasploit-serialized_class_loader
=======
>>>>>>> origin/pod/metasploit-windows.rb
>>>>>>> master
=======
>>>>>>> master
=======
<<<<<<< HEAD
<<<<<<< HEAD
<<<<<<< HEAD
=======
>>>>>>> origin/pod/metasploit-windows.rb
>>>>>>> rapid7/master
=======
>>>>>>> master
>>>>>>> payload-generator.rb
<<<<<<< HEAD
=======
>>>>>>> master
=======
>>>>>>> master
>>>>>>> pod/metasploit-gemfile-
>>>>>>> pod/metasploit-inject.vcxproj.filters-master_0
=======
>>>>>>> chore/MSP-12110/celluloid-supervision-tree
=======
>>>>>>> chore/MSP-12110/celluloid-supervision-tree
=======
>>>>>>> chore/MSP-12110/celluloid-supervision-tree
>>>>>>> origin/pod/metasploit-framework
=======
>>>>>>> rapid7/master
>>>>>>> origin/pod/metasploit-serialized_class_loader
=======
=======
>>>>>>> master
=======
>>>>>>> master
=======
>>>>>>> master
=======
>>>>>>> master
>>>>>>> origin/pod/metasploit-gemfile-
=======
>>>>>>> origin/pod/metasploit-windows.rb

GEM
  remote: https://rubygems.org/
  specs:
    actionmailer (4.0.13)
      actionpack (= 4.0.13)
      mail (~> 2.5, >= 2.5.4)
    actionpack (4.0.13)
      activesupport (= 4.0.13)
      builder (~> 3.1.0)
      erubis (~> 2.7.0)
      rack (~> 1.5.2)
      rack-test (~> 0.6.2)
    activemodel (4.0.13)
      activesupport (= 4.0.13)
      builder (~> 3.1.0)
    activerecord (4.0.13)
      activemodel (= 4.0.13)
      activerecord-deprecated_finders (~> 1.0.2)
      activesupport (= 4.0.13)
      arel (~> 4.0.0)
    activerecord-deprecated_finders (1.0.4)
    activesupport (4.0.13)
      i18n (~> 0.6, >= 0.6.9)
      minitest (~> 4.2)
      multi_json (~> 1.3)
      thread_safe (~> 0.1)
      tzinfo (~> 0.3.37)
    arel (4.0.2)
    arel-helpers (2.1.0)
      activerecord (>= 3.1.0, < 5)
    aruba (0.6.2)
      childprocess (>= 0.3.6)
      cucumber (>= 1.1.1)
      rspec-expectations (>= 2.7.0)
    bcrypt (3.1.10)
<<<<<<< HEAD
<<<<<<< HEAD
<<<<<<< HEAD
<<<<<<< HEAD
<<<<<<< HEAD
<<<<<<< HEAD
<<<<<<< HEAD
<<<<<<< HEAD
<<<<<<< HEAD
<<<<<<< HEAD
=======
<<<<<<< HEAD
>>>>>>> origin/pod/metasploit-api/_index.html
=======
>>>>>>> origin/pod/metasploit-excellent.mp3
    builder (3.1.4)
    capybara (2.4.4)
=======
=======
<<<<<<< HEAD
>>>>>>> origin/pod/metasploit-framework
<<<<<<< HEAD
<<<<<<< HEAD
<<<<<<< HEAD
<<<<<<< HEAD
<<<<<<< HEAD
=======
=======
>>>>>>> origin/pod/metasploit-excellent.mp3
=======
>>>>>>> chore/MSP-12110/celluloid-supervision-tree
=======
    builder (3.1.4)
    capybara (2.4.4)
=======
>>>>>>> origin/pod/metasploit-framework
=======
    builder (3.1.4)
    capybara (2.4.4)
=======
<<<<<<< HEAD
=======
>>>>>>> chore/MSP-12110/celluloid-supervision-tree
>>>>>>> origin/pod/metasploit-windows.rb
<<<<<<< HEAD
=======
>>>>>>> chore/MSP-12110/celluloid-supervision-tree
<<<<<<< HEAD
<<<<<<< HEAD
<<<<<<< HEAD
>>>>>>> origin/pod/metasploit-api/_index.html
=======
>>>>>>> origin/pod/metasploit-excellent.mp3
=======
=======
>>>>>>> chore/MSP-12110/celluloid-supervision-tree
>>>>>>> origin/pod/metasploit-framework
=======
>>>>>>> origin/pod/metasploit-windows.rb
<<<<<<< HEAD
<<<<<<< HEAD
<<<<<<< HEAD
<<<<<<< HEAD
<<<<<<< HEAD
<<<<<<< HEAD
<<<<<<< HEAD
<<<<<<< HEAD
=======
=======
>>>>>>> chore/MSP-12110/celluloid-supervision-tree
=======
>>>>>>> chore/MSP-12110/celluloid-supervision-tree
=======
>>>>>>> chore/MSP-12110/celluloid-supervision-tree
>>>>>>> origin/pod/metasploit-framework
=======
>>>>>>> origin/pod/metasploit-windows.rb
    builder (3.0.4)
    capybara (2.4.1)
=======
    builder (3.1.4)
    capybara (2.4.4)
>>>>>>> rapid7/master
=======
    builder (3.1.4)
    capybara (2.4.4)
>>>>>>> rapid7/master
=======
    builder (3.1.4)
    capybara (2.4.4)
>>>>>>> rapid7/master
=======
    builder (3.1.4)
    capybara (2.4.4)
>>>>>>> rapid7/master
=======
    builder (3.1.4)
    capybara (2.4.4)
>>>>>>> master
=======
<<<<<<< HEAD
    builder (3.1.4)
    capybara (2.4.4)
>>>>>>> rapid7/master
=======
<<<<<<< HEAD
<<<<<<< HEAD
=======
>>>>>>> origin/pod/metasploit-framework
    builder (3.1.4)
    capybara (2.4.4)
>>>>>>> rapid7/master
=======
    builder (3.1.4)
    capybara (2.4.4)
>>>>>>> rapid7/master
<<<<<<< HEAD
<<<<<<< HEAD
>>>>>>> origin/chore/MSP-12110/celluloid-supervision-tree
=======
    builder (3.1.4)
    capybara (2.4.4)
>>>>>>> origin/msf-complex-payloads
=======
    builder (3.1.4)
    capybara (2.4.4)
>>>>>>> origin/msf-complex-payloads
=======
    builder (3.1.4)
    capybara (2.4.4)
>>>>>>> origin/payload-generator.rb
=======
=======
    builder (3.1.4)
    capybara (2.4.4)
>>>>>>> rapid7/master
=======
    builder (3.1.4)
    capybara (2.4.4)
>>>>>>> rapid7/master
>>>>>>> origin/pod/metasploit-excellent.mp3
<<<<<<< HEAD
<<<<<<< HEAD
>>>>>>> chore/MSP-12110/celluloid-supervision-tree
=======
<<<<<<< HEAD
<<<<<<< HEAD
<<<<<<< HEAD
<<<<<<< HEAD
>>>>>>> chore/MSP-12110/celluloid-supervision-tree
=======
>>>>>>> chore/MSP-12110/celluloid-supervision-tree
=======
>>>>>>> chore/MSP-12110/celluloid-supervision-tree
=======
    builder (3.1.4)
    capybara (2.4.4)
>>>>>>> 4.11.2_release_pre-rails4
=======
    builder (3.1.4)
    capybara (2.4.4)
=======
    builder (3.1.4)
    capybara (2.4.4)
>>>>>>> rapid7/master
=======
    builder (3.1.4)
    capybara (2.4.4)
>>>>>>> rapid7/master
=======
    builder (3.1.4)
    capybara (2.4.4)
>>>>>>> rapid7/master
<<<<<<< HEAD
<<<<<<< HEAD
>>>>>>> chore/MSP-12110/celluloid-supervision-tree
=======
>>>>>>> chore/MSP-12110/celluloid-supervision-tree
=======
>>>>>>> chore/MSP-12110/celluloid-supervision-tree
=======
    builder (3.1.4)
    capybara (2.4.4)
>>>>>>> 4.11.2_release_pre-rails4
=======
    builder (3.1.4)
    capybara (2.4.4)
>>>>>>> origin/pod/metasploit-windows.rb
>>>>>>> msf-complex-payloads
=======
    builder (3.1.4)
    capybara (2.4.4)
>>>>>>> msf-complex-payloads
=======
    builder (3.1.4)
    capybara (2.4.4)
>>>>>>> payload-generator.rb
<<<<<<< HEAD
=======
    builder (3.1.4)
    capybara (2.4.4)
>>>>>>> pod/metasploit-gemfile-
>>>>>>> origin/pod/metasploit-framework
=======
>>>>>>> chore/MSP-12110/celluloid-supervision-tree
=======
>>>>>>> chore/MSP-12110/celluloid-supervision-tree
=======
<<<<<<< HEAD
    builder (3.1.4)
    capybara (2.4.4)
>>>>>>> 4.11.2_release_pre-rails4
<<<<<<< HEAD
=======
    builder (3.1.4)
    capybara (2.4.4)
>>>>>>> msf-complex-payloads
>>>>>>> origin/pod/metasploit-api/_index.html
=======
>>>>>>> origin/pod/metasploit-excellent.mp3
=======
>>>>>>> chore/MSP-12110/celluloid-supervision-tree
>>>>>>> origin/pod/metasploit-framework
=======
    builder (3.1.4)
    capybara (2.4.4)
>>>>>>> origin/pod/metasploit-serialized_class_loader
=======
    builder (3.1.4)
    capybara (2.4.4)
>>>>>>> origin/pod/metasploit-gemfile-
=======
>>>>>>> origin/pod/metasploit-windows.rb
      mime-types (>= 1.16)
      nokogiri (>= 1.3.3)
      rack (>= 1.0.0)
      rack-test (>= 0.5.4)
      xpath (~> 2.0)
<<<<<<< HEAD
<<<<<<< HEAD
<<<<<<< HEAD
<<<<<<< HEAD
<<<<<<< HEAD
<<<<<<< HEAD
<<<<<<< HEAD
<<<<<<< HEAD
<<<<<<< HEAD
<<<<<<< HEAD
    childprocess (0.5.5)
=======
<<<<<<< HEAD
<<<<<<< HEAD
=======
<<<<<<< HEAD
=======
>>>>>>> origin/pod/metasploit-excellent.mp3
=======
<<<<<<< HEAD
<<<<<<< HEAD
<<<<<<< HEAD
<<<<<<< HEAD
<<<<<<< HEAD
>>>>>>> origin/pod/metasploit-framework
=======
>>>>>>> origin/pod/metasploit-windows.rb
    childprocess (0.5.5)
=======
<<<<<<< HEAD
=======
>>>>>>> chore/MSP-12110/celluloid-supervision-tree
<<<<<<< HEAD
=======
>>>>>>> chore/MSP-12110/celluloid-supervision-tree
<<<<<<< HEAD
<<<<<<< HEAD
<<<<<<< HEAD
>>>>>>> origin/pod/metasploit-api/_index.html
=======
>>>>>>> origin/pod/metasploit-excellent.mp3
<<<<<<< HEAD
=======
>>>>>>> origin/pod/metasploit-framework
=======
>>>>>>> origin/pod/metasploit-windows.rb
<<<<<<< HEAD
<<<<<<< HEAD
<<<<<<< HEAD
<<<<<<< HEAD
<<<<<<< HEAD
<<<<<<< HEAD
<<<<<<< HEAD
=======
=======
>>>>>>> chore/MSP-12110/celluloid-supervision-tree
=======
>>>>>>> chore/MSP-12110/celluloid-supervision-tree
=======
>>>>>>> chore/MSP-12110/celluloid-supervision-tree
>>>>>>> origin/pod/metasploit-framework
=======
>>>>>>> origin/pod/metasploit-windows.rb
    celluloid (0.16.0)
      timers (~> 4.0.0)
    childprocess (0.5.3)
=======
<<<<<<< HEAD
<<<<<<< HEAD
<<<<<<< HEAD
<<<<<<< HEAD
=======
>>>>>>> origin/pod/metasploit-framework
    childprocess (0.5.5)
>>>>>>> rapid7/master
=======
    childprocess (0.5.5)
>>>>>>> rapid7/master
=======
    childprocess (0.5.5)
>>>>>>> rapid7/master
=======
    childprocess (0.5.5)
>>>>>>> rapid7/master
=======
    childprocess (0.5.5)
<<<<<<< HEAD
=======
=======
>>>>>>> origin/pod/metasploit-excellent.mp3
    childprocess (0.5.5)
>>>>>>> rapid7/master
=======
>>>>>>> master
>>>>>>> origin/pod/metasploit-framework
=======
=======
>>>>>>> origin/pod/metasploit-windows.rb
    childprocess (0.5.5)
>>>>>>> rapid7/master
=======
    childprocess (0.5.5)
>>>>>>> rapid7/master
=======
    childprocess (0.5.5)
>>>>>>> rapid7/master
<<<<<<< HEAD
<<<<<<< HEAD
=======
    childprocess (0.5.5)
<<<<<<< HEAD
>>>>>>> origin/pod/metasploit-api/_index.html
=======
>>>>>>> origin/pod/metasploit-excellent.mp3
>>>>>>> master
=======
>>>>>>> origin/pod/metasploit-windows.rb
=======
    childprocess (0.5.5)
>>>>>>> rapid7/master
=======
    childprocess (0.5.5)
<<<<<<< HEAD
>>>>>>> rapid7/master
=======
    childprocess (0.5.5)
>>>>>>> rapid7/master
<<<<<<< HEAD
<<<<<<< HEAD
>>>>>>> origin/chore/MSP-12110/celluloid-supervision-tree
=======
    childprocess (0.5.5)
>>>>>>> origin/msf-complex-payloads
=======
    childprocess (0.5.5)
>>>>>>> origin/msf-complex-payloads
=======
    childprocess (0.5.5)
>>>>>>> origin/payload-generator.rb
=======
<<<<<<< HEAD
=======
>>>>>>> origin/pod/metasploit-excellent.mp3
<<<<<<< HEAD
=======
<<<<<<< HEAD
<<<<<<< HEAD
<<<<<<< HEAD
=======
>>>>>>> master
=======
    childprocess (0.5.5)
>>>>>>> rapid7/master
=======
    childprocess (0.5.5)
>>>>>>> rapid7/master
=======
    childprocess (0.5.5)
>>>>>>> rapid7/master
>>>>>>> origin/pod/metasploit-windows.rb
<<<<<<< HEAD
<<<<<<< HEAD
>>>>>>> chore/MSP-12110/celluloid-supervision-tree
=======
>>>>>>> chore/MSP-12110/celluloid-supervision-tree
=======
>>>>>>> chore/MSP-12110/celluloid-supervision-tree
=======
    childprocess (0.5.5)
>>>>>>> 4.11.2_release_pre-rails4
=======
    childprocess (0.5.5)
>>>>>>> msf-complex-payloads
=======
    childprocess (0.5.5)
>>>>>>> msf-complex-payloads
=======
    childprocess (0.5.5)
>>>>>>> payload-generator.rb
<<<<<<< HEAD
=======
    childprocess (0.5.5)
>>>>>>> pod/metasploit-gemfile-
=======
>>>>>>> origin/pod/metasploit-framework
>>>>>>> chore/MSP-12110/celluloid-supervision-tree
=======
>>>>>>> chore/MSP-12110/celluloid-supervision-tree
=======
>>>>>>> chore/MSP-12110/celluloid-supervision-tree
<<<<<<< HEAD
=======
    childprocess (0.5.5)
>>>>>>> 4.11.2_release_pre-rails4
<<<<<<< HEAD
=======
    childprocess (0.5.5)
>>>>>>> msf-complex-payloads
>>>>>>> origin/pod/metasploit-api/_index.html
=======
>>>>>>> origin/pod/metasploit-excellent.mp3
=======
>>>>>>> origin/pod/metasploit-framework
=======
    childprocess (0.5.5)
>>>>>>> origin/pod/metasploit-serialized_class_loader
=======
    childprocess (0.5.5)
>>>>>>> origin/pod/metasploit-gemfile-
=======
>>>>>>> origin/pod/metasploit-windows.rb
      ffi (~> 1.0, >= 1.0.11)
    coderay (1.1.0)
    cucumber (1.3.19)
      builder (>= 2.1.2)
      diff-lcs (>= 1.1.3)
      gherkin (~> 2.12)
      multi_json (>= 1.7.5, < 2.0)
      multi_test (>= 0.1.2)
    cucumber-rails (1.4.2)
      capybara (>= 1.1.2, < 3)
      cucumber (>= 1.3.8, < 2)
      mime-types (>= 1.16, < 3)
      nokogiri (~> 1.5)
      rails (>= 3, < 5)
    diff-lcs (1.2.5)
    docile (1.1.5)
    erubis (2.7.0)
    factory_girl (4.5.0)
      activesupport (>= 3.0.0)
    factory_girl_rails (4.5.0)
      factory_girl (~> 4.5.0)
      railties (>= 3.0.0)
    ffi (1.9.8)
    filesize (0.1.1)
<<<<<<< HEAD
<<<<<<< HEAD
<<<<<<< HEAD
<<<<<<< HEAD
<<<<<<< HEAD
<<<<<<< HEAD
<<<<<<< HEAD
    fivemat (1.3.2)
=======
    fivemat (1.2.1)
>>>>>>> origin/4.11.2_release_pre-rails4
=======
    fivemat (1.2.1)
>>>>>>> origin/chore/MSP-12110/celluloid-supervision-tree
    gherkin (2.12.2)
      multi_json (~> 1.3)
    hike (1.2.3)
<<<<<<< HEAD
    hitimes (1.2.2)
=======
    fivemat (1.2.1)
    gherkin (2.12.2)
      multi_json (~> 1.3)
    hike (1.2.3)
>>>>>>> origin/payload-generator.rb
    i18n (0.7.0)
    jsobfu (0.3.0)
      rkelly-remix (= 0.0.6)
<<<<<<< HEAD
<<<<<<< HEAD
<<<<<<< HEAD
=======
<<<<<<< HEAD
<<<<<<< HEAD
=======
>>>>>>> origin/4.11.2_release_pre-rails4
=======
<<<<<<< HEAD
<<<<<<< HEAD
=======
<<<<<<< HEAD
>>>>>>> master
=======
>>>>>>> rapid7/master
=======
>>>>>>> rapid7/master
=======
>>>>>>> rapid7/master
>>>>>>> origin/chore/MSP-12110/celluloid-supervision-tree
=======
    fivemat (1.2.1)
=======
    fivemat (1.2.1)
>>>>>>> origin/msf-complex-payloads
    gherkin (2.12.2)
      multi_json (~> 1.3)
    hike (1.2.3)
<<<<<<< HEAD
<<<<<<< HEAD
<<<<<<< HEAD
=======
>>>>>>> origin/pod/metasploit-excellent.mp3
=======
<<<<<<< HEAD
<<<<<<< HEAD
<<<<<<< HEAD
<<<<<<< HEAD
<<<<<<< HEAD
=======
>>>>>>> chore/MSP-12110/celluloid-supervision-tree
=======
>>>>>>> chore/MSP-12110/celluloid-supervision-tree
=======
>>>>>>> chore/MSP-12110/celluloid-supervision-tree
>>>>>>> origin/pod/metasploit-framework
    hitimes (1.2.2)
=======
=======
>>>>>>> origin/pod/metasploit-gemfile-
    fivemat (1.2.1)
    gherkin (2.12.2)
      multi_json (~> 1.3)
    hike (1.2.3)
<<<<<<< HEAD
>>>>>>> origin/pod/metasploit-serialized_class_loader
=======
>>>>>>> origin/pod/metasploit-gemfile-
    i18n (0.7.0)
    jsobfu (0.3.0)
      rkelly-remix (= 0.0.6)
<<<<<<< HEAD
<<<<<<< HEAD
<<<<<<< HEAD
<<<<<<< HEAD
<<<<<<< HEAD
<<<<<<< HEAD
>>>>>>> origin/msf-complex-payloads
=======
>>>>>>> origin/msf-complex-payloads
=======
>>>>>>> master
=======
>>>>>>> master
=======
>>>>>>> rapid7/master
>>>>>>> origin/payload-generator.rb
=======
<<<<<<< HEAD
=======
>>>>>>> origin/pod/metasploit-excellent.mp3
=======
<<<<<<< HEAD
=======
>>>>>>> origin/pod/metasploit-serialized_class_loader
<<<<<<< HEAD
<<<<<<< HEAD
<<<<<<< HEAD
<<<<<<< HEAD
=======
<<<<<<< HEAD
<<<<<<< HEAD
=======
<<<<<<< HEAD
=======
>>>>>>> chore/MSP-12110/celluloid-supervision-tree
<<<<<<< HEAD
=======
>>>>>>> chore/MSP-12110/celluloid-supervision-tree
<<<<<<< HEAD
=======
>>>>>>> chore/MSP-12110/celluloid-supervision-tree
=======
>>>>>>> chore/MSP-12110/celluloid-supervision-tree
=======
>>>>>>> chore/MSP-12110/celluloid-supervision-tree
=======
<<<<<<< HEAD
>>>>>>> master
=======
>>>>>>> rapid7/master
=======
>>>>>>> rapid7/master
=======
>>>>>>> rapid7/master
>>>>>>> origin/pod/metasploit-framework
<<<<<<< HEAD
<<<<<<< HEAD
<<<<<<< HEAD
=======
<<<<<<< HEAD
<<<<<<< HEAD
=======
<<<<<<< HEAD
=======
>>>>>>> chore/MSP-12110/celluloid-supervision-tree
<<<<<<< HEAD
=======
>>>>>>> chore/MSP-12110/celluloid-supervision-tree
<<<<<<< HEAD
=======
<<<<<<< HEAD
=======
>>>>>>> master
=======
>>>>>>> origin/pod/metasploit-serialized_class_loader
=======
<<<<<<< HEAD
<<<<<<< HEAD
=======
<<<<<<< HEAD
>>>>>>> master
=======
>>>>>>> origin/pod/metasploit-gemfile-
>>>>>>> master
=======
>>>>>>> rapid7/master
=======
<<<<<<< HEAD
<<<<<<< HEAD
>>>>>>> rapid7/master
=======
>>>>>>> rapid7/master
<<<<<<< HEAD
=======
=======
    i18n (0.7.0)
    jsobfu (0.3.0)
      rkelly-remix (= 0.0.6)
<<<<<<< HEAD
<<<<<<< HEAD
<<<<<<< HEAD
=======
<<<<<<< HEAD
<<<<<<< HEAD
=======
>>>>>>> 4.11.2_release_pre-rails4
=======
>>>>>>> master
=======
>>>>>>> chore/MSP-12110/celluloid-supervision-tree
=======
>>>>>>> chore/MSP-12110/celluloid-supervision-tree
=======
>>>>>>> chore/MSP-12110/celluloid-supervision-tree
=======
=======
>>>>>>> origin/pod/metasploit-gemfile-
>>>>>>> master
=======
>>>>>>> master
=======
>>>>>>> master
=======
>>>>>>> master
<<<<<<< HEAD
=======
>>>>>>> rapid7/master
>>>>>>> origin/pod/metasploit-serialized_class_loader
=======
>>>>>>> origin/pod/metasploit-gemfile-
    json (1.8.3)
    mail (2.6.3)
      mime-types (>= 1.16, < 3)
    metasm (1.0.2)
    metasploit-concern (1.0.0)
      activerecord (>= 4.0.9, < 4.1.0)
      activesupport (>= 4.0.9, < 4.1.0)
      railties (>= 4.0.9, < 4.1.0)
    metasploit-credential (1.0.1)
      metasploit-concern (~> 1.0)
      metasploit-model (~> 1.0)
      metasploit_data_models (~> 1.0)
<<<<<<< HEAD
<<<<<<< HEAD
<<<<<<< HEAD
<<<<<<< HEAD
<<<<<<< HEAD
<<<<<<< HEAD
=======
=======
<<<<<<< HEAD
>>>>>>> master
=======
=======
>>>>>>> master
=======
=======
<<<<<<< HEAD
<<<<<<< HEAD
>>>>>>> origin/pod/metasploit-serialized_class_loader
<<<<<<< HEAD
<<<<<<< HEAD
=======
=======
<<<<<<< HEAD
>>>>>>> chore/MSP-12110/celluloid-supervision-tree
=======
<<<<<<< HEAD
=======
=======
>>>>>>> chore/MSP-12110/celluloid-supervision-tree
=======
>>>>>>> chore/MSP-12110/celluloid-supervision-tree
=======
=======
<<<<<<< HEAD
<<<<<<< HEAD
=======
=======
>>>>>>> origin/pod/metasploit-gemfile-
>>>>>>> master
=======
>>>>>>> master
=======
>>>>>>> master
=======
>>>>>>> master
=======
>>>>>>> master
=======
<<<<<<< HEAD
>>>>>>> origin/pod/metasploit-serialized_class_loader
=======
>>>>>>> origin/pod/metasploit-gemfile-
    json (1.8.2)
    mail (2.5.4)
      mime-types (~> 1.16)
      treetop (~> 1.4.8)
    metasploit-concern (0.4.0)
      activesupport (~> 3.0, >= 3.0.0)
      railties (< 4.0.0)
    metasploit-credential (0.14.8)
      metasploit-concern (= 0.4.0)
      metasploit-model (~> 0.29.0)
      metasploit_data_models (= 0.24.5)
<<<<<<< HEAD
<<<<<<< HEAD
<<<<<<< HEAD
<<<<<<< HEAD
<<<<<<< HEAD
<<<<<<< HEAD
<<<<<<< HEAD
=======
=======
>>>>>>> msf-complex-payloads
=======
>>>>>>> origin/pod/metasploit-framework
=======
<<<<<<< HEAD
<<<<<<< HEAD
<<<<<<< HEAD
    hitimes (1.2.2)
    i18n (0.7.0)
    jsobfu (0.3.0)
      rkelly-remix (= 0.0.6)
<<<<<<< HEAD
<<<<<<< HEAD
<<<<<<< HEAD
<<<<<<< HEAD
<<<<<<< HEAD
=======
<<<<<<< HEAD
=======
<<<<<<< HEAD
=======
>>>>>>> chore/MSP-12110/celluloid-supervision-tree
<<<<<<< HEAD
=======
>>>>>>> chore/MSP-12110/celluloid-supervision-tree
<<<<<<< HEAD
=======
<<<<<<< HEAD
>>>>>>> master
=======
>>>>>>> rapid7/master
=======
>>>>>>> rapid7/master
=======
>>>>>>> rapid7/master
=======
    i18n (0.7.0)
    jsobfu (0.3.0)
      rkelly-remix (= 0.0.6)
>>>>>>> msf-complex-payloads
=======
>>>>>>> origin/pod/metasploit-windows.rb
    i18n (0.7.0)
    jsobfu (0.3.0)
      rkelly-remix (= 0.0.6)
>>>>>>> msf-complex-payloads
<<<<<<< HEAD
<<<<<<< HEAD
>>>>>>> origin/pod/metasploit-api/_index.html
=======
>>>>>>> origin/pod/metasploit-excellent.mp3
=======
=======
    i18n (0.7.0)
    jsobfu (0.3.0)
      rkelly-remix (= 0.0.6)
=======
>>>>>>> origin/pod/metasploit-windows.rb
=======
    i18n (0.7.0)
    jsobfu (0.3.0)
      rkelly-remix (= 0.0.6)
<<<<<<< HEAD
<<<<<<< HEAD
<<<<<<< HEAD
<<<<<<< HEAD
>>>>>>> pod/metasploit-gemfile-
<<<<<<< HEAD
<<<<<<< HEAD
<<<<<<< HEAD
=======
>>>>>>> origin/pod/metasploit-windows.rb
<<<<<<< HEAD
=======
<<<<<<< HEAD
>>>>>>> master
=======
>>>>>>> master
=======
>>>>>>> rapid7/master
=======
>>>>>>> master
<<<<<<< HEAD
<<<<<<< HEAD
>>>>>>> payload-generator.rb
=======
=======
>>>>>>> master
=======
>>>>>>> master
=======
>>>>>>> master
>>>>>>> pod/metasploit-gemfile-
>>>>>>> pod/metasploit-inject.vcxproj.filters-master_0
>>>>>>> origin/pod/metasploit-framework
=======
>>>>>>> payload-generator.rb
>>>>>>> origin/pod/metasploit-windows.rb
    json (1.8.3)
    mail (2.6.3)
      mime-types (>= 1.16, < 3)
    metasm (1.0.2)
    metasploit-concern (1.0.0)
      activerecord (>= 4.0.9, < 4.1.0)
      activesupport (>= 4.0.9, < 4.1.0)
      railties (>= 4.0.9, < 4.1.0)
    metasploit-credential (1.0.1)
      metasploit-concern (~> 1.0)
      metasploit-model (~> 1.0)
      metasploit_data_models (~> 1.0)
<<<<<<< HEAD
<<<<<<< HEAD
<<<<<<< HEAD
<<<<<<< HEAD
<<<<<<< HEAD
<<<<<<< HEAD
=======
>>>>>>> rapid7/master
=======
>>>>>>> origin/4.11.2_release_pre-rails4
>>>>>>> master
>>>>>>> 4.11.2_release_pre-rails4
=======
>>>>>>> origin/4.11.2_release_pre-rails4
>>>>>>> master
>>>>>>> origin/pod/metasploit-framework
=======
<<<<<<< HEAD
<<<<<<< HEAD
<<<<<<< HEAD
<<<<<<< HEAD
=======
>>>>>>> master
>>>>>>> origin/4.11.2_release_pre-rails4
=======
=======
>>>>>>> origin/pod/metasploit-framework
<<<<<<< HEAD
<<<<<<< HEAD
<<<<<<< HEAD
<<<<<<< HEAD
=======
=======
<<<<<<< HEAD
>>>>>>> origin/chore/MSP-12110/celluloid-supervision-tree
=======
=======
>>>>>>> master
=======
>>>>>>> origin/payload-generator.rb
=======
=======
>>>>>>> origin/pod/metasploit-windows.rb
<<<<<<< HEAD
<<<<<<< HEAD
=======
=======
<<<<<<< HEAD
>>>>>>> origin/pod/metasploit-excellent.mp3
=======
=======
<<<<<<< HEAD
>>>>>>> origin/pod/metasploit-framework
=======
>>>>>>> origin/pod/metasploit-windows.rb
<<<<<<< HEAD
<<<<<<< HEAD
>>>>>>> chore/MSP-12110/celluloid-supervision-tree
=======
>>>>>>> chore/MSP-12110/celluloid-supervision-tree
=======
>>>>>>> chore/MSP-12110/celluloid-supervision-tree
=======
>>>>>>> 4.11.2_release_pre-rails4
<<<<<<< HEAD
<<<<<<< HEAD
<<<<<<< HEAD
>>>>>>> origin/pod/metasploit-api/_index.html
=======
>>>>>>> origin/pod/metasploit-excellent.mp3
=======
=======
=======
=======
>>>>>>> master
=======
>>>>>>> master
=======
>>>>>>> master
>>>>>>> pod/metasploit-gemfile-
=======
=======
=======
>>>>>>> origin/pod/metasploit-windows.rb
=======
>>>>>>> master
=======
>>>>>>> master
=======
<<<<<<< HEAD
<<<<<<< HEAD
>>>>>>> payload-generator.rb
=======
>>>>>>> pod/metasploit-gemfile-
>>>>>>> origin/pod/metasploit-framework
=======
>>>>>>> payload-generator.rb
>>>>>>> origin/pod/metasploit-windows.rb
>>>>>>> metasploit-api/_index.html
    json (1.8.2)
    mail (2.5.4)
      mime-types (~> 1.16)
      treetop (~> 1.4.8)
    metasploit-concern (0.4.0)
      activesupport (~> 3.0, >= 3.0.0)
      railties (< 4.0.0)
    metasploit-credential (0.14.8)
      metasploit-concern (= 0.4.0)
      metasploit-model (~> 0.29.0)
      metasploit_data_models (= 0.24.5)
<<<<<<< HEAD
<<<<<<< HEAD
<<<<<<< HEAD
<<<<<<< HEAD
<<<<<<< HEAD
<<<<<<< HEAD
<<<<<<< HEAD
<<<<<<< HEAD
=======
=======
>>>>>>> msf-complex-payloads
=======
    i18n (0.7.0)
    jsobfu (0.3.0)
      rkelly-remix (= 0.0.6)
>>>>>>> msf-complex-payloads
=======
    i18n (0.7.0)
    jsobfu (0.3.0)
      rkelly-remix (= 0.0.6)
=======
    i18n (0.7.0)
    jsobfu (0.3.0)
      rkelly-remix (= 0.0.6)
<<<<<<< HEAD
<<<<<<< HEAD
<<<<<<< HEAD
>>>>>>> pod/metasploit-gemfile-
<<<<<<< HEAD
<<<<<<< HEAD
<<<<<<< HEAD
<<<<<<< HEAD
=======
<<<<<<< HEAD
>>>>>>> master
=======
>>>>>>> master
=======
>>>>>>> rapid7/master
=======
>>>>>>> master
<<<<<<< HEAD
>>>>>>> payload-generator.rb
=======
=======
>>>>>>> master
=======
>>>>>>> master
=======
>>>>>>> master
>>>>>>> pod/metasploit-gemfile-
>>>>>>> pod/metasploit-inject.vcxproj.filters-master_0
    json (1.8.3)
    mail (2.6.3)
      mime-types (>= 1.16, < 3)
    metasm (1.0.2)
    metasploit-concern (1.0.0)
=======
=======
>>>>>>> rapid7/master
    metasploit-model (1.0.0)
      activemodel (>= 4.0.9, < 4.1.0)
      activesupport (>= 4.0.9, < 4.1.0)
      railties (>= 4.0.9, < 4.1.0)
    metasploit-payloads (1.0.21)
    metasploit_data_models (1.2.10)
<<<<<<< HEAD
>>>>>>> master
      activerecord (>= 4.0.9, < 4.1.0)
      activesupport (>= 4.0.9, < 4.1.0)
      railties (>= 4.0.9, < 4.1.0)
    metasploit-credential (1.0.1)
      metasploit-concern (~> 1.0)
      metasploit-model (~> 1.0)
      metasploit_data_models (~> 1.0)
<<<<<<< HEAD
>>>>>>> rapid7/master
=======
>>>>>>> origin/4.11.2_release_pre-rails4
>>>>>>> master
>>>>>>> 4.11.2_release_pre-rails4
=======
>>>>>>> origin/4.11.2_release_pre-rails4
>>>>>>> master
=======
<<<<<<< HEAD
<<<<<<< HEAD
<<<<<<< HEAD
<<<<<<< HEAD
<<<<<<< HEAD
<<<<<<< HEAD
<<<<<<< HEAD
=======
=======
<<<<<<< HEAD
<<<<<<< HEAD
<<<<<<< HEAD
>>>>>>> chore/MSP-12110/celluloid-supervision-tree
=======
>>>>>>> chore/MSP-12110/celluloid-supervision-tree
=======
>>>>>>> chore/MSP-12110/celluloid-supervision-tree
=======
>>>>>>> 4.11.2_release_pre-rails4
=======
=======
=======
>>>>>>> master
=======
>>>>>>> master
=======
>>>>>>> master
>>>>>>> pod/metasploit-gemfile-
=======
>>>>>>> master
=======
>>>>>>> master
=======
<<<<<<< HEAD
>>>>>>> payload-generator.rb
=======
>>>>>>> pod/metasploit-gemfile-
    json (1.8.2)
    mail (2.5.4)
      mime-types (~> 1.16)
      treetop (~> 1.4.8)
    metasploit-concern (0.4.0)
      activesupport (~> 3.0, >= 3.0.0)
      railties (< 4.0.0)
    metasploit-credential (0.14.8)
      metasploit-concern (= 0.4.0)
      metasploit-model (~> 0.29.0)
      metasploit_data_models (= 0.24.5)
<<<<<<< HEAD
=======
>>>>>>> origin/4.11.2_release_pre-rails4
>>>>>>> pod/metasploit-gemfile-
<<<<<<< HEAD
<<<<<<< HEAD
<<<<<<< HEAD
<<<<<<< HEAD
<<<<<<< HEAD
<<<<<<< HEAD
=======
>>>>>>> 4.11.2_release_pre-rails4
=======
=======
>>>>>>> 4.11.2_release_pre-rails4
    json (1.8.3)
    mail (2.6.3)
      mime-types (>= 1.16, < 3)
    metasm (1.0.2)
    metasploit-concern (1.0.0)
      activerecord (>= 4.0.9, < 4.1.0)
      activesupport (>= 4.0.9, < 4.1.0)
      railties (>= 4.0.9, < 4.1.0)
    metasploit-credential (1.0.1)
      metasploit-concern (~> 1.0)
      metasploit-model (~> 1.0)
      metasploit_data_models (~> 1.0)
<<<<<<< HEAD
<<<<<<< HEAD
=======
>>>>>>> rapid7/master
>>>>>>> 4.11.2_release_pre-rails4
=======
=======
>>>>>>> chore/MSP-12110/celluloid-supervision-tree
=======
>>>>>>> chore/MSP-12110/celluloid-supervision-tree
=======
>>>>>>> chore/MSP-12110/celluloid-supervision-tree
>>>>>>> origin/4.11.2_release_pre-rails4
>>>>>>> master
=======
>>>>>>> rapid7/master
=======
>>>>>>> rapid7/master
=======
>>>>>>> rapid7/master
<<<<<<< HEAD
<<<<<<< HEAD
<<<<<<< HEAD
>>>>>>> chore/MSP-12110/celluloid-supervision-tree
=======
>>>>>>> chore/MSP-12110/celluloid-supervision-tree
=======
>>>>>>> chore/MSP-12110/celluloid-supervision-tree
=======
>>>>>>> rapid7/master
>>>>>>> 4.11.2_release_pre-rails4
=======
>>>>>>> msf-complex-payloads
=======
>>>>>>> msf-complex-payloads
=======
>>>>>>> origin/4.11.2_release_pre-rails4
<<<<<<< HEAD
<<<<<<< HEAD
=======
>>>>>>> master
=======
=======
>>>>>>> origin/4.11.2_release_pre-rails4
>>>>>>> chore/MSP-12110/celluloid-supervision-tree
>>>>>>> master
=======
>>>>>>> rapid7/master
=======
<<<<<<< HEAD
>>>>>>> pod/metasploit-gemfile-
>>>>>>> master
=======
>>>>>>> master
=======
<<<<<<< HEAD
>>>>>>> rapid7/master
=======
>>>>>>> master
>>>>>>> payload-generator.rb
=======
>>>>>>> master
=======
>>>>>>> master
>>>>>>> pod/metasploit-gemfile-
>>>>>>> pod/metasploit-inject.vcxproj.filters-master_0
=======
>>>>>>> chore/MSP-12110/celluloid-supervision-tree
=======
=======
>>>>>>> chore/MSP-12110/celluloid-supervision-tree
>>>>>>> origin/4.11.2_release_pre-rails4
>>>>>>> master
=======
>>>>>>> rapid7/master
=======
>>>>>>> rapid7/master
=======
>>>>>>> rapid7/master
<<<<<<< HEAD
>>>>>>> chore/MSP-12110/celluloid-supervision-tree
=======
>>>>>>> chore/MSP-12110/celluloid-supervision-tree
=======
>>>>>>> rapid7/master
=======
>>>>>>> rapid7/master
>>>>>>> chore/MSP-12110/celluloid-supervision-tree
      pg
<<<<<<< HEAD
      railties
      rubyntlm
      rubyzip (~> 1.1)
<<<<<<< HEAD
<<<<<<< HEAD
<<<<<<< HEAD
<<<<<<< HEAD
=======
<<<<<<< HEAD
<<<<<<< HEAD
<<<<<<< HEAD
<<<<<<< HEAD
<<<<<<< HEAD
=======
>>>>>>> 4.11.2_release_pre-rails4
=======
>>>>>>> master
=======
<<<<<<< HEAD
<<<<<<< HEAD
<<<<<<< HEAD
<<<<<<< HEAD
<<<<<<< HEAD
<<<<<<< HEAD
<<<<<<< HEAD
=======
<<<<<<< HEAD
=======
<<<<<<< HEAD
=======
>>>>>>> chore/MSP-12110/celluloid-supervision-tree
<<<<<<< HEAD
=======
>>>>>>> chore/MSP-12110/celluloid-supervision-tree
<<<<<<< HEAD
=======
>>>>>>> payload-generator.rb
=======
>>>>>>> pod/metasploit-gemfile-
=======
<<<<<<< HEAD
>>>>>>> master
=======
<<<<<<< HEAD
<<<<<<< HEAD
=======
<<<<<<< HEAD
=======
<<<<<<< HEAD
>>>>>>> master
=======
>>>>>>> chore/MSP-12110/celluloid-supervision-tree
=======
>>>>>>> master
=======
>>>>>>> chore/MSP-12110/celluloid-supervision-tree
>>>>>>> rapid7/master
=======
>>>>>>> rapid7/master
=======
>>>>>>> rapid7/master
<<<<<<< HEAD
<<<<<<< HEAD
=======
>>>>>>> msf-complex-payloads
=======
>>>>>>> msf-complex-payloads
=======
>>>>>>> master
=======
>>>>>>> rapid7/master
=======
>>>>>>> master
>>>>>>> payload-generator.rb
=======
>>>>>>> master
=======
>>>>>>> rapid7/master
=======
>>>>>>> master
=======
>>>>>>> master
=======
>>>>>>> master
=======
>>>>>>> master
>>>>>>> pod/metasploit-gemfile-
=======
>>>>>>> chore/MSP-12110/celluloid-supervision-tree
=======
=======
>>>>>>> chore/MSP-12110/celluloid-supervision-tree
>>>>>>> master
=======
>>>>>>> rapid7/master
=======
>>>>>>> rapid7/master
=======
>>>>>>> rapid7/master
<<<<<<< HEAD
>>>>>>> chore/MSP-12110/celluloid-supervision-tree
=======
>>>>>>> chore/MSP-12110/celluloid-supervision-tree
=======
>>>>>>> chore/MSP-12110/celluloid-supervision-tree
    metasploit-model (1.0.0)
      activemodel (>= 4.0.9, < 4.1.0)
      activesupport (>= 4.0.9, < 4.1.0)
      railties (>= 4.0.9, < 4.1.0)
    metasploit-payloads (1.0.17)
    metasploit_data_models (1.2.9)
      activerecord (>= 4.0.9, < 4.1.0)
      activesupport (>= 4.0.9, < 4.1.0)
<<<<<<< HEAD
<<<<<<< HEAD
<<<<<<< HEAD
<<<<<<< HEAD
<<<<<<< HEAD
<<<<<<< HEAD
<<<<<<< HEAD
<<<<<<< HEAD
<<<<<<< HEAD
<<<<<<< HEAD
<<<<<<< HEAD
=======
=======
<<<<<<< HEAD
<<<<<<< HEAD
<<<<<<< HEAD
>>>>>>> chore/MSP-12110/celluloid-supervision-tree
=======
>>>>>>> chore/MSP-12110/celluloid-supervision-tree
=======
>>>>>>> chore/MSP-12110/celluloid-supervision-tree
=======
>>>>>>> 4.11.2_release_pre-rails4
=======
=======
=======
>>>>>>> master
=======
>>>>>>> master
=======
>>>>>>> master
>>>>>>> pod/metasploit-gemfile-
=======
>>>>>>> master
=======
>>>>>>> master
=======
<<<<<<< HEAD
>>>>>>> payload-generator.rb
=======
>>>>>>> pod/metasploit-gemfile-
=======
=======
=======
>>>>>>> chore/MSP-12110/celluloid-supervision-tree
    metasploit-model (0.29.2)
      activesupport
      railties (< 4.0.0)
    metasploit-payloads (0.0.3)
    metasploit_data_models (0.24.5)
      activerecord (>= 3.2.13, < 4.0.0)
      activesupport
<<<<<<< HEAD
<<<<<<< HEAD
=======
>>>>>>> origin/4.11.2_release_pre-rails4
>>>>>>> pod/metasploit-gemfile-
<<<<<<< HEAD
<<<<<<< HEAD
<<<<<<< HEAD
<<<<<<< HEAD
<<<<<<< HEAD
<<<<<<< HEAD
=======
>>>>>>> 4.11.2_release_pre-rails4
=======
=======
>>>>>>> 4.11.2_release_pre-rails4
>>>>>>> pod/metasploit-inject.vcxproj.filters-master_0
    metasploit-model (1.0.0)
      activemodel (>= 4.0.9, < 4.1.0)
      activesupport (>= 4.0.9, < 4.1.0)
      railties (>= 4.0.9, < 4.1.0)
<<<<<<< HEAD
<<<<<<< HEAD
<<<<<<< HEAD
<<<<<<< HEAD
=======
<<<<<<< HEAD
>>>>>>> pod/metasploit-inject.vcxproj.filters-master_0
    metasploit-payloads (1.0.19)
    metasploit_data_models (1.2.9)
=======
    metasploit-payloads (1.0.21)
    metasploit_data_models (1.2.10)
>>>>>>> rapid7/master
      activerecord (>= 4.0.9, < 4.1.0)
      activesupport (>= 4.0.9, < 4.1.0)
=======
<<<<<<< HEAD
=======
=======
>>>>>>> 4.11.2_release_pre-rails4
>>>>>>> pod/metasploit-inject.vcxproj.filters-master_0
    metasploit-payloads (1.0.17)
    metasploit_data_models (1.2.9)
      activerecord (>= 4.0.9, < 4.1.0)
      activesupport (>= 4.0.9, < 4.1.0)
<<<<<<< HEAD
=======
<<<<<<< HEAD
>>>>>>> master
=======
>>>>>>> master
=======
=======
=======
>>>>>>> chore/MSP-12110/celluloid-supervision-tree
=======
=======
=======
>>>>>>> chore/MSP-12110/celluloid-supervision-tree
=======
=======
=======
>>>>>>> chore/MSP-12110/celluloid-supervision-tree
    metasploit-model (0.29.2)
      activesupport
      railties (< 4.0.0)
    metasploit-payloads (0.0.3)
    metasploit_data_models (0.24.5)
      activerecord (>= 3.2.13, < 4.0.0)
      activesupport
<<<<<<< HEAD
<<<<<<< HEAD
<<<<<<< HEAD
<<<<<<< HEAD
<<<<<<< HEAD
=======
    metasploit-model (1.0.0)
      activemodel (>= 4.0.9, < 4.1.0)
      activesupport (>= 4.0.9, < 4.1.0)
      railties (>= 4.0.9, < 4.1.0)
    metasploit-payloads (1.0.17)
    metasploit_data_models (1.2.9)
=======
    metasploit-payloads (1.0.21)
    metasploit_data_models (1.2.10)
>>>>>>> rapid7/master
      activerecord (>= 4.0.9, < 4.1.0)
      activesupport (>= 4.0.9, < 4.1.0)
>>>>>>> rapid7/master
=======
>>>>>>> origin/4.11.2_release_pre-rails4
>>>>>>> master
>>>>>>> 4.11.2_release_pre-rails4
=======
=======
>>>>>>> chore/MSP-12110/celluloid-supervision-tree
>>>>>>> origin/4.11.2_release_pre-rails4
>>>>>>> master
=======
>>>>>>> rapid7/master
<<<<<<< HEAD
<<<<<<< HEAD
>>>>>>> 4.11.2_release_pre-rails4
=======
=======
>>>>>>> chore/MSP-12110/celluloid-supervision-tree
=======
>>>>>>> chore/MSP-12110/celluloid-supervision-tree
=======
>>>>>>> chore/MSP-12110/celluloid-supervision-tree
=======
>>>>>>> chore/MSP-12110/celluloid-supervision-tree
>>>>>>> origin/4.11.2_release_pre-rails4
>>>>>>> master
=======
>>>>>>> rapid7/master
=======
>>>>>>> rapid7/master
=======
>>>>>>> rapid7/master
<<<<<<< HEAD
<<<<<<< HEAD
<<<<<<< HEAD
<<<<<<< HEAD
>>>>>>> chore/MSP-12110/celluloid-supervision-tree
=======
=======
<<<<<<< HEAD
<<<<<<< HEAD
<<<<<<< HEAD
=======
=======
>>>>>>> origin/4.11.2_release_pre-rails4
>>>>>>> pod/metasploit-gemfile-
>>>>>>> origin/pod/metasploit-framework
<<<<<<< HEAD
<<<<<<< HEAD
<<<<<<< HEAD
<<<<<<< HEAD
<<<<<<< HEAD
>>>>>>> origin/4.11.2_release_pre-rails4
=======
<<<<<<< HEAD
=======
=======
<<<<<<< HEAD
=======
>>>>>>> origin/pod/metasploit-excellent.mp3
=======
=======
<<<<<<< HEAD
<<<<<<< HEAD
=======
>>>>>>> origin/pod/metasploit-framework
=======
<<<<<<< HEAD
<<<<<<< HEAD
<<<<<<< HEAD
=======
>>>>>>> origin/pod/metasploit-windows.rb
>>>>>>> 4.11.2_release_pre-rails4
=======
=======
>>>>>>> 4.11.2_release_pre-rails4
<<<<<<< HEAD
<<<<<<< HEAD
<<<<<<< HEAD
>>>>>>> origin/pod/metasploit-api/_index.html
=======
>>>>>>> origin/pod/metasploit-excellent.mp3
=======
>>>>>>> origin/pod/metasploit-framework
=======
>>>>>>> origin/pod/metasploit-windows.rb
    json (1.8.3)
    mail (2.6.3)
      mime-types (>= 1.16, < 3)
    metasm (1.0.2)
    metasploit-concern (1.0.0)
      activerecord (>= 4.0.9, < 4.1.0)
      activesupport (>= 4.0.9, < 4.1.0)
      railties (>= 4.0.9, < 4.1.0)
    metasploit-credential (1.0.1)
      metasploit-concern (~> 1.0)
      metasploit-model (~> 1.0)
      metasploit_data_models (~> 1.0)
<<<<<<< HEAD
<<<<<<< HEAD
<<<<<<< HEAD
<<<<<<< HEAD
>>>>>>> rapid7/master
=======
>>>>>>> origin/4.11.2_release_pre-rails4
>>>>>>> master
>>>>>>> origin/4.11.2_release_pre-rails4
=======
=======
<<<<<<< HEAD
=======
>>>>>>> origin/pod/metasploit-excellent.mp3
<<<<<<< HEAD
=======
=======
>>>>>>> origin/pod/metasploit-windows.rb
=======
>>>>>>> rapid7/master
>>>>>>> 4.11.2_release_pre-rails4
=======
=======
>>>>>>> chore/MSP-12110/celluloid-supervision-tree
=======
>>>>>>> chore/MSP-12110/celluloid-supervision-tree
<<<<<<< HEAD
=======
>>>>>>> chore/MSP-12110/celluloid-supervision-tree
=======
>>>>>>> origin/pod/metasploit-windows.rb
>>>>>>> origin/4.11.2_release_pre-rails4
>>>>>>> master
=======
>>>>>>> rapid7/master
=======
>>>>>>> rapid7/master
=======
>>>>>>> rapid7/master
<<<<<<< HEAD
<<<<<<< HEAD
<<<<<<< HEAD
<<<<<<< HEAD
=======
>>>>>>> origin/pod/metasploit-windows.rb
>>>>>>> chore/MSP-12110/celluloid-supervision-tree
=======
>>>>>>> chore/MSP-12110/celluloid-supervision-tree
=======
>>>>>>> chore/MSP-12110/celluloid-supervision-tree
<<<<<<< HEAD
>>>>>>> origin/pod/metasploit-framework
=======
>>>>>>> origin/pod/metasploit-windows.rb
=======
>>>>>>> rapid7/master
>>>>>>> 4.11.2_release_pre-rails4
=======
<<<<<<< HEAD
<<<<<<< HEAD
=======
>>>>>>> chore/MSP-12110/celluloid-supervision-tree
=======
>>>>>>> chore/MSP-12110/celluloid-supervision-tree
<<<<<<< HEAD
>>>>>>> origin/pod/metasploit-api/_index.html
=======
>>>>>>> origin/pod/metasploit-excellent.mp3
>>>>>>> origin/4.11.2_release_pre-rails4
=======
>>>>>>> origin/4.11.2_release_pre-rails4
<<<<<<< HEAD
<<<<<<< HEAD
<<<<<<< HEAD
<<<<<<< HEAD
<<<<<<< HEAD
>>>>>>> master
=======
>>>>>>> origin/pod/metasploit-serialized_class_loader
>>>>>>> master
=======
>>>>>>> rapid7/master
=======
<<<<<<< HEAD
>>>>>>> rapid7/master
=======
>>>>>>> rapid7/master
<<<<<<< HEAD
<<<<<<< HEAD
>>>>>>> origin/chore/MSP-12110/celluloid-supervision-tree
=======
>>>>>>> origin/msf-complex-payloads
=======
>>>>>>> origin/msf-complex-payloads
=======
>>>>>>> origin/4.11.2_release_pre-rails4
<<<<<<< HEAD
>>>>>>> master
=======
>>>>>>> master
=======
>>>>>>> rapid7/master
>>>>>>> origin/payload-generator.rb
=======
<<<<<<< HEAD
=======
>>>>>>> origin/pod/metasploit-excellent.mp3
=======
=======
>>>>>>> origin/pod/metasploit-windows.rb
>>>>>>> msf-complex-payloads
=======
>>>>>>> msf-complex-payloads
=======
>>>>>>> origin/4.11.2_release_pre-rails4
<<<<<<< HEAD
<<<<<<< HEAD
<<<<<<< HEAD
=======
=======
>>>>>>> origin/pod/metasploit-serialized_class_loader
>>>>>>> master
=======
>>>>>>> master
=======
<<<<<<< HEAD
>>>>>>> rapid7/master
=======
>>>>>>> pod/metasploit-gemfile-
=======
>>>>>>> origin/pod/metasploit-serialized_class_loader
=======
>>>>>>> origin/4.11.2_release_pre-rails4
<<<<<<< HEAD
<<<<<<< HEAD
<<<<<<< HEAD
<<<<<<< HEAD
<<<<<<< HEAD
>>>>>>> origin/pod/metasploit-gemfile-
=======
>>>>>>> origin/pod/metasploit-windows.rb
>>>>>>> master
=======
>>>>>>> master
=======
<<<<<<< HEAD
<<<<<<< HEAD
<<<<<<< HEAD
<<<<<<< HEAD
=======
>>>>>>> origin/pod/metasploit-windows.rb
>>>>>>> rapid7/master
=======
>>>>>>> master
>>>>>>> payload-generator.rb
<<<<<<< HEAD
=======
>>>>>>> rapid7/master
=======
>>>>>>> master
>>>>>>> origin/pod/metasploit-gemfile-
=======
>>>>>>> master
=======
>>>>>>> master
<<<<<<< HEAD
>>>>>>> pod/metasploit-gemfile-
>>>>>>> pod/metasploit-inject.vcxproj.filters-master_0
=======
>>>>>>> chore/MSP-12110/celluloid-supervision-tree
=======
=======
>>>>>>> chore/MSP-12110/celluloid-supervision-tree
>>>>>>> origin/4.11.2_release_pre-rails4
>>>>>>> master
=======
>>>>>>> rapid7/master
=======
>>>>>>> rapid7/master
=======
>>>>>>> rapid7/master
>>>>>>> origin/pod/metasploit-framework
<<<<<<< HEAD
>>>>>>> chore/MSP-12110/celluloid-supervision-tree
=======
>>>>>>> chore/MSP-12110/celluloid-supervision-tree
<<<<<<< HEAD
=======
>>>>>>> chore/MSP-12110/celluloid-supervision-tree
=======
>>>>>>> rapid7/master
>>>>>>> 4.11.2_release_pre-rails4
<<<<<<< HEAD
=======
>>>>>>> msf-complex-payloads
>>>>>>> origin/pod/metasploit-api/_index.html
=======
>>>>>>> origin/pod/metasploit-excellent.mp3
=======
>>>>>>> origin/pod/metasploit-framework
=======
>>>>>>> rapid7/master
>>>>>>> origin/pod/metasploit-serialized_class_loader
=======
=======
>>>>>>> master
>>>>>>> origin/pod/metasploit-gemfile-
=======
>>>>>>> origin/pod/metasploit-windows.rb
      pg
      railties
      rubyntlm
      rubyzip (~> 1.1)
<<<<<<< HEAD
<<<<<<< HEAD
<<<<<<< HEAD
<<<<<<< HEAD
<<<<<<< HEAD
<<<<<<< HEAD
<<<<<<< HEAD
<<<<<<< HEAD
=======
=======
<<<<<<< HEAD
<<<<<<< HEAD
<<<<<<< HEAD
<<<<<<< HEAD
=======
>>>>>>> 4.11.2_release_pre-rails4
=======
>>>>>>> master
=======
<<<<<<< HEAD
<<<<<<< HEAD
<<<<<<< HEAD
<<<<<<< HEAD
>>>>>>> origin/pod/metasploit-framework
<<<<<<< HEAD
<<<<<<< HEAD
=======
>>>>>>> origin/pod/metasploit-windows.rb
<<<<<<< HEAD
=======
<<<<<<< HEAD
=======
<<<<<<< HEAD
<<<<<<< HEAD
<<<<<<< HEAD
>>>>>>> origin/4.11.2_release_pre-rails4
=======
<<<<<<< HEAD
<<<<<<< HEAD
=======
>>>>>>> origin/payload-generator.rb
=======
=======
>>>>>>> origin/pod/metasploit-windows.rb
=======
>>>>>>> chore/MSP-12110/celluloid-supervision-tree
<<<<<<< HEAD
=======
>>>>>>> chore/MSP-12110/celluloid-supervision-tree
<<<<<<< HEAD
=======
>>>>>>> payload-generator.rb
=======
<<<<<<< HEAD
>>>>>>> pod/metasploit-gemfile-
>>>>>>> origin/pod/metasploit-framework
=======
=======
>>>>>>> origin/pod/metasploit-windows.rb
<<<<<<< HEAD
>>>>>>> master
=======
<<<<<<< HEAD
<<<<<<< HEAD
<<<<<<< HEAD
>>>>>>> rapid7/master
=======
=======
<<<<<<< HEAD
>>>>>>> origin/pod/metasploit-excellent.mp3
=======
<<<<<<< HEAD
=======
>>>>>>> chore/MSP-12110/celluloid-supervision-tree
<<<<<<< HEAD
=======
>>>>>>> chore/MSP-12110/celluloid-supervision-tree
<<<<<<< HEAD
=======
<<<<<<< HEAD
>>>>>>> master
<<<<<<< HEAD
>>>>>>> origin/pod/metasploit-api/_index.html
=======
>>>>>>> origin/pod/metasploit-excellent.mp3
=======
<<<<<<< HEAD
=======
<<<<<<< HEAD
=======
<<<<<<< HEAD
>>>>>>> master
=======
>>>>>>> chore/MSP-12110/celluloid-supervision-tree
=======
>>>>>>> master
=======
>>>>>>> chore/MSP-12110/celluloid-supervision-tree
=======
>>>>>>> rapid7/master
=======
>>>>>>> origin/pod/metasploit-windows.rb
>>>>>>> rapid7/master
=======
>>>>>>> rapid7/master
=======
<<<<<<< HEAD
>>>>>>> rapid7/master
<<<<<<< HEAD
<<<<<<< HEAD
=======
=======
>>>>>>> origin/pod/metasploit-windows.rb
>>>>>>> msf-complex-payloads
=======
>>>>>>> msf-complex-payloads
=======
>>>>>>> master
=======
>>>>>>> rapid7/master
=======
>>>>>>> master
>>>>>>> payload-generator.rb
<<<<<<< HEAD
=======
<<<<<<< HEAD
<<<<<<< HEAD
<<<<<<< HEAD
=======
<<<<<<< HEAD
>>>>>>> master
>>>>>>> origin/pod/metasploit-serialized_class_loader
=======
>>>>>>> master
=======
>>>>>>> rapid7/master
=======
>>>>>>> master
=======
>>>>>>> master
=======
>>>>>>> master
=======
>>>>>>> master
<<<<<<< HEAD
>>>>>>> pod/metasploit-gemfile-
=======
>>>>>>> chore/MSP-12110/celluloid-supervision-tree
=======
>>>>>>> master
=======
>>>>>>> rapid7/master
>>>>>>> origin/pod/metasploit-framework
=======
>>>>>>> rapid7/master
=======
>>>>>>> rapid7/master
<<<<<<< HEAD
<<<<<<< HEAD
<<<<<<< HEAD
>>>>>>> origin/chore/MSP-12110/celluloid-supervision-tree
=======
>>>>>>> master
=======
>>>>>>> rapid7/master
>>>>>>> origin/payload-generator.rb
=======
>>>>>>> chore/MSP-12110/celluloid-supervision-tree
=======
>>>>>>> chore/MSP-12110/celluloid-supervision-tree
=======
=======
>>>>>>> rapid7/master
>>>>>>> origin/pod/metasploit-serialized_class_loader
=======
<<<<<<< HEAD
=======
<<<<<<< HEAD
>>>>>>> master
=======
>>>>>>> master
=======
>>>>>>> rapid7/master
=======
>>>>>>> master
=======
>>>>>>> master
=======
>>>>>>> master
=======
>>>>>>> master
>>>>>>> origin/pod/metasploit-gemfile-
=======
>>>>>>> rapid7/master
=======
>>>>>>> rapid7/master
    metasploit-model (1.0.0)
      activemodel (>= 4.0.9, < 4.1.0)
      activesupport (>= 4.0.9, < 4.1.0)
      railties (>= 4.0.9, < 4.1.0)
<<<<<<< HEAD
<<<<<<< HEAD
<<<<<<< HEAD
<<<<<<< HEAD
=======
<<<<<<< HEAD
>>>>>>> origin/pod/metasploit-serialized_class_loader
=======
>>>>>>> origin/pod/metasploit-gemfile-
    metasploit-payloads (1.0.17)
    metasploit_data_models (1.2.9)
      activerecord (>= 4.0.9, < 4.1.0)
      activesupport (>= 4.0.9, < 4.1.0)
<<<<<<< HEAD
<<<<<<< HEAD
<<<<<<< HEAD
<<<<<<< HEAD
<<<<<<< HEAD
<<<<<<< HEAD
<<<<<<< HEAD
<<<<<<< HEAD
<<<<<<< HEAD
<<<<<<< HEAD
<<<<<<< HEAD
<<<<<<< HEAD
=======
=======
<<<<<<< HEAD
<<<<<<< HEAD
<<<<<<< HEAD
>>>>>>> chore/MSP-12110/celluloid-supervision-tree
=======
>>>>>>> chore/MSP-12110/celluloid-supervision-tree
=======
>>>>>>> chore/MSP-12110/celluloid-supervision-tree
=======
>>>>>>> 4.11.2_release_pre-rails4
=======
=======
>>>>>>> origin/pod/metasploit-gemfile-
=======
=======
>>>>>>> master
=======
>>>>>>> master
=======
>>>>>>> master
<<<<<<< HEAD
>>>>>>> pod/metasploit-gemfile-
=======
>>>>>>> origin/pod/metasploit-gemfile-
=======
>>>>>>> master
=======
>>>>>>> master
=======
<<<<<<< HEAD
<<<<<<< HEAD
>>>>>>> payload-generator.rb
=======
>>>>>>> pod/metasploit-gemfile-
=======
=======
=======
>>>>>>> chore/MSP-12110/celluloid-supervision-tree
    metasploit-model (0.29.2)
      activesupport
      railties (< 4.0.0)
    metasploit-payloads (0.0.3)
    metasploit_data_models (0.24.5)
      activerecord (>= 3.2.13, < 4.0.0)
      activesupport
<<<<<<< HEAD
<<<<<<< HEAD
=======
>>>>>>> origin/4.11.2_release_pre-rails4
>>>>>>> pod/metasploit-gemfile-
<<<<<<< HEAD
<<<<<<< HEAD
<<<<<<< HEAD
<<<<<<< HEAD
<<<<<<< HEAD
<<<<<<< HEAD
=======
>>>>>>> 4.11.2_release_pre-rails4
=======
=======
>>>>>>> 4.11.2_release_pre-rails4
>>>>>>> pod/metasploit-inject.vcxproj.filters-master_0
>>>>>>> origin/pod/metasploit-framework
=======
>>>>>>> origin/pod/metasploit-windows.rb
    metasploit-model (1.0.0)
      activemodel (>= 4.0.9, < 4.1.0)
      activesupport (>= 4.0.9, < 4.1.0)
      railties (>= 4.0.9, < 4.1.0)
<<<<<<< HEAD
=======
    metasploit-payloads (1.0.17)
    metasploit_data_models (1.2.9)
      activerecord (>= 4.0.9, < 4.1.0)
      activesupport (>= 4.0.9, < 4.1.0)
>>>>>>> origin/pod/metasploit-windows.rb
<<<<<<< HEAD
<<<<<<< HEAD
<<<<<<< HEAD
<<<<<<< HEAD
<<<<<<< HEAD
    metasploit-payloads (1.0.21)
    metasploit_data_models (1.2.10)
      activerecord (>= 4.0.9, < 4.1.0)
      activesupport (>= 4.0.9, < 4.1.0)
=======
=======
=======
>>>>>>> origin/chore/MSP-12110/celluloid-supervision-tree
=======
>>>>>>> origin/payload-generator.rb
=======
=======
<<<<<<< HEAD
>>>>>>> pod/metasploit-inject.vcxproj.filters-master_0
=======
<<<<<<< HEAD
<<<<<<< HEAD
<<<<<<< HEAD
=======
=======
<<<<<<< HEAD
<<<<<<< HEAD
>>>>>>> chore/MSP-12110/celluloid-supervision-tree
=======
>>>>>>> chore/MSP-12110/celluloid-supervision-tree
=======
>>>>>>> chore/MSP-12110/celluloid-supervision-tree
=======
>>>>>>> 4.11.2_release_pre-rails4
=======
=======
=======
>>>>>>> master
=======
>>>>>>> master
=======
>>>>>>> payload-generator.rb
    metasploit-model (0.29.2)
      activesupport
      railties (< 4.0.0)
    metasploit-payloads (0.0.3)
    metasploit_data_models (0.24.5)
      activerecord (>= 3.2.13, < 4.0.0)
      activesupport
<<<<<<< HEAD
<<<<<<< HEAD
<<<<<<< HEAD
<<<<<<< HEAD
<<<<<<< HEAD
=======
>>>>>>> 4.11.2_release_pre-rails4
=======
=======
>>>>>>> 4.11.2_release_pre-rails4
    metasploit-model (1.0.0)
      activemodel (>= 4.0.9, < 4.1.0)
      activesupport (>= 4.0.9, < 4.1.0)
      railties (>= 4.0.9, < 4.1.0)
<<<<<<< HEAD
<<<<<<< HEAD
>>>>>>> origin/pod/metasploit-windows.rb
    metasploit-payloads (1.0.19)
    metasploit_data_models (1.2.9)
      activerecord (>= 4.0.9, < 4.1.0)
      activesupport (>= 4.0.9, < 4.1.0)
=======
<<<<<<< HEAD
<<<<<<< HEAD
=======
=======
>>>>>>> 4.11.2_release_pre-rails4
>>>>>>> pod/metasploit-inject.vcxproj.filters-master_0
    metasploit-payloads (1.0.17)
    metasploit_data_models (1.2.9)
      activerecord (>= 4.0.9, < 4.1.0)
      activesupport (>= 4.0.9, < 4.1.0)
<<<<<<< HEAD
=======
<<<<<<< HEAD
=======
=======
=======
>>>>>>> master
=======
>>>>>>> origin/pod/metasploit-serialized_class_loader
>>>>>>> master
=======
>>>>>>> master
=======
<<<<<<< HEAD
=======
=======
>>>>>>> chore/MSP-12110/celluloid-supervision-tree
=======
=======
=======
>>>>>>> chore/MSP-12110/celluloid-supervision-tree
    metasploit-model (0.29.2)
      activesupport
      railties (< 4.0.0)
    metasploit-payloads (0.0.3)
    metasploit_data_models (0.24.5)
      activerecord (>= 3.2.13, < 4.0.0)
      activesupport
<<<<<<< HEAD
<<<<<<< HEAD
<<<<<<< HEAD
<<<<<<< HEAD
=======
    metasploit-model (1.0.0)
      activemodel (>= 4.0.9, < 4.1.0)
      activesupport (>= 4.0.9, < 4.1.0)
      railties (>= 4.0.9, < 4.1.0)
>>>>>>> origin/pod/metasploit-framework
    metasploit-payloads (1.0.17)
    metasploit_data_models (1.2.9)
      activerecord (>= 4.0.9, < 4.1.0)
      activesupport (>= 4.0.9, < 4.1.0)
<<<<<<< HEAD
<<<<<<< HEAD
<<<<<<< HEAD
=======
>>>>>>> master
>>>>>>> origin/4.11.2_release_pre-rails4
=======
<<<<<<< HEAD
<<<<<<< HEAD
=======
>>>>>>> origin/payload-generator.rb
<<<<<<< HEAD
<<<<<<< HEAD
=======
=======
<<<<<<< HEAD
>>>>>>> origin/chore/MSP-12110/celluloid-supervision-tree
=======
>>>>>>> master
=======
>>>>>>> origin/payload-generator.rb
=======
>>>>>>> master
=======
>>>>>>> master
=======
>>>>>>> origin/pod/metasploit-serialized_class_loader
    metasploit-model (0.29.2)
      activesupport
      railties (< 4.0.0)
    metasploit-payloads (0.0.3)
    metasploit_data_models (0.24.5)
      activerecord (>= 3.2.13, < 4.0.0)
      activesupport
<<<<<<< HEAD
<<<<<<< HEAD
<<<<<<< HEAD
<<<<<<< HEAD
>>>>>>> origin/4.11.2_release_pre-rails4
=======
<<<<<<< HEAD
=======
=======
>>>>>>> origin/msf-complex-payloads
=======
>>>>>>> origin/msf-complex-payloads
=======
=======
>>>>>>> rapid7/master
=======
>>>>>>> msf-complex-payloads
>>>>>>> origin/pod/metasploit-api/_index.html
=======
=======
>>>>>>> rapid7/master
>>>>>>> origin/pod/metasploit-excellent.mp3
    metasploit-model (1.0.0)
      activemodel (>= 4.0.9, < 4.1.0)
      activesupport (>= 4.0.9, < 4.1.0)
      railties (>= 4.0.9, < 4.1.0)
    metasploit-payloads (1.0.17)
<<<<<<< HEAD
<<<<<<< HEAD
    metasploit_data_models (1.2.9)
      activerecord (>= 4.0.9, < 4.1.0)
      activesupport (>= 4.0.9, < 4.1.0)
<<<<<<< HEAD
<<<<<<< HEAD
>>>>>>> rapid7/master
=======
>>>>>>> origin/4.11.2_release_pre-rails4
>>>>>>> master
>>>>>>> origin/4.11.2_release_pre-rails4
=======
=======
=======
>>>>>>> origin/pod/metasploit-excellent.mp3
    metasploit_data_models (1.2.9)
      activerecord (>= 4.0.9, < 4.1.0)
      activesupport (>= 4.0.9, < 4.1.0)
<<<<<<< HEAD
<<<<<<< HEAD
<<<<<<< HEAD
<<<<<<< HEAD
<<<<<<< HEAD
<<<<<<< HEAD
=======
>>>>>>> origin/pod/metasploit-excellent.mp3
=======
=======
<<<<<<< HEAD
<<<<<<< HEAD
>>>>>>> chore/MSP-12110/celluloid-supervision-tree
=======
>>>>>>> chore/MSP-12110/celluloid-supervision-tree
=======
>>>>>>> chore/MSP-12110/celluloid-supervision-tree
=======
>>>>>>> 4.11.2_release_pre-rails4
=======
>>>>>>> origin/pod/metasploit-gemfile-
    metasploit-model (0.29.2)
      activesupport
      railties (< 4.0.0)
    metasploit-payloads (0.0.3)
    metasploit_data_models (0.24.5)
      activerecord (>= 3.2.13, < 4.0.0)
      activesupport
<<<<<<< HEAD
<<<<<<< HEAD
<<<<<<< HEAD
<<<<<<< HEAD
<<<<<<< HEAD
=======
>>>>>>> 4.11.2_release_pre-rails4
=======
=======
>>>>>>> 4.11.2_release_pre-rails4
    metasploit-model (1.0.0)
      activemodel (>= 4.0.9, < 4.1.0)
      activesupport (>= 4.0.9, < 4.1.0)
      railties (>= 4.0.9, < 4.1.0)
<<<<<<< HEAD
<<<<<<< HEAD
    metasploit-payloads (1.0.19)
    metasploit_data_models (1.2.9)
      activerecord (>= 4.0.9, < 4.1.0)
      activesupport (>= 4.0.9, < 4.1.0)
=======
=======
>>>>>>> 4.11.2_release_pre-rails4
    metasploit-payloads (1.0.17)
    metasploit_data_models (1.2.9)
      activerecord (>= 4.0.9, < 4.1.0)
      activesupport (>= 4.0.9, < 4.1.0)
>>>>>>> rapid7/master
<<<<<<< HEAD
>>>>>>> 4.11.2_release_pre-rails4
=======
=======
>>>>>>> chore/MSP-12110/celluloid-supervision-tree
=======
>>>>>>> chore/MSP-12110/celluloid-supervision-tree
<<<<<<< HEAD
>>>>>>> origin/pod/metasploit-api/_index.html
=======
>>>>>>> origin/pod/metasploit-excellent.mp3
>>>>>>> origin/4.11.2_release_pre-rails4
=======
=======
>>>>>>> origin/pod/metasploit-gemfile-
>>>>>>> origin/4.11.2_release_pre-rails4
<<<<<<< HEAD
<<<<<<< HEAD
<<<<<<< HEAD
<<<<<<< HEAD
<<<<<<< HEAD
>>>>>>> master
=======
<<<<<<< HEAD
>>>>>>> origin/pod/metasploit-serialized_class_loader
=======
>>>>>>> origin/pod/metasploit-gemfile-
>>>>>>> master
=======
>>>>>>> rapid7/master
=======
<<<<<<< HEAD
<<<<<<< HEAD
>>>>>>> rapid7/master
=======
>>>>>>> rapid7/master
<<<<<<< HEAD
<<<<<<< HEAD
>>>>>>> origin/chore/MSP-12110/celluloid-supervision-tree
=======
>>>>>>> origin/msf-complex-payloads
=======
>>>>>>> origin/msf-complex-payloads
=======
>>>>>>> origin/4.11.2_release_pre-rails4
<<<<<<< HEAD
=======
=======
>>>>>>> origin/pod/metasploit-gemfile-
>>>>>>> master
=======
>>>>>>> master
=======
<<<<<<< HEAD
>>>>>>> origin/pod/metasploit-serialized_class_loader
>>>>>>> master
=======
>>>>>>> master
=======
<<<<<<< HEAD
>>>>>>> rapid7/master
>>>>>>> origin/payload-generator.rb
=======
<<<<<<< HEAD
=======
>>>>>>> origin/pod/metasploit-excellent.mp3
<<<<<<< HEAD
>>>>>>> chore/MSP-12110/celluloid-supervision-tree
=======
>>>>>>> chore/MSP-12110/celluloid-supervision-tree
=======
>>>>>>> chore/MSP-12110/celluloid-supervision-tree
=======
>>>>>>> 4.11.2_release_pre-rails4
<<<<<<< HEAD
=======
>>>>>>> msf-complex-payloads
>>>>>>> origin/pod/metasploit-api/_index.html
=======
>>>>>>> origin/pod/metasploit-excellent.mp3
=======
    metasploit-payloads (1.0.19)
    metasploit_data_models (1.2.9)
      activerecord (>= 4.0.9, < 4.1.0)
      activesupport (>= 4.0.9, < 4.1.0)
>>>>>>> rapid7/master
>>>>>>> origin/pod/metasploit-serialized_class_loader
=======
>>>>>>> master
=======
>>>>>>> master
>>>>>>> origin/pod/metasploit-gemfile-
      arel-helpers
      metasploit-concern (~> 1.0)
      metasploit-model (~> 1.0)
      pg
      postgres_ext
      railties (>= 4.0.9, < 4.1.0)
      recog (~> 2.0)
<<<<<<< HEAD
    method_source (0.8.2)
    mime-types (2.6.1)
<<<<<<< HEAD
<<<<<<< HEAD
<<<<<<< HEAD
<<<<<<< HEAD
<<<<<<< HEAD
<<<<<<< HEAD
    mini_portile2 (2.0.0)
=======
    mini_portile (0.6.2)
<<<<<<< HEAD
>>>>>>> origin/4.11.2_release_pre-rails4
=======
    mini_portile (0.6.2)
<<<<<<< HEAD
<<<<<<< HEAD
=======
>>>>>>> origin/pod/metasploit-excellent.mp3
<<<<<<< HEAD
<<<<<<< HEAD
<<<<<<< HEAD
<<<<<<< HEAD
=======
<<<<<<< HEAD
=======
=======
>>>>>>> origin/pod/metasploit-excellent.mp3
<<<<<<< HEAD
=======
>>>>>>> chore/MSP-12110/celluloid-supervision-tree
<<<<<<< HEAD
=======
>>>>>>> chore/MSP-12110/celluloid-supervision-tree
<<<<<<< HEAD
<<<<<<< HEAD
<<<<<<< HEAD
<<<<<<< HEAD
>>>>>>> origin/pod/metasploit-api/_index.html
=======
>>>>>>> origin/pod/metasploit-excellent.mp3
<<<<<<< HEAD
<<<<<<< HEAD
<<<<<<< HEAD
    msgpack (0.5.11)
    multi_json (1.0.4)
=======
=======
>>>>>>> rapid7/master
=======
>>>>>>> rapid7/master
=======
>>>>>>> rapid7/master
=======
>>>>>>> master
=======
>>>>>>> rapid7/master
=======
>>>>>>> rapid7/master
=======
>>>>>>> rapid7/master
<<<<<<< HEAD
<<<<<<< HEAD
>>>>>>> origin/chore/MSP-12110/celluloid-supervision-tree
=======
    mini_portile (0.6.2)
>>>>>>> origin/msf-complex-payloads
=======
    mini_portile (0.6.2)
>>>>>>> origin/msf-complex-payloads
=======
    mini_portile (0.6.2)
>>>>>>> origin/payload-generator.rb
=======
<<<<<<< HEAD
=======
>>>>>>> origin/pod/metasploit-excellent.mp3
<<<<<<< HEAD
>>>>>>> chore/MSP-12110/celluloid-supervision-tree
=======
>>>>>>> chore/MSP-12110/celluloid-supervision-tree
=======
>>>>>>> chore/MSP-12110/celluloid-supervision-tree
=======
>>>>>>> 4.11.2_release_pre-rails4
<<<<<<< HEAD
=======
>>>>>>> msf-complex-payloads
>>>>>>> origin/pod/metasploit-api/_index.html
=======
>>>>>>> origin/pod/metasploit-excellent.mp3
=======
    mini_portile (0.6.2)
>>>>>>> origin/pod/metasploit-serialized_class_loader
    minitest (4.7.5)
    msgpack (0.7.1)
    multi_json (1.11.2)
    multi_test (0.1.2)
<<<<<<< HEAD
<<<<<<< HEAD
<<<<<<< HEAD
<<<<<<< HEAD
<<<<<<< HEAD
<<<<<<< HEAD
<<<<<<< HEAD
=======
<<<<<<< HEAD
>>>>>>> origin/pod/metasploit-api/_index.html
=======
>>>>>>> origin/pod/metasploit-excellent.mp3
    network_interface (0.0.1)
<<<<<<< HEAD
<<<<<<< HEAD
<<<<<<< HEAD
    nokogiri (1.6.6.2)
      mini_portile (~> 0.6.0)
<<<<<<< HEAD
<<<<<<< HEAD
<<<<<<< HEAD
<<<<<<< HEAD
=======
    nokogiri (1.6.7)
      mini_portile2 (~> 2.0.0.rc2)
    openssl-ccm (1.2.1)
>>>>>>> rapid7/master
=======
    nokogiri (1.6.7)
      mini_portile2 (~> 2.0.0.rc2)
    openssl-ccm (1.2.1)
>>>>>>> rapid7/master
=======
    nokogiri (1.6.7)
      mini_portile2 (~> 2.0.0.rc2)
    openssl-ccm (1.2.1)
>>>>>>> rapid7/master
=======
<<<<<<< HEAD
=======
>>>>>>> origin/4.11.2_release_pre-rails4
=======
<<<<<<< HEAD
<<<<<<< HEAD
=======
    openssl-ccm (1.2.1)
=======
    openssl-ccm (1.2.1)
>>>>>>> origin/pod/metasploit-excellent.mp3
=======
<<<<<<< HEAD
=======
<<<<<<< HEAD
=======
>>>>>>> chore/MSP-12110/celluloid-supervision-tree
<<<<<<< HEAD
=======
>>>>>>> chore/MSP-12110/celluloid-supervision-tree
<<<<<<< HEAD
>>>>>>> origin/pod/metasploit-api/_index.html
=======
>>>>>>> origin/pod/metasploit-excellent.mp3
<<<<<<< HEAD
<<<<<<< HEAD
<<<<<<< HEAD
<<<<<<< HEAD
<<<<<<< HEAD
>>>>>>> rapid7/master
=======
>>>>>>> rapid7/master
=======
>>>>>>> rapid7/master
=======
>>>>>>> rapid7/master
<<<<<<< HEAD
<<<<<<< HEAD
=======
<<<<<<< HEAD
<<<<<<< HEAD
>>>>>>> origin/pod/metasploit-api/_index.html
    network_interface (0.0.1)
    nokogiri (1.6.6.2)
      mini_portile (~> 0.6.0)
=======
    network_interface (0.0.1)
    nokogiri (1.6.6.2)
      mini_portile (~> 0.6.0)
<<<<<<< HEAD
<<<<<<< HEAD
>>>>>>> master
=======
<<<<<<< HEAD
    network_interface (0.0.1)
    nokogiri (1.6.6.2)
      mini_portile (~> 0.6.0)
>>>>>>> origin/pod/metasploit-excellent.mp3
=======
    network_interface (0.0.1)
    nokogiri (1.6.6.2)
      mini_portile (~> 0.6.0)
<<<<<<< HEAD
>>>>>>> rapid7/master
=======
=======
>>>>>>> origin/pod/metasploit-excellent.mp3
=======
=======
>>>>>>> chore/MSP-12110/celluloid-supervision-tree
    network_interface (0.0.1)
    nokogiri (1.6.6.2)
      mini_portile (~> 0.6.0)
<<<<<<< HEAD
>>>>>>> origin/pod/metasploit-api/_index.html
=======
>>>>>>> origin/pod/metasploit-excellent.mp3
=======
    network_interface (0.0.1)
    nokogiri (1.6.6.2)
      mini_portile (~> 0.6.0)
<<<<<<< HEAD
<<<<<<< HEAD
>>>>>>> rapid7/master
=======
<<<<<<< HEAD
=======
>>>>>>> origin/pod/metasploit-excellent.mp3
>>>>>>> chore/MSP-12110/celluloid-supervision-tree
=======
>>>>>>> chore/MSP-12110/celluloid-supervision-tree
<<<<<<< HEAD
>>>>>>> master
<<<<<<< HEAD
>>>>>>> origin/pod/metasploit-api/_index.html
=======
>>>>>>> origin/pod/metasploit-excellent.mp3
=======
    network_interface (0.0.1)
    nokogiri (1.6.6.2)
      mini_portile (~> 0.6.0)
>>>>>>> rapid7/master
<<<<<<< HEAD
<<<<<<< HEAD
>>>>>>> origin/chore/MSP-12110/celluloid-supervision-tree
=======
>>>>>>> origin/pod/metasploit-api/_index.html
=======
>>>>>>> origin/pod/metasploit-excellent.mp3
=======
    network_interface (0.0.1)
    nokogiri (1.6.6.2)
      mini_portile (~> 0.6.0)
<<<<<<< HEAD
<<<<<<< HEAD
>>>>>>> origin/msf-complex-payloads
=======
>>>>>>> rapid7/master
>>>>>>> origin/pod/metasploit-api/_index.html
=======
>>>>>>> rapid7/master
>>>>>>> origin/pod/metasploit-excellent.mp3
=======
    network_interface (0.0.1)
    nokogiri (1.6.6.2)
      mini_portile (~> 0.6.0)
<<<<<<< HEAD
<<<<<<< HEAD
>>>>>>> origin/msf-complex-payloads
=======
>>>>>>> rapid7/master
>>>>>>> origin/pod/metasploit-api/_index.html
=======
>>>>>>> rapid7/master
    packetfu (1.1.11)
      network_interface (~> 0.0)
      pcaprub (~> 0.12)
    pcaprub (0.12.0)
    pg (0.18.3)
    pg_array_parser (0.0.9)
    postgres_ext (2.4.1)
      activerecord (>= 4.0.0)
      arel (>= 4.0.1)
      pg_array_parser (~> 0.0.9)
    pry (0.10.1)
<<<<<<< HEAD
<<<<<<< HEAD
<<<<<<< HEAD
<<<<<<< HEAD
=======
=======
<<<<<<< HEAD
<<<<<<< HEAD
>>>>>>> chore/MSP-12110/celluloid-supervision-tree
=======
>>>>>>> chore/MSP-12110/celluloid-supervision-tree
=======
>>>>>>> chore/MSP-12110/celluloid-supervision-tree
>>>>>>> origin/pod/metasploit-excellent.mp3
=======
    network_interface (0.0.1)
    nokogiri (1.6.6.2)
      mini_portile (~> 0.6.0)
<<<<<<< HEAD
<<<<<<< HEAD
<<<<<<< HEAD
<<<<<<< HEAD
<<<<<<< HEAD
=======
<<<<<<< HEAD
>>>>>>> master
=======
>>>>>>> master
=======
>>>>>>> rapid7/master
>>>>>>> origin/payload-generator.rb
=======
>>>>>>> msf-complex-payloads
>>>>>>> origin/pod/metasploit-api/_index.html
=======
>>>>>>> 4.11.2_release_pre-rails4
    packetfu (1.1.9)
    pcaprub (0.11.3)
    pg (0.18.2)
    polyglot (0.3.5)
    pry (0.10.0)
<<<<<<< HEAD
<<<<<<< HEAD
<<<<<<< HEAD
<<<<<<< HEAD
=======
>>>>>>> 4.11.2_release_pre-rails4
=======
=======
>>>>>>> 4.11.2_release_pre-rails4
>>>>>>> origin/pod/metasploit-excellent.mp3
    packetfu (1.1.11)
      network_interface (~> 0.0)
      pcaprub (~> 0.12)
    pcaprub (0.12.0)
    pg (0.18.3)
    pg_array_parser (0.0.9)
    postgres_ext (2.4.1)
      activerecord (>= 4.0.0)
      arel (>= 4.0.1)
      pg_array_parser (~> 0.0.9)
    pry (0.10.1)
<<<<<<< HEAD
<<<<<<< HEAD
<<<<<<< HEAD
<<<<<<< HEAD
<<<<<<< HEAD
=======
<<<<<<< HEAD
<<<<<<< HEAD
=======
>>>>>>> master
>>>>>>> origin/4.11.2_release_pre-rails4
=======
<<<<<<< HEAD
<<<<<<< HEAD
<<<<<<< HEAD
<<<<<<< HEAD
=======
=======
>>>>>>> origin/chore/MSP-12110/celluloid-supervision-tree
=======
=======
>>>>>>> master
=======
>>>>>>> origin/payload-generator.rb
=======
<<<<<<< HEAD
<<<<<<< HEAD
=======
=======
<<<<<<< HEAD
<<<<<<< HEAD
>>>>>>> chore/MSP-12110/celluloid-supervision-tree
=======
>>>>>>> chore/MSP-12110/celluloid-supervision-tree
=======
>>>>>>> chore/MSP-12110/celluloid-supervision-tree
=======
=======
>>>>>>> origin/pod/metasploit-serialized_class_loader
    network_interface (0.0.1)
    nokogiri (1.6.6.2)
      mini_portile (~> 0.6.0)
<<<<<<< HEAD
<<<<<<< HEAD
>>>>>>> 4.11.2_release_pre-rails4
>>>>>>> origin/pod/metasploit-api/_index.html
=======
<<<<<<< HEAD
<<<<<<< HEAD
<<<<<<< HEAD
<<<<<<< HEAD
<<<<<<< HEAD
<<<<<<< HEAD
<<<<<<< HEAD
=======
<<<<<<< HEAD
>>>>>>> master
=======
>>>>>>> master
=======
>>>>>>> rapid7/master
=======
>>>>>>> master
=======
>>>>>>> master
=======
>>>>>>> master
=======
>>>>>>> master
=======
    openssl-ccm (1.2.1)
>>>>>>> rapid7/master
    packetfu (1.1.11)
      network_interface (~> 0.0)
      pcaprub (~> 0.12)
    pcaprub (0.12.0)
    pg (0.18.3)
    pg_array_parser (0.0.9)
    postgres_ext (2.4.1)
      activerecord (>= 4.0.0)
      arel (>= 4.0.1)
      pg_array_parser (~> 0.0.9)
    pry (0.10.1)
<<<<<<< HEAD
<<<<<<< HEAD
<<<<<<< HEAD
<<<<<<< HEAD
<<<<<<< HEAD
<<<<<<< HEAD
<<<<<<< HEAD
<<<<<<< HEAD
=======
=======
>>>>>>> master
=======
>>>>>>> master
=======
>>>>>>> master
=======
>>>>>>> master
=======
>>>>>>> master
=======
>>>>>>> origin/pod/metasploit-serialized_class_loader
    packetfu (1.1.9)
    pcaprub (0.11.3)
    pg (0.18.2)
    polyglot (0.3.5)
    pry (0.10.0)
<<<<<<< HEAD
<<<<<<< HEAD
<<<<<<< HEAD
<<<<<<< HEAD
<<<<<<< HEAD
>>>>>>> origin/4.11.2_release_pre-rails4
=======
<<<<<<< HEAD
=======
=======
<<<<<<< HEAD
=======
>>>>>>> 4.11.2_release_pre-rails4
=======
=======
>>>>>>> 4.11.2_release_pre-rails4
>>>>>>> origin/pod/metasploit-api/_index.html
    packetfu (1.1.11)
      network_interface (~> 0.0)
      pcaprub (~> 0.12)
    pcaprub (0.12.0)
    pg (0.18.3)
    pg_array_parser (0.0.9)
    postgres_ext (2.4.1)
      activerecord (>= 4.0.0)
      arel (>= 4.0.1)
      pg_array_parser (~> 0.0.9)
    pry (0.10.1)
<<<<<<< HEAD
>>>>>>> rapid7/master
=======
>>>>>>> origin/4.11.2_release_pre-rails4
>>>>>>> master
>>>>>>> origin/4.11.2_release_pre-rails4
=======
=======
<<<<<<< HEAD
<<<<<<< HEAD
=======
>>>>>>> origin/pod/metasploit-excellent.mp3
=======
>>>>>>> rapid7/master
>>>>>>> 4.11.2_release_pre-rails4
=======
=======
>>>>>>> chore/MSP-12110/celluloid-supervision-tree
=======
>>>>>>> chore/MSP-12110/celluloid-supervision-tree
<<<<<<< HEAD
>>>>>>> origin/pod/metasploit-api/_index.html
=======
>>>>>>> origin/pod/metasploit-excellent.mp3
>>>>>>> origin/4.11.2_release_pre-rails4
>>>>>>> master
=======
>>>>>>> rapid7/master
=======
>>>>>>> rapid7/master
=======
>>>>>>> rapid7/master
<<<<<<< HEAD
<<<<<<< HEAD
>>>>>>> origin/chore/MSP-12110/celluloid-supervision-tree
=======
>>>>>>> origin/msf-complex-payloads
=======
>>>>>>> origin/msf-complex-payloads
=======
>>>>>>> origin/4.11.2_release_pre-rails4
<<<<<<< HEAD
>>>>>>> master
=======
>>>>>>> master
=======
>>>>>>> rapid7/master
>>>>>>> origin/payload-generator.rb
=======
<<<<<<< HEAD
=======
>>>>>>> origin/pod/metasploit-excellent.mp3
=======
>>>>>>> rapid7/master
=======
>>>>>>> origin/4.11.2_release_pre-rails4
>>>>>>> master
>>>>>>> 4.11.2_release_pre-rails4
=======
=======
>>>>>>> chore/MSP-12110/celluloid-supervision-tree
>>>>>>> origin/4.11.2_release_pre-rails4
>>>>>>> master
=======
>>>>>>> rapid7/master
<<<<<<< HEAD
<<<<<<< HEAD
=======
=======
>>>>>>> 4.11.2_release_pre-rails4
    metasploit-payloads (1.0.17)
    metasploit_data_models (1.2.9)
      activerecord (>= 4.0.9, < 4.1.0)
      activesupport (>= 4.0.9, < 4.1.0)
>>>>>>> rapid7/master
<<<<<<< HEAD
>>>>>>> origin/pod/metasploit-windows.rb
>>>>>>> 4.11.2_release_pre-rails4
=======
=======
>>>>>>> chore/MSP-12110/celluloid-supervision-tree
=======
>>>>>>> chore/MSP-12110/celluloid-supervision-tree
<<<<<<< HEAD
=======
>>>>>>> chore/MSP-12110/celluloid-supervision-tree
=======
>>>>>>> chore/MSP-12110/celluloid-supervision-tree
=======
>>>>>>> origin/pod/metasploit-windows.rb
>>>>>>> origin/4.11.2_release_pre-rails4
>>>>>>> master
=======
>>>>>>> rapid7/master
=======
>>>>>>> rapid7/master
=======
>>>>>>> rapid7/master
<<<<<<< HEAD
=======
>>>>>>> origin/4.11.2_release_pre-rails4
>>>>>>> origin/pod/metasploit-serialized_class_loader
<<<<<<< HEAD
<<<<<<< HEAD
<<<<<<< HEAD
=======
>>>>>>> origin/pod/metasploit-windows.rb
<<<<<<< HEAD
<<<<<<< HEAD
>>>>>>> chore/MSP-12110/celluloid-supervision-tree
=======
>>>>>>> chore/MSP-12110/celluloid-supervision-tree
=======
>>>>>>> chore/MSP-12110/celluloid-supervision-tree
=======
>>>>>>> 4.11.2_release_pre-rails4
=======
>>>>>>> msf-complex-payloads
=======
>>>>>>> msf-complex-payloads
=======
>>>>>>> origin/4.11.2_release_pre-rails4
<<<<<<< HEAD
<<<<<<< HEAD
<<<<<<< HEAD
=======
=======
<<<<<<< HEAD
>>>>>>> origin/pod/metasploit-serialized_class_loader
>>>>>>> master
=======
>>>>>>> master
=======
>>>>>>> rapid7/master
=======
<<<<<<< HEAD
>>>>>>> pod/metasploit-gemfile-
=======
>>>>>>> origin/pod/metasploit-serialized_class_loader
=======
>>>>>>> origin/pod/metasploit-windows.rb
>>>>>>> master
=======
>>>>>>> master
=======
<<<<<<< HEAD
<<<<<<< HEAD
<<<<<<< HEAD
=======
>>>>>>> origin/pod/metasploit-windows.rb
>>>>>>> rapid7/master
=======
>>>>>>> master
>>>>>>> payload-generator.rb
<<<<<<< HEAD
=======
>>>>>>> master
=======
>>>>>>> master
>>>>>>> pod/metasploit-gemfile-
>>>>>>> pod/metasploit-inject.vcxproj.filters-master_0
=======
>>>>>>> chore/MSP-12110/celluloid-supervision-tree
=======
>>>>>>> chore/MSP-12110/celluloid-supervision-tree
=======
=======
>>>>>>> rapid7/master
=======
>>>>>>> rapid7/master
>>>>>>> chore/MSP-12110/celluloid-supervision-tree
=======
>>>>>>> origin/pod/metasploit-windows.rb
      arel-helpers
      metasploit-concern (~> 1.0)
      metasploit-model (~> 1.0)
      pg
      postgres_ext
      railties (>= 4.0.9, < 4.1.0)
      recog (~> 2.0)
    method_source (0.8.2)
    mime-types (2.6.1)
    mini_portile (0.6.2)
<<<<<<< HEAD
<<<<<<< HEAD
<<<<<<< HEAD
<<<<<<< HEAD
<<<<<<< HEAD
<<<<<<< HEAD
<<<<<<< HEAD
<<<<<<< HEAD
<<<<<<< HEAD
<<<<<<< HEAD
<<<<<<< HEAD
<<<<<<< HEAD
=======
>>>>>>> origin/pod/metasploit-windows.rb
=======
<<<<<<< HEAD
=======
>>>>>>> chore/MSP-12110/celluloid-supervision-tree
<<<<<<< HEAD
=======
>>>>>>> chore/MSP-12110/celluloid-supervision-tree
<<<<<<< HEAD
<<<<<<< HEAD
<<<<<<< HEAD
<<<<<<< HEAD
<<<<<<< HEAD
<<<<<<< HEAD
<<<<<<< HEAD
=======
>>>>>>> chore/MSP-12110/celluloid-supervision-tree
=======
>>>>>>> chore/MSP-12110/celluloid-supervision-tree
=======
>>>>>>> chore/MSP-12110/celluloid-supervision-tree
=======
>>>>>>> origin/pod/metasploit-windows.rb
    msgpack (0.5.11)
    multi_json (1.0.4)
=======
=======
>>>>>>> rapid7/master
=======
>>>>>>> rapid7/master
=======
>>>>>>> rapid7/master
=======
>>>>>>> master
=======
>>>>>>> rapid7/master
=======
>>>>>>> rapid7/master
=======
>>>>>>> rapid7/master
<<<<<<< HEAD
<<<<<<< HEAD
<<<<<<< HEAD
<<<<<<< HEAD
<<<<<<< HEAD
<<<<<<< HEAD
=======
>>>>>>> origin/pod/metasploit-windows.rb
>>>>>>> chore/MSP-12110/celluloid-supervision-tree
=======
>>>>>>> chore/MSP-12110/celluloid-supervision-tree
=======
>>>>>>> chore/MSP-12110/celluloid-supervision-tree
=======
>>>>>>> 4.11.2_release_pre-rails4
=======
>>>>>>> msf-complex-payloads
=======
>>>>>>> msf-complex-payloads
=======
>>>>>>> payload-generator.rb
<<<<<<< HEAD
=======
>>>>>>> pod/metasploit-gemfile-
=======
>>>>>>> chore/MSP-12110/celluloid-supervision-tree
=======
>>>>>>> chore/MSP-12110/celluloid-supervision-tree
=======
>>>>>>> chore/MSP-12110/celluloid-supervision-tree
=======
    method_source (0.8.2)
    mime-types (2.6.1)
    mini_portile (0.6.2)
>>>>>>> origin/pod/metasploit-gemfile-
=======
>>>>>>> origin/pod/metasploit-windows.rb
    minitest (4.7.5)
    msgpack (0.7.1)
    multi_json (1.11.2)
    multi_test (0.1.2)
<<<<<<< HEAD
<<<<<<< HEAD
<<<<<<< HEAD
<<<<<<< HEAD
<<<<<<< HEAD
<<<<<<< HEAD
<<<<<<< HEAD
<<<<<<< HEAD
<<<<<<< HEAD
<<<<<<< HEAD
<<<<<<< HEAD
<<<<<<< HEAD
<<<<<<< HEAD
=======
>>>>>>> origin/pod/metasploit-windows.rb
=======
>>>>>>> payload-generator.rb
    network_interface (0.0.1)
    nokogiri (1.6.6.2)
      mini_portile (~> 0.6.0)
<<<<<<< HEAD
<<<<<<< HEAD
    openssl-ccm (1.2.1)
=======
<<<<<<< HEAD
<<<<<<< HEAD
<<<<<<< HEAD
<<<<<<< HEAD
=======
>>>>>>> 4.11.2_release_pre-rails4
=======
=======
>>>>>>> origin/pod/metasploit-windows.rb
=======
<<<<<<< HEAD
=======
>>>>>>> chore/MSP-12110/celluloid-supervision-tree
<<<<<<< HEAD
=======
>>>>>>> chore/MSP-12110/celluloid-supervision-tree
<<<<<<< HEAD
<<<<<<< HEAD
<<<<<<< HEAD
<<<<<<< HEAD
<<<<<<< HEAD
<<<<<<< HEAD
=======
>>>>>>> chore/MSP-12110/celluloid-supervision-tree
=======
>>>>>>> chore/MSP-12110/celluloid-supervision-tree
=======
>>>>>>> chore/MSP-12110/celluloid-supervision-tree
=======
>>>>>>> origin/pod/metasploit-windows.rb
>>>>>>> rapid7/master
=======
>>>>>>> rapid7/master
=======
>>>>>>> rapid7/master
=======
>>>>>>> rapid7/master
<<<<<<< HEAD
<<<<<<< HEAD
<<<<<<< HEAD
<<<<<<< HEAD
<<<<<<< HEAD
<<<<<<< HEAD
=======
>>>>>>> origin/pod/metasploit-windows.rb
    network_interface (0.0.1)
    nokogiri (1.6.6.2)
      mini_portile (~> 0.6.0)
=======
<<<<<<< HEAD
=======
>>>>>>> chore/MSP-12110/celluloid-supervision-tree
=======
>>>>>>> chore/MSP-12110/celluloid-supervision-tree
=======
>>>>>>> origin/pod/metasploit-windows.rb
    network_interface (0.0.1)
    nokogiri (1.6.6.2)
      mini_portile (~> 0.6.0)
=======
<<<<<<< HEAD
<<<<<<< HEAD
<<<<<<< HEAD
=======
>>>>>>> origin/pod/metasploit-windows.rb
=======
>>>>>>> chore/MSP-12110/celluloid-supervision-tree
    network_interface (0.0.1)
    nokogiri (1.6.6.2)
      mini_portile (~> 0.6.0)
=======
<<<<<<< HEAD
=======
>>>>>>> chore/MSP-12110/celluloid-supervision-tree
=======
>>>>>>> origin/pod/metasploit-windows.rb
    network_interface (0.0.1)
    nokogiri (1.6.6.2)
      mini_portile (~> 0.6.0)
<<<<<<< HEAD
<<<<<<< HEAD
<<<<<<< HEAD
=======
>>>>>>> origin/pod/metasploit-windows.rb
>>>>>>> chore/MSP-12110/celluloid-supervision-tree
=======
>>>>>>> chore/MSP-12110/celluloid-supervision-tree
<<<<<<< HEAD
<<<<<<< HEAD
=======
>>>>>>> chore/MSP-12110/celluloid-supervision-tree
=======
>>>>>>> origin/pod/metasploit-windows.rb
>>>>>>> master
=======
    network_interface (0.0.1)
    nokogiri (1.6.6.2)
      mini_portile (~> 0.6.0)
>>>>>>> rapid7/master
=======
    network_interface (0.0.1)
    nokogiri (1.6.6.2)
      mini_portile (~> 0.6.0)
<<<<<<< HEAD
<<<<<<< HEAD
>>>>>>> chore/MSP-12110/celluloid-supervision-tree
=======
=======
>>>>>>> chore/MSP-12110/celluloid-supervision-tree
    network_interface (0.0.1)
    nokogiri (1.6.6.2)
      mini_portile (~> 0.6.0)
<<<<<<< HEAD
<<<<<<< HEAD
>>>>>>> rapid7/master
=======
<<<<<<< HEAD
>>>>>>> master
>>>>>>> chore/MSP-12110/celluloid-supervision-tree
=======
=======
>>>>>>> rapid7/master
=======
>>>>>>> chore/MSP-12110/celluloid-supervision-tree
=======
>>>>>>> master
=======
>>>>>>> chore/MSP-12110/celluloid-supervision-tree
=======
>>>>>>> rapid7/master
=======
>>>>>>> origin/pod/metasploit-windows.rb
    network_interface (0.0.1)
    nokogiri (1.6.6.2)
      mini_portile (~> 0.6.0)
>>>>>>> rapid7/master
<<<<<<< HEAD
<<<<<<< HEAD
<<<<<<< HEAD
=======
>>>>>>> origin/pod/metasploit-windows.rb
=======
    network_interface (0.0.1)
    nokogiri (1.6.6.2)
      mini_portile (~> 0.6.0)
<<<<<<< HEAD
<<<<<<< HEAD
>>>>>>> msf-complex-payloads
=======
>>>>>>> chore/MSP-12110/celluloid-supervision-tree
=======
    network_interface (0.0.1)
    nokogiri (1.6.6.2)
      mini_portile (~> 0.6.0)
<<<<<<< HEAD
>>>>>>> msf-complex-payloads
=======
=======
>>>>>>> rapid7/master
>>>>>>> chore/MSP-12110/celluloid-supervision-tree
=======
>>>>>>> rapid7/master
>>>>>>> chore/MSP-12110/celluloid-supervision-tree
=======
=======
>>>>>>> origin/pod/metasploit-gemfile-
    network_interface (0.0.1)
    nokogiri (1.6.6.2)
      mini_portile (~> 0.6.0)
<<<<<<< HEAD
<<<<<<< HEAD
<<<<<<< HEAD
<<<<<<< HEAD
<<<<<<< HEAD
<<<<<<< HEAD
<<<<<<< HEAD
>>>>>>> pod/metasploit-gemfile-
<<<<<<< HEAD
<<<<<<< HEAD
=======
>>>>>>> origin/pod/metasploit-gemfile-
<<<<<<< HEAD
=======
>>>>>>> msf-complex-payloads
=======
    network_interface (0.0.1)
    nokogiri (1.6.6.2)
      mini_portile (~> 0.6.0)
>>>>>>> msf-complex-payloads
=======
<<<<<<< HEAD
<<<<<<< HEAD
<<<<<<< HEAD
>>>>>>> origin/pod/metasploit-windows.rb
=======
<<<<<<< HEAD
>>>>>>> master
=======
>>>>>>> master
=======
>>>>>>> rapid7/master
=======
>>>>>>> master
<<<<<<< HEAD
<<<<<<< HEAD
<<<<<<< HEAD
>>>>>>> payload-generator.rb
=======
=======
>>>>>>> origin/pod/metasploit-gemfile-
=======
>>>>>>> master
=======
>>>>>>> master
=======
>>>>>>> master
<<<<<<< HEAD
>>>>>>> pod/metasploit-gemfile-
>>>>>>> pod/metasploit-inject.vcxproj.filters-master_0
=======
>>>>>>> rapid7/master
>>>>>>> chore/MSP-12110/celluloid-supervision-tree
=======
>>>>>>> chore/MSP-12110/celluloid-supervision-tree
=======
>>>>>>> rapid7/master
>>>>>>> chore/MSP-12110/celluloid-supervision-tree
=======
>>>>>>> origin/pod/metasploit-gemfile-
    packetfu (1.1.11)
      network_interface (~> 0.0)
      pcaprub (~> 0.12)
    pcaprub (0.12.0)
    pg (0.18.3)
    pg_array_parser (0.0.9)
    postgres_ext (2.4.1)
      activerecord (>= 4.0.0)
      arel (>= 4.0.1)
      pg_array_parser (~> 0.0.9)
    pry (0.10.1)
<<<<<<< HEAD
<<<<<<< HEAD
<<<<<<< HEAD
<<<<<<< HEAD
<<<<<<< HEAD
=======
=======
<<<<<<< HEAD
>>>>>>> master
=======
<<<<<<< HEAD
<<<<<<< HEAD
<<<<<<< HEAD
<<<<<<< HEAD
<<<<<<< HEAD
<<<<<<< HEAD
=======
=======
<<<<<<< HEAD
<<<<<<< HEAD
<<<<<<< HEAD
>>>>>>> chore/MSP-12110/celluloid-supervision-tree
=======
>>>>>>> chore/MSP-12110/celluloid-supervision-tree
=======
>>>>>>> chore/MSP-12110/celluloid-supervision-tree
=======
    network_interface (0.0.1)
    nokogiri (1.6.6.2)
      mini_portile (~> 0.6.0)
<<<<<<< HEAD
>>>>>>> 4.11.2_release_pre-rails4
=======
=======
<<<<<<< HEAD
<<<<<<< HEAD
<<<<<<< HEAD
>>>>>>> origin/pod/metasploit-gemfile-
=======
=======
>>>>>>> master
=======
>>>>>>> master
=======
>>>>>>> master
<<<<<<< HEAD
>>>>>>> pod/metasploit-gemfile-
=======
>>>>>>> origin/pod/metasploit-gemfile-
=======
>>>>>>> master
=======
>>>>>>> master
=======
<<<<<<< HEAD
<<<<<<< HEAD
>>>>>>> payload-generator.rb
=======
>>>>>>> pod/metasploit-gemfile-
>>>>>>> pod/metasploit-inject.vcxproj.filters-master_0
=======
<<<<<<< HEAD
<<<<<<< HEAD
=======
=======
>>>>>>> chore/MSP-12110/celluloid-supervision-tree
=======
>>>>>>> origin/pod/metasploit-gemfile-
    packetfu (1.1.9)
    pcaprub (0.11.3)
    pg (0.18.2)
    polyglot (0.3.5)
    pry (0.10.0)
<<<<<<< HEAD
<<<<<<< HEAD
<<<<<<< HEAD
=======
<<<<<<< HEAD
=======
>>>>>>> master
=======
>>>>>>> origin/4.11.2_release_pre-rails4
>>>>>>> pod/metasploit-gemfile-
<<<<<<< HEAD
<<<<<<< HEAD
<<<<<<< HEAD
<<<<<<< HEAD
<<<<<<< HEAD
<<<<<<< HEAD
=======
>>>>>>> 4.11.2_release_pre-rails4
=======
=======
>>>>>>> 4.11.2_release_pre-rails4
>>>>>>> pod/metasploit-inject.vcxproj.filters-master_0
=======
>>>>>>> payload-generator.rb
>>>>>>> origin/pod/metasploit-windows.rb
    packetfu (1.1.11)
      network_interface (~> 0.0)
      pcaprub (~> 0.12)
    pcaprub (0.12.0)
    pg (0.18.3)
    pg_array_parser (0.0.9)
    postgres_ext (2.4.1)
      activerecord (>= 4.0.0)
      arel (>= 4.0.1)
      pg_array_parser (~> 0.0.9)
    pry (0.10.1)
<<<<<<< HEAD
<<<<<<< HEAD
<<<<<<< HEAD
>>>>>>> rapid7/master
=======
>>>>>>> origin/4.11.2_release_pre-rails4
>>>>>>> master
>>>>>>> 4.11.2_release_pre-rails4
=======
<<<<<<< HEAD
>>>>>>> chore/MSP-12110/celluloid-supervision-tree
=======
=======
=======
>>>>>>> chore/MSP-12110/celluloid-supervision-tree
=======
<<<<<<< HEAD
<<<<<<< HEAD
<<<<<<< HEAD
<<<<<<< HEAD
<<<<<<< HEAD
=======
=======
<<<<<<< HEAD
<<<<<<< HEAD
>>>>>>> chore/MSP-12110/celluloid-supervision-tree
=======
>>>>>>> chore/MSP-12110/celluloid-supervision-tree
=======
>>>>>>> chore/MSP-12110/celluloid-supervision-tree
=======
    network_interface (0.0.1)
    nokogiri (1.6.6.2)
      mini_portile (~> 0.6.0)
<<<<<<< HEAD
>>>>>>> 4.11.2_release_pre-rails4
=======
=======
=======
>>>>>>> master
=======
>>>>>>> master
=======
>>>>>>> payload-generator.rb
>>>>>>> origin/pod/metasploit-windows.rb
    packetfu (1.1.9)
    pcaprub (0.11.3)
    pg (0.18.2)
    polyglot (0.3.5)
    pry (0.10.0)
<<<<<<< HEAD
>>>>>>> origin/4.11.2_release_pre-rails4
>>>>>>> master
=======
=======
<<<<<<< HEAD
<<<<<<< HEAD
>>>>>>> origin/pod/metasploit-windows.rb
<<<<<<< HEAD
<<<<<<< HEAD
<<<<<<< HEAD
=======
<<<<<<< HEAD
>>>>>>> rapid7/master
>>>>>>> 4.11.2_release_pre-rails4
=======
=======
>>>>>>> chore/MSP-12110/celluloid-supervision-tree
=======
>>>>>>> 4.11.2_release_pre-rails4
=======
=======
>>>>>>> 4.11.2_release_pre-rails4
    packetfu (1.1.11)
      network_interface (~> 0.0)
      pcaprub (~> 0.12)
    pcaprub (0.12.0)
    pg (0.18.3)
    pg_array_parser (0.0.9)
    postgres_ext (2.4.1)
      activerecord (>= 4.0.0)
      arel (>= 4.0.1)
      pg_array_parser (~> 0.0.9)
    pry (0.10.1)
<<<<<<< HEAD
<<<<<<< HEAD
=======
>>>>>>> rapid7/master
>>>>>>> 4.11.2_release_pre-rails4
=======
>>>>>>> origin/pod/metasploit-windows.rb
=======
>>>>>>> chore/MSP-12110/celluloid-supervision-tree
=======
>>>>>>> chore/MSP-12110/celluloid-supervision-tree
>>>>>>> origin/4.11.2_release_pre-rails4
>>>>>>> master
=======
<<<<<<< HEAD
=======
>>>>>>> chore/MSP-12110/celluloid-supervision-tree
=======
>>>>>>> chore/MSP-12110/celluloid-supervision-tree
=======
>>>>>>> origin/pod/metasploit-windows.rb
>>>>>>> rapid7/master
=======
>>>>>>> rapid7/master
=======
>>>>>>> rapid7/master
<<<<<<< HEAD
<<<<<<< HEAD
<<<<<<< HEAD
<<<<<<< HEAD
<<<<<<< HEAD
>>>>>>> origin/pod/metasploit-framework
<<<<<<< HEAD
=======
>>>>>>> origin/pod/metasploit-windows.rb
>>>>>>> chore/MSP-12110/celluloid-supervision-tree
=======
>>>>>>> chore/MSP-12110/celluloid-supervision-tree
=======
>>>>>>> chore/MSP-12110/celluloid-supervision-tree
=======
>>>>>>> rapid7/master
>>>>>>> 4.11.2_release_pre-rails4
<<<<<<< HEAD
<<<<<<< HEAD
<<<<<<< HEAD
=======
>>>>>>> msf-complex-payloads
>>>>>>> origin/pod/metasploit-api/_index.html
=======
>>>>>>> origin/pod/metasploit-excellent.mp3
=======
=======
>>>>>>> origin/pod/metasploit-windows.rb
=======
>>>>>>> msf-complex-payloads
=======
>>>>>>> msf-complex-payloads
=======
>>>>>>> origin/4.11.2_release_pre-rails4
<<<<<<< HEAD
<<<<<<< HEAD
<<<<<<< HEAD
=======
=======
>>>>>>> origin/4.11.2_release_pre-rails4
<<<<<<< HEAD
<<<<<<< HEAD
<<<<<<< HEAD
<<<<<<< HEAD
<<<<<<< HEAD
>>>>>>> master
=======
>>>>>>> master
=======
>>>>>>> rapid7/master
=======
>>>>>>> master
=======
>>>>>>> origin/pod/metasploit-gemfile-
>>>>>>> master
=======
>>>>>>> master
=======
<<<<<<< HEAD
>>>>>>> rapid7/master
=======
>>>>>>> pod/metasploit-gemfile-
=======
>>>>>>> origin/pod/metasploit-windows.rb
>>>>>>> master
=======
>>>>>>> master
=======
<<<<<<< HEAD
<<<<<<< HEAD
=======
>>>>>>> origin/pod/metasploit-windows.rb
>>>>>>> rapid7/master
=======
>>>>>>> master
>>>>>>> payload-generator.rb
<<<<<<< HEAD
=======
>>>>>>> master
=======
>>>>>>> master
>>>>>>> pod/metasploit-gemfile-
>>>>>>> pod/metasploit-inject.vcxproj.filters-master_0
=======
>>>>>>> chore/MSP-12110/celluloid-supervision-tree
=======
>>>>>>> chore/MSP-12110/celluloid-supervision-tree
=======
>>>>>>> chore/MSP-12110/celluloid-supervision-tree
>>>>>>> origin/pod/metasploit-framework
=======
>>>>>>> master
=======
>>>>>>> master
=======
>>>>>>> rapid7/master
>>>>>>> origin/pod/metasploit-serialized_class_loader
=======
>>>>>>> master
>>>>>>> origin/pod/metasploit-gemfile-
=======
>>>>>>> origin/pod/metasploit-windows.rb
      coderay (~> 1.1.0)
      method_source (~> 0.8.1)
      slop (~> 3.4)
    rack (1.5.5)
    rack-test (0.6.3)
      rack (>= 1.0)
    rails (4.0.13)
      actionmailer (= 4.0.13)
      actionpack (= 4.0.13)
      activerecord (= 4.0.13)
      activesupport (= 4.0.13)
      bundler (>= 1.3.0, < 2.0)
      railties (= 4.0.13)
      sprockets-rails (~> 2.0)
    railties (4.0.13)
      actionpack (= 4.0.13)
      activesupport (= 4.0.13)
      rake (>= 0.8.7)
      thor (>= 0.18.1, < 2.0)
    rake (10.4.2)
<<<<<<< HEAD
<<<<<<< HEAD
<<<<<<< HEAD
<<<<<<< HEAD
<<<<<<< HEAD
=======
<<<<<<< HEAD
<<<<<<< HEAD
>>>>>>> origin/pod/metasploit-api/_index.html
=======
<<<<<<< HEAD
<<<<<<< HEAD
<<<<<<< HEAD
>>>>>>> origin/pod/metasploit-framework
    rb-readline-r7 (0.5.2.0)
    recog (2.0.14)
<<<<<<< HEAD
<<<<<<< HEAD
<<<<<<< HEAD
<<<<<<< HEAD
<<<<<<< HEAD
=======
<<<<<<< HEAD
<<<<<<< HEAD
=======
=======
=======
<<<<<<< HEAD
=======
>>>>>>> origin/pod/metasploit-framework
<<<<<<< HEAD
=======
>>>>>>> chore/MSP-12110/celluloid-supervision-tree
<<<<<<< HEAD
=======
>>>>>>> chore/MSP-12110/celluloid-supervision-tree
<<<<<<< HEAD
>>>>>>> origin/pod/metasploit-api/_index.html
<<<<<<< HEAD
<<<<<<< HEAD
<<<<<<< HEAD
<<<<<<< HEAD
<<<<<<< HEAD
<<<<<<< HEAD
    rb-readline (0.5.2)
    rdoc (3.12.2)
      json (~> 1.4)
    recog (1.0.7)
=======
    rb-readline-r7 (0.5.2.0)
    recog (2.0.14)
>>>>>>> rapid7/master
=======
    rb-readline-r7 (0.5.2.0)
    recog (2.0.14)
>>>>>>> rapid7/master
=======
    rb-readline-r7 (0.5.2.0)
    recog (2.0.14)
>>>>>>> rapid7/master
=======
<<<<<<< HEAD
    rb-readline-r7 (0.5.2.0)
    recog (2.0.14)
>>>>>>> rapid7/master
=======
    rb-readline-r7 (0.5.2.0)
    recog (2.0.14)
>>>>>>> master
=======
    rb-readline-r7 (0.5.2.0)
    recog (2.0.14)
>>>>>>> rapid7/master
=======
    rb-readline-r7 (0.5.2.0)
    recog (2.0.14)
>>>>>>> rapid7/master
=======
    rb-readline-r7 (0.5.2.0)
    recog (2.0.14)
>>>>>>> rapid7/master
>>>>>>> origin/chore/MSP-12110/celluloid-supervision-tree
=======
>>>>>>> origin/msf-complex-payloads
=======
>>>>>>> origin/msf-complex-payloads
=======
>>>>>>> origin/payload-generator.rb
=======
    rb-readline-r7 (0.5.2.0)
    recog (2.0.14)
>>>>>>> rapid7/master
=======
    rb-readline-r7 (0.5.2.0)
    recog (2.0.14)
<<<<<<< HEAD
>>>>>>> master
=======
    rb-readline-r7 (0.5.2.0)
    recog (2.0.14)
<<<<<<< HEAD
>>>>>>> rapid7/master
=======
    rb-readline-r7 (0.5.2.0)
    recog (2.0.14)
>>>>>>> rapid7/master
=======
    rb-readline-r7 (0.5.2.0)
    recog (2.0.14)
=======
<<<<<<< HEAD
    rb-readline-r7 (0.5.2.0)
    recog (2.0.14)
<<<<<<< HEAD
=======
=======
<<<<<<< HEAD
=======
>>>>>>> chore/MSP-12110/celluloid-supervision-tree
>>>>>>> origin/pod/metasploit-framework
=======
    rb-readline-r7 (0.5.2.0)
    recog (2.0.14)
<<<<<<< HEAD
<<<<<<< HEAD
<<<<<<< HEAD
<<<<<<< HEAD
=======
>>>>>>> origin/pod/metasploit-windows.rb
<<<<<<< HEAD
=======
>>>>>>> chore/MSP-12110/celluloid-supervision-tree
<<<<<<< HEAD
=======
>>>>>>> chore/MSP-12110/celluloid-supervision-tree
<<<<<<< HEAD
<<<<<<< HEAD
<<<<<<< HEAD
<<<<<<< HEAD
<<<<<<< HEAD
<<<<<<< HEAD
<<<<<<< HEAD
<<<<<<< HEAD
=======
>>>>>>> origin/pod/metasploit-framework
=======
>>>>>>> origin/pod/metasploit-windows.rb
    rb-readline (0.5.2)
    rdoc (3.12.2)
      json (~> 1.4)
    recog (1.0.7)
=======
    rb-readline-r7 (0.5.2.0)
    recog (2.0.14)
>>>>>>> rapid7/master
=======
    rb-readline-r7 (0.5.2.0)
    recog (2.0.14)
>>>>>>> rapid7/master
=======
    rb-readline-r7 (0.5.2.0)
    recog (2.0.14)
>>>>>>> rapid7/master
=======
<<<<<<< HEAD
    rb-readline-r7 (0.5.2.0)
    recog (2.0.14)
>>>>>>> rapid7/master
=======
    rb-readline-r7 (0.5.2.0)
    recog (2.0.14)
>>>>>>> master
=======
    rb-readline-r7 (0.5.2.0)
    recog (2.0.14)
>>>>>>> rapid7/master
=======
<<<<<<< HEAD
    rb-readline-r7 (0.5.2.0)
    recog (2.0.14)
>>>>>>> rapid7/master
=======
    rb-readline-r7 (0.5.2.0)
    recog (2.0.14)
>>>>>>> origin/pod/metasploit-excellent.mp3
=======
    rb-readline-r7 (0.5.2.0)
    recog (2.0.14)
>>>>>>> rapid7/master
=======
    rb-readline-r7 (0.5.2.0)
    recog (2.0.14)
>>>>>>> master
=======
    rb-readline-r7 (0.5.2.0)
    recog (2.0.14)
>>>>>>> origin/pod/metasploit-windows.rb
>>>>>>> rapid7/master
=======
    rb-readline-r7 (0.5.2.0)
    recog (2.0.14)
>>>>>>> rapid7/master
=======
    rb-readline-r7 (0.5.2.0)
    recog (2.0.14)
>>>>>>> rapid7/master
<<<<<<< HEAD
<<<<<<< HEAD
<<<<<<< HEAD
<<<<<<< HEAD
>>>>>>> origin/pod/metasploit-framework
=======
>>>>>>> origin/pod/metasploit-windows.rb
<<<<<<< HEAD
<<<<<<< HEAD
>>>>>>> chore/MSP-12110/celluloid-supervision-tree
=======
>>>>>>> metasploit-api/_index.html
>>>>>>> chore/MSP-12110/celluloid-supervision-tree
=======
>>>>>>> chore/MSP-12110/celluloid-supervision-tree
=======
>>>>>>> 4.11.2_release_pre-rails4
<<<<<<< HEAD
=======
>>>>>>> msf-complex-payloads
=======
>>>>>>> msf-complex-payloads
=======
>>>>>>> origin/4.11.2_release_pre-rails4
<<<<<<< HEAD
<<<<<<< HEAD
=======
>>>>>>> master
=======
>>>>>>> master
=======
>>>>>>> rapid7/master
=======
>>>>>>> pod/metasploit-gemfile-
>>>>>>> master
=======
>>>>>>> master
=======
<<<<<<< HEAD
>>>>>>> rapid7/master
=======
>>>>>>> master
>>>>>>> payload-generator.rb
=======
>>>>>>> master
=======
>>>>>>> master
>>>>>>> pod/metasploit-gemfile-
>>>>>>> pod/metasploit-inject.vcxproj.filters-master_0
=======
>>>>>>> chore/MSP-12110/celluloid-supervision-tree
=======
>>>>>>> chore/MSP-12110/celluloid-supervision-tree
=======
=======
>>>>>>> rapid7/master
=======
>>>>>>> rapid7/master
>>>>>>> chore/MSP-12110/celluloid-supervision-tree
=======
>>>>>>> origin/4.11.2_release_pre-rails4
>>>>>>> master
=======
>>>>>>> rapid7/master
=======
>>>>>>> rapid7/master
=======
>>>>>>> rapid7/master
>>>>>>> chore/MSP-12110/celluloid-supervision-tree
=======
=======
    metasploit-payloads (1.0.21)
    metasploit_data_models (1.2.10)
>>>>>>> rapid7/master
=======
    metasploit-payloads (1.0.21)
    metasploit_data_models (1.2.10)
>>>>>>> rapid7/master
      activerecord (>= 4.0.9, < 4.1.0)
      activesupport (>= 4.0.9, < 4.1.0)
>>>>>>> rapid7/master
      arel-helpers
      metasploit-concern (~> 1.0)
      metasploit-model (~> 1.0)
      pg
=======
>>>>>>> master
      postgres_ext
      railties (>= 4.0.9, < 4.1.0)
      recog (~> 2.0)
    method_source (0.8.2)
    mime-types (2.6.1)
<<<<<<< HEAD
<<<<<<< HEAD
<<<<<<< HEAD
<<<<<<< HEAD
<<<<<<< HEAD
<<<<<<< HEAD
    mini_portile (0.6.2)
<<<<<<< HEAD
<<<<<<< HEAD
<<<<<<< HEAD
<<<<<<< HEAD
<<<<<<< HEAD
<<<<<<< HEAD
<<<<<<< HEAD
<<<<<<< HEAD
<<<<<<< HEAD
<<<<<<< HEAD
<<<<<<< HEAD
<<<<<<< HEAD
=======
<<<<<<< HEAD
=======
>>>>>>> chore/MSP-12110/celluloid-supervision-tree
<<<<<<< HEAD
=======
>>>>>>> chore/MSP-12110/celluloid-supervision-tree
<<<<<<< HEAD
<<<<<<< HEAD
<<<<<<< HEAD
<<<<<<< HEAD
<<<<<<< HEAD
<<<<<<< HEAD
=======
>>>>>>> chore/MSP-12110/celluloid-supervision-tree
=======
>>>>>>> chore/MSP-12110/celluloid-supervision-tree
=======
>>>>>>> chore/MSP-12110/celluloid-supervision-tree
=======
>>>>>>> chore/MSP-12110/celluloid-supervision-tree
    msgpack (0.5.11)
    multi_json (1.0.4)
=======
=======
>>>>>>> rapid7/master
=======
>>>>>>> rapid7/master
=======
>>>>>>> rapid7/master
=======
>>>>>>> master
=======
>>>>>>> rapid7/master
=======
>>>>>>> rapid7/master
=======
>>>>>>> rapid7/master
<<<<<<< HEAD
<<<<<<< HEAD
<<<<<<< HEAD
<<<<<<< HEAD
<<<<<<< HEAD
<<<<<<< HEAD
>>>>>>> chore/MSP-12110/celluloid-supervision-tree
=======
>>>>>>> chore/MSP-12110/celluloid-supervision-tree
=======
>>>>>>> chore/MSP-12110/celluloid-supervision-tree
=======
>>>>>>> 4.11.2_release_pre-rails4
=======
>>>>>>> msf-complex-payloads
=======
>>>>>>> msf-complex-payloads
=======
>>>>>>> payload-generator.rb
=======
>>>>>>> pod/metasploit-gemfile-
=======
>>>>>>> chore/MSP-12110/celluloid-supervision-tree
=======
>>>>>>> chore/MSP-12110/celluloid-supervision-tree
=======
>>>>>>> chore/MSP-12110/celluloid-supervision-tree
=======
>>>>>>> chore/MSP-12110/celluloid-supervision-tree
=======
    mini_portile2 (2.0.0)
>>>>>>> master
=======
    mini_portile2 (2.0.0)
>>>>>>> rapid7/master
=======
    mini_portile2 (2.0.0)
>>>>>>> rapid7/master
=======
    mini_portile2 (2.0.0)
>>>>>>> rapid7/master
=======
    mini_portile2 (2.0.0)
>>>>>>> rapid7/master
=======
    mini_portile2 (2.0.0)
>>>>>>> rapid7/master
    minitest (4.7.5)
    msgpack (0.7.1)
    multi_json (1.11.2)
    multi_test (0.1.2)
<<<<<<< HEAD
<<<<<<< HEAD
<<<<<<< HEAD
<<<<<<< HEAD
<<<<<<< HEAD
<<<<<<< HEAD
<<<<<<< HEAD
<<<<<<< HEAD
<<<<<<< HEAD
<<<<<<< HEAD
<<<<<<< HEAD
<<<<<<< HEAD
=======
>>>>>>> payload-generator.rb
    network_interface (0.0.1)
<<<<<<< HEAD
<<<<<<< HEAD
    nokogiri (1.6.6.2)
      mini_portile (~> 0.6.0)
<<<<<<< HEAD
<<<<<<< HEAD
=======
    nokogiri (1.6.7)
      mini_portile2 (~> 2.0.0.rc2)
>>>>>>> rapid7/master
=======
    nokogiri (1.6.7)
      mini_portile2 (~> 2.0.0.rc2)
>>>>>>> rapid7/master
    openssl-ccm (1.2.1)
=======
<<<<<<< HEAD
<<<<<<< HEAD
<<<<<<< HEAD
=======
>>>>>>> 4.11.2_release_pre-rails4
=======
=======
<<<<<<< HEAD
=======
>>>>>>> chore/MSP-12110/celluloid-supervision-tree
<<<<<<< HEAD
=======
>>>>>>> chore/MSP-12110/celluloid-supervision-tree
<<<<<<< HEAD
<<<<<<< HEAD
<<<<<<< HEAD
<<<<<<< HEAD
<<<<<<< HEAD
=======
>>>>>>> chore/MSP-12110/celluloid-supervision-tree
=======
>>>>>>> chore/MSP-12110/celluloid-supervision-tree
=======
>>>>>>> chore/MSP-12110/celluloid-supervision-tree
=======
>>>>>>> chore/MSP-12110/celluloid-supervision-tree
>>>>>>> rapid7/master
=======
>>>>>>> rapid7/master
=======
>>>>>>> rapid7/master
=======
>>>>>>> rapid7/master
<<<<<<< HEAD
<<<<<<< HEAD
<<<<<<< HEAD
<<<<<<< HEAD
<<<<<<< HEAD
<<<<<<< HEAD
    network_interface (0.0.1)
    nokogiri (1.6.6.2)
      mini_portile (~> 0.6.0)
=======
=======
>>>>>>> chore/MSP-12110/celluloid-supervision-tree
=======
>>>>>>> chore/MSP-12110/celluloid-supervision-tree
=======
>>>>>>> chore/MSP-12110/celluloid-supervision-tree
    network_interface (0.0.1)
<<<<<<< HEAD
<<<<<<< HEAD
<<<<<<< HEAD
    nokogiri (1.6.6.2)
      mini_portile (~> 0.6.0)
=======
<<<<<<< HEAD
<<<<<<< HEAD
<<<<<<< HEAD
=======
>>>>>>> chore/MSP-12110/celluloid-supervision-tree
    network_interface (0.0.1)
    nokogiri (1.6.6.2)
      mini_portile (~> 0.6.0)
=======
=======
>>>>>>> chore/MSP-12110/celluloid-supervision-tree
    network_interface (0.0.1)
    nokogiri (1.6.6.2)
      mini_portile (~> 0.6.0)
<<<<<<< HEAD
<<<<<<< HEAD
>>>>>>> chore/MSP-12110/celluloid-supervision-tree
=======
>>>>>>> chore/MSP-12110/celluloid-supervision-tree
<<<<<<< HEAD
=======
>>>>>>> chore/MSP-12110/celluloid-supervision-tree
>>>>>>> master
=======
    network_interface (0.0.1)
    nokogiri (1.6.6.2)
      mini_portile (~> 0.6.0)
>>>>>>> rapid7/master
=======
    network_interface (0.0.1)
    nokogiri (1.6.6.2)
      mini_portile (~> 0.6.0)
<<<<<<< HEAD
>>>>>>> chore/MSP-12110/celluloid-supervision-tree
=======
=======
>>>>>>> chore/MSP-12110/celluloid-supervision-tree
=======
>>>>>>> chore/MSP-12110/celluloid-supervision-tree
    network_interface (0.0.1)
    nokogiri (1.6.6.2)
      mini_portile (~> 0.6.0)
<<<<<<< HEAD
<<<<<<< HEAD
<<<<<<< HEAD
>>>>>>> rapid7/master
=======
<<<<<<< HEAD
>>>>>>> master
>>>>>>> chore/MSP-12110/celluloid-supervision-tree
=======
=======
>>>>>>> rapid7/master
=======
>>>>>>> chore/MSP-12110/celluloid-supervision-tree
=======
>>>>>>> master
=======
>>>>>>> chore/MSP-12110/celluloid-supervision-tree
=======
>>>>>>> master
=======
>>>>>>> chore/MSP-12110/celluloid-supervision-tree
    network_interface (0.0.1)
    nokogiri (1.6.6.2)
      mini_portile (~> 0.6.0)
>>>>>>> rapid7/master
<<<<<<< HEAD
<<<<<<< HEAD
<<<<<<< HEAD
=======
    network_interface (0.0.1)
    nokogiri (1.6.6.2)
      mini_portile (~> 0.6.0)
<<<<<<< HEAD
>>>>>>> msf-complex-payloads
=======
>>>>>>> chore/MSP-12110/celluloid-supervision-tree
=======
>>>>>>> chore/MSP-12110/celluloid-supervision-tree
=======
    network_interface (0.0.1)
    nokogiri (1.6.6.2)
      mini_portile (~> 0.6.0)
<<<<<<< HEAD
<<<<<<< HEAD
>>>>>>> msf-complex-payloads
=======
=======
>>>>>>> rapid7/master
>>>>>>> chore/MSP-12110/celluloid-supervision-tree
=======
>>>>>>> rapid7/master
>>>>>>> chore/MSP-12110/celluloid-supervision-tree
=======
>>>>>>> rapid7/master
>>>>>>> chore/MSP-12110/celluloid-supervision-tree
=======
    network_interface (0.0.1)
    nokogiri (1.6.6.2)
      mini_portile (~> 0.6.0)
<<<<<<< HEAD
<<<<<<< HEAD
<<<<<<< HEAD
<<<<<<< HEAD
<<<<<<< HEAD
<<<<<<< HEAD
<<<<<<< HEAD
>>>>>>> pod/metasploit-gemfile-
<<<<<<< HEAD
<<<<<<< HEAD
<<<<<<< HEAD
=======
<<<<<<< HEAD
>>>>>>> master
=======
>>>>>>> master
=======
>>>>>>> rapid7/master
=======
>>>>>>> master
<<<<<<< HEAD
>>>>>>> payload-generator.rb
=======
=======
>>>>>>> master
=======
>>>>>>> master
=======
>>>>>>> master
>>>>>>> pod/metasploit-gemfile-
>>>>>>> pod/metasploit-inject.vcxproj.filters-master_0
=======
>>>>>>> rapid7/master
>>>>>>> chore/MSP-12110/celluloid-supervision-tree
=======
>>>>>>> chore/MSP-12110/celluloid-supervision-tree
=======
>>>>>>> rapid7/master
>>>>>>> chore/MSP-12110/celluloid-supervision-tree
=======
>>>>>>> rapid7/master
>>>>>>> chore/MSP-12110/celluloid-supervision-tree
    packetfu (1.1.11)
      network_interface (~> 0.0)
      pcaprub (~> 0.12)
    pcaprub (0.12.0)
    pg (0.18.3)
    pg_array_parser (0.0.9)
    postgres_ext (2.4.1)
      activerecord (>= 4.0.0)
      arel (>= 4.0.1)
      pg_array_parser (~> 0.0.9)
    pry (0.10.1)
<<<<<<< HEAD
<<<<<<< HEAD
<<<<<<< HEAD
<<<<<<< HEAD
=======
=======
<<<<<<< HEAD
<<<<<<< HEAD
>>>>>>> master
=======
<<<<<<< HEAD
<<<<<<< HEAD
<<<<<<< HEAD
<<<<<<< HEAD
<<<<<<< HEAD
<<<<<<< HEAD
=======
=======
<<<<<<< HEAD
<<<<<<< HEAD
<<<<<<< HEAD
>>>>>>> chore/MSP-12110/celluloid-supervision-tree
=======
>>>>>>> chore/MSP-12110/celluloid-supervision-tree
=======
>>>>>>> chore/MSP-12110/celluloid-supervision-tree
=======
    network_interface (0.0.1)
<<<<<<< HEAD
    nokogiri (1.6.6.2)
      mini_portile (~> 0.6.0)
<<<<<<< HEAD
<<<<<<< HEAD
>>>>>>> 4.11.2_release_pre-rails4
=======
=======
=======
>>>>>>> master
=======
>>>>>>> master
=======
>>>>>>> master
>>>>>>> pod/metasploit-gemfile-
=======
>>>>>>> master
=======
>>>>>>> master
=======
<<<<<<< HEAD
>>>>>>> payload-generator.rb
=======
>>>>>>> pod/metasploit-gemfile-
>>>>>>> pod/metasploit-inject.vcxproj.filters-master_0
=======
<<<<<<< HEAD
<<<<<<< HEAD
=======
=======
>>>>>>> chore/MSP-12110/celluloid-supervision-tree
    packetfu (1.1.9)
    pcaprub (0.11.3)
    pg (0.18.2)
    polyglot (0.3.5)
    pry (0.10.0)
<<<<<<< HEAD
<<<<<<< HEAD
=======
<<<<<<< HEAD
<<<<<<< HEAD
<<<<<<< HEAD
=======
>>>>>>> msf-complex-payloads
>>>>>>> origin/pod/metasploit-api/_index.html
=======
>>>>>>> origin/pod/metasploit-excellent.mp3
=======
=======
>>>>>>> origin/pod/metasploit-windows.rb
>>>>>>> metasploit-api/_index.html
=======
>>>>>>> msf-complex-payloads
=======
>>>>>>> msf-complex-payloads
=======
>>>>>>> payload-generator.rb
<<<<<<< HEAD
=======
<<<<<<< HEAD
>>>>>>> master
=======
>>>>>>> origin/4.11.2_release_pre-rails4
>>>>>>> pod/metasploit-gemfile-
<<<<<<< HEAD
<<<<<<< HEAD
<<<<<<< HEAD
<<<<<<< HEAD
<<<<<<< HEAD
<<<<<<< HEAD
=======
>>>>>>> 4.11.2_release_pre-rails4
=======
=======
>>>>>>> 4.11.2_release_pre-rails4
>>>>>>> pod/metasploit-inject.vcxproj.filters-master_0
=======
=======
=======
>>>>>>> rapid7/master
=======
>>>>>>> rapid7/master
=======
>>>>>>> rapid7/master
    nokogiri (1.6.7)
      mini_portile2 (~> 2.0.0.rc2)
    openssl-ccm (1.2.1)
>>>>>>> rapid7/master
>>>>>>> master
    packetfu (1.1.11)
      network_interface (~> 0.0)
      pcaprub (~> 0.12)
    pcaprub (0.12.0)
    pg (0.18.3)
    pg_array_parser (0.0.9)
    postgres_ext (2.4.1)
      activerecord (>= 4.0.0)
      arel (>= 4.0.1)
      pg_array_parser (~> 0.0.9)
    pry (0.10.1)
<<<<<<< HEAD
<<<<<<< HEAD
>>>>>>> rapid7/master
=======
>>>>>>> origin/4.11.2_release_pre-rails4
>>>>>>> master
>>>>>>> 4.11.2_release_pre-rails4
=======
<<<<<<< HEAD
>>>>>>> chore/MSP-12110/celluloid-supervision-tree
=======
=======
=======
>>>>>>> chore/MSP-12110/celluloid-supervision-tree
=======
>>>>>>> chore/MSP-12110/celluloid-supervision-tree
    packetfu (1.1.9)
    pcaprub (0.11.3)
    pg (0.18.2)
    polyglot (0.3.5)
    pry (0.10.0)
>>>>>>> origin/4.11.2_release_pre-rails4
>>>>>>> master
=======
<<<<<<< HEAD
<<<<<<< HEAD
<<<<<<< HEAD
<<<<<<< HEAD
=======
>>>>>>> rapid7/master
>>>>>>> 4.11.2_release_pre-rails4
=======
=======
>>>>>>> chore/MSP-12110/celluloid-supervision-tree
=======
>>>>>>> chore/MSP-12110/celluloid-supervision-tree
=======
>>>>>>> chore/MSP-12110/celluloid-supervision-tree
>>>>>>> origin/4.11.2_release_pre-rails4
>>>>>>> master
=======
=======
>>>>>>> chore/MSP-12110/celluloid-supervision-tree
=======
>>>>>>> chore/MSP-12110/celluloid-supervision-tree
>>>>>>> rapid7/master
=======
>>>>>>> rapid7/master
=======
>>>>>>> rapid7/master
<<<<<<< HEAD
<<<<<<< HEAD
<<<<<<< HEAD
<<<<<<< HEAD
<<<<<<< HEAD
>>>>>>> chore/MSP-12110/celluloid-supervision-tree
=======
>>>>>>> chore/MSP-12110/celluloid-supervision-tree
=======
>>>>>>> chore/MSP-12110/celluloid-supervision-tree
=======
>>>>>>> rapid7/master
>>>>>>> 4.11.2_release_pre-rails4
=======
>>>>>>> msf-complex-payloads
=======
>>>>>>> msf-complex-payloads
=======
>>>>>>> origin/4.11.2_release_pre-rails4
<<<<<<< HEAD
<<<<<<< HEAD
=======
>>>>>>> master
=======
>>>>>>> master
=======
>>>>>>> rapid7/master
=======
>>>>>>> pod/metasploit-gemfile-
>>>>>>> master
=======
>>>>>>> master
=======
<<<<<<< HEAD
>>>>>>> rapid7/master
=======
>>>>>>> master
>>>>>>> payload-generator.rb
=======
>>>>>>> master
=======
>>>>>>> master
>>>>>>> pod/metasploit-gemfile-
>>>>>>> pod/metasploit-inject.vcxproj.filters-master_0
=======
=======
>>>>>>> pod/metasploit-gemfile-
=======
>>>>>>> metasploit-api/_index.html
>>>>>>> chore/MSP-12110/celluloid-supervision-tree
=======
>>>>>>> chore/MSP-12110/celluloid-supervision-tree
=======
>>>>>>> chore/MSP-12110/celluloid-supervision-tree
<<<<<<< HEAD
=======
>>>>>>> rapid7/master
=======
>>>>>>> rapid7/master
=======
>>>>>>> rapid7/master
>>>>>>> chore/MSP-12110/celluloid-supervision-tree
      coderay (~> 1.1.0)
      method_source (~> 0.8.1)
      slop (~> 3.4)
    rack (1.5.5)
    rack-test (0.6.3)
      rack (>= 1.0)
    rails (4.0.13)
      actionmailer (= 4.0.13)
      actionpack (= 4.0.13)
      activerecord (= 4.0.13)
      activesupport (= 4.0.13)
      bundler (>= 1.3.0, < 2.0)
      railties (= 4.0.13)
      sprockets-rails (~> 2.0)
    railties (4.0.13)
      actionpack (= 4.0.13)
      activesupport (= 4.0.13)
      rake (>= 0.8.7)
      thor (>= 0.18.1, < 2.0)
    rake (10.4.2)
<<<<<<< HEAD
<<<<<<< HEAD
<<<<<<< HEAD
<<<<<<< HEAD
<<<<<<< HEAD
<<<<<<< HEAD
<<<<<<< HEAD
    rb-readline-r7 (0.5.2.0)
    recog (2.0.14)
<<<<<<< HEAD
<<<<<<< HEAD
<<<<<<< HEAD
<<<<<<< HEAD
<<<<<<< HEAD
=======
<<<<<<< HEAD
=======
>>>>>>> chore/MSP-12110/celluloid-supervision-tree
<<<<<<< HEAD
=======
>>>>>>> chore/MSP-12110/celluloid-supervision-tree
<<<<<<< HEAD
=======
>>>>>>> chore/MSP-12110/celluloid-supervision-tree
<<<<<<< HEAD
=======
>>>>>>> chore/MSP-12110/celluloid-supervision-tree
<<<<<<< HEAD
=======
>>>>>>> chore/MSP-12110/celluloid-supervision-tree
<<<<<<< HEAD
=======
>>>>>>> chore/MSP-12110/celluloid-supervision-tree
<<<<<<< HEAD
<<<<<<< HEAD
    rb-readline (0.5.2)
    rdoc (3.12.2)
      json (~> 1.4)
    recog (1.0.7)
=======
    rb-readline-r7 (0.5.2.0)
    recog (2.0.14)
>>>>>>> rapid7/master
=======
    rb-readline-r7 (0.5.2.0)
    recog (2.0.14)
>>>>>>> rapid7/master
=======
    rb-readline-r7 (0.5.2.0)
    recog (2.0.14)
>>>>>>> rapid7/master
=======
    rb-readline-r7 (0.5.2.0)
    recog (2.0.14)
>>>>>>> rapid7/master
=======
    rb-readline-r7 (0.5.2.0)
    recog (2.0.14)
>>>>>>> master
=======
    rb-readline-r7 (0.5.2.0)
    recog (2.0.14)
>>>>>>> rapid7/master
=======
    rb-readline-r7 (0.5.2.0)
    recog (2.0.14)
>>>>>>> rapid7/master
=======
    rb-readline-r7 (0.5.2.0)
    recog (2.0.14)
>>>>>>> rapid7/master
<<<<<<< HEAD
<<<<<<< HEAD
<<<<<<< HEAD
<<<<<<< HEAD
<<<<<<< HEAD
<<<<<<< HEAD
>>>>>>> chore/MSP-12110/celluloid-supervision-tree
=======
>>>>>>> chore/MSP-12110/celluloid-supervision-tree
=======
>>>>>>> chore/MSP-12110/celluloid-supervision-tree
=======
>>>>>>> 4.11.2_release_pre-rails4
=======
>>>>>>> msf-complex-payloads
=======
>>>>>>> msf-complex-payloads
=======
>>>>>>> payload-generator.rb
=======
>>>>>>> pod/metasploit-gemfile-
=======
>>>>>>> chore/MSP-12110/celluloid-supervision-tree
=======
>>>>>>> chore/MSP-12110/celluloid-supervision-tree
=======
>>>>>>> chore/MSP-12110/celluloid-supervision-tree
=======
>>>>>>> chore/MSP-12110/celluloid-supervision-tree
=======
>>>>>>> origin/pod/metasploit-framework
=======
>>>>>>> origin/pod/metasploit-serialized_class_loader
=======
>>>>>>> origin/pod/metasploit-gemfile-
=======
>>>>>>> origin/pod/metasploit-windows.rb
>>>>>>> metasploit-api/_index.html
      nokogiri
    redcarpet (3.2.3)
    rkelly-remix (0.0.6)
    robots (0.10.1)
<<<<<<< HEAD
<<<<<<< HEAD
<<<<<<< HEAD
<<<<<<< HEAD
=======
>>>>>>> rapid7/master
=======
>>>>>>> rapid7/master
=======
>>>>>>> rapid7/master
    rspec-core (3.3.2)
      rspec-support (~> 3.3.0)
    rspec-expectations (3.3.1)
      diff-lcs (>= 1.2.0, < 2.0)
      rspec-support (~> 3.3.0)
    rspec-mocks (3.3.2)
      diff-lcs (>= 1.2.0, < 2.0)
      rspec-support (~> 3.3.0)
    rspec-rails (3.3.3)
      actionpack (>= 3.0, < 4.3)
      activesupport (>= 3.0, < 4.3)
      railties (>= 3.0, < 4.3)
      rspec-core (~> 3.3.0)
      rspec-expectations (~> 3.3.0)
      rspec-mocks (~> 3.3.0)
      rspec-support (~> 3.3.0)
    rspec-support (3.3.0)
<<<<<<< HEAD
<<<<<<< HEAD
<<<<<<< HEAD
=======
    rspec (2.99.0)
      rspec-core (~> 2.99.0)
      rspec-expectations (~> 2.99.0)
      rspec-mocks (~> 2.99.0)
    rspec-collection_matchers (1.1.2)
      rspec-expectations (>= 2.99.0.beta1)
    rspec-core (2.99.2)
    rspec-expectations (2.99.2)
      diff-lcs (>= 1.1.3, < 2.0)
    rspec-mocks (2.99.3)
    rspec-rails (2.99.0)
      actionpack (>= 3.0)
      activemodel (>= 3.0)
      activesupport (>= 3.0)
      railties (>= 3.0)
      rspec-collection_matchers
      rspec-core (~> 2.99.0)
      rspec-expectations (~> 2.99.0)
      rspec-mocks (~> 2.99.0)
<<<<<<< HEAD
<<<<<<< HEAD
<<<<<<< HEAD
<<<<<<< HEAD
<<<<<<< HEAD
<<<<<<< HEAD
>>>>>>> origin/4.11.2_release_pre-rails4
=======
>>>>>>> origin/chore/MSP-12110/celluloid-supervision-tree
=======
>>>>>>> origin/msf-complex-payloads
=======
>>>>>>> origin/msf-complex-payloads
=======
>>>>>>> origin/payload-generator.rb
=======
>>>>>>> origin/pod/metasploit-serialized_class_loader
=======
>>>>>>> origin/pod/metasploit-gemfile-
=======
>>>>>>> rapid7/master
=======
>>>>>>> rapid7/master
=======
>>>>>>> rapid7/master
    rubyntlm (0.5.2)
    rubyzip (1.1.7)
    shoulda-matchers (2.8.0)
      activesupport (>= 3.0.0)
    simplecov (0.9.2)
      docile (~> 1.1.0)
      multi_json (~> 1.0)
      simplecov-html (~> 0.9.0)
    simplecov-html (0.9.0)
    slop (3.6.0)
    sprockets (2.12.3)
      hike (~> 1.2)
      multi_json (~> 1.0)
      rack (~> 1.0)
      tilt (~> 1.1, != 1.3.0)
    sprockets-rails (2.2.4)
      actionpack (>= 3.0)
      activesupport (>= 3.0)
      sprockets (>= 2.8, < 4.0)
    sqlite3 (1.3.11)
    thor (0.19.1)
    thread_safe (0.3.5)
    tilt (1.4.1)
<<<<<<< HEAD
<<<<<<< HEAD
<<<<<<< HEAD
<<<<<<< HEAD
<<<<<<< HEAD
<<<<<<< HEAD
<<<<<<< HEAD
<<<<<<< HEAD
<<<<<<< HEAD
<<<<<<< HEAD
<<<<<<< HEAD
<<<<<<< HEAD
<<<<<<< HEAD
    timecop (0.7.3)
    tzinfo (0.3.44)
=======
<<<<<<< HEAD
=======
>>>>>>> chore/MSP-12110/celluloid-supervision-tree
<<<<<<< HEAD
=======
>>>>>>> chore/MSP-12110/celluloid-supervision-tree
<<<<<<< HEAD
<<<<<<< HEAD
<<<<<<< HEAD
<<<<<<< HEAD
<<<<<<< HEAD
<<<<<<< HEAD
=======
>>>>>>> chore/MSP-12110/celluloid-supervision-tree
=======
>>>>>>> chore/MSP-12110/celluloid-supervision-tree
=======
>>>>>>> chore/MSP-12110/celluloid-supervision-tree
=======
>>>>>>> chore/MSP-12110/celluloid-supervision-tree
    timecop (0.7.1)
    timers (4.0.1)
      hitimes
    treetop (1.4.15)
      polyglot
      polyglot (>= 0.3.1)
    tzinfo (0.3.42)
=======
    timecop (0.7.3)
    tzinfo (0.3.44)
>>>>>>> rapid7/master
=======
    timecop (0.7.3)
    tzinfo (0.3.44)
>>>>>>> rapid7/master
=======
    timecop (0.7.3)
    tzinfo (0.3.44)
>>>>>>> rapid7/master
=======
    timecop (0.7.3)
    tzinfo (0.3.44)
>>>>>>> rapid7/master
=======
    timecop (0.7.3)
    tzinfo (0.3.44)
>>>>>>> master
=======
    timecop (0.7.3)
    tzinfo (0.3.44)
>>>>>>> rapid7/master
=======
    timecop (0.7.3)
    tzinfo (0.3.44)
>>>>>>> rapid7/master
=======
    timecop (0.7.3)
    tzinfo (0.3.44)
>>>>>>> rapid7/master
<<<<<<< HEAD
<<<<<<< HEAD
<<<<<<< HEAD
<<<<<<< HEAD
<<<<<<< HEAD
<<<<<<< HEAD
>>>>>>> chore/MSP-12110/celluloid-supervision-tree
=======
>>>>>>> chore/MSP-12110/celluloid-supervision-tree
=======
>>>>>>> chore/MSP-12110/celluloid-supervision-tree
=======
    timecop (0.7.3)
<<<<<<< HEAD
    tzinfo (0.3.44)
>>>>>>> 4.11.2_release_pre-rails4
=======
    timecop (0.7.3)
    tzinfo (0.3.44)
>>>>>>> msf-complex-payloads
=======
    timecop (0.7.3)
    tzinfo (0.3.44)
>>>>>>> msf-complex-payloads
=======
    timecop (0.7.3)
    tzinfo (0.3.44)
>>>>>>> payload-generator.rb
=======
    timecop (0.7.3)
<<<<<<< HEAD
<<<<<<< HEAD
    tzinfo (0.3.44)
>>>>>>> pod/metasploit-gemfile-
=======
>>>>>>> chore/MSP-12110/celluloid-supervision-tree
=======
>>>>>>> chore/MSP-12110/celluloid-supervision-tree
=======
>>>>>>> chore/MSP-12110/celluloid-supervision-tree
=======
>>>>>>> chore/MSP-12110/celluloid-supervision-tree
=======
    tzinfo (0.3.45)
>>>>>>> master
=======
    tzinfo (0.3.45)
>>>>>>> rapid7/master
=======
    tzinfo (0.3.45)
>>>>>>> rapid7/master
=======
    timecop (0.7.3)
<<<<<<< HEAD
    tzinfo (0.3.45)
=======
    tzinfo (0.3.44)
>>>>>>> origin/4.11.2_release_pre-rails4
=======
<<<<<<< HEAD
<<<<<<< HEAD
=======
<<<<<<< HEAD
=======
>>>>>>> origin/pod/metasploit-excellent.mp3
=======
<<<<<<< HEAD
<<<<<<< HEAD
<<<<<<< HEAD
<<<<<<< HEAD
<<<<<<< HEAD
>>>>>>> origin/pod/metasploit-framework
=======
>>>>>>> origin/pod/metasploit-windows.rb
    timecop (0.7.3)
    tzinfo (0.3.44)
=======
<<<<<<< HEAD
=======
>>>>>>> chore/MSP-12110/celluloid-supervision-tree
<<<<<<< HEAD
=======
>>>>>>> chore/MSP-12110/celluloid-supervision-tree
<<<<<<< HEAD
<<<<<<< HEAD
<<<<<<< HEAD
>>>>>>> origin/pod/metasploit-api/_index.html
=======
>>>>>>> origin/pod/metasploit-excellent.mp3
<<<<<<< HEAD
=======
>>>>>>> origin/pod/metasploit-framework
<<<<<<< HEAD
<<<<<<< HEAD
=======
>>>>>>> origin/pod/metasploit-windows.rb
<<<<<<< HEAD
<<<<<<< HEAD
<<<<<<< HEAD
<<<<<<< HEAD
<<<<<<< HEAD
=======
=======
>>>>>>> chore/MSP-12110/celluloid-supervision-tree
=======
>>>>>>> chore/MSP-12110/celluloid-supervision-tree
=======
>>>>>>> chore/MSP-12110/celluloid-supervision-tree
>>>>>>> origin/pod/metasploit-framework
=======
>>>>>>> origin/pod/metasploit-windows.rb
    timecop (0.7.1)
    timers (4.0.1)
      hitimes
    treetop (1.4.15)
      polyglot
      polyglot (>= 0.3.1)
    tzinfo (0.3.42)
=======
    timecop (0.7.3)
    tzinfo (0.3.44)
>>>>>>> rapid7/master
=======
    timecop (0.7.3)
    tzinfo (0.3.44)
>>>>>>> rapid7/master
=======
    timecop (0.7.3)
    tzinfo (0.3.44)
>>>>>>> rapid7/master
=======
    timecop (0.7.3)
    tzinfo (0.3.44)
>>>>>>> rapid7/master
=======
    timecop (0.7.3)
    tzinfo (0.3.44)
>>>>>>> master
=======
    timecop (0.7.3)
    tzinfo (0.3.44)
>>>>>>> rapid7/master
=======
    timecop (0.7.3)
    tzinfo (0.3.44)
>>>>>>> rapid7/master
=======
    timecop (0.7.3)
    tzinfo (0.3.44)
>>>>>>> rapid7/master
<<<<<<< HEAD
<<<<<<< HEAD
<<<<<<< HEAD
<<<<<<< HEAD
>>>>>>> origin/chore/MSP-12110/celluloid-supervision-tree
=======
    timecop (0.7.3)
    tzinfo (0.3.44)
>>>>>>> origin/msf-complex-payloads
=======
    timecop (0.7.3)
    tzinfo (0.3.44)
>>>>>>> origin/msf-complex-payloads
=======
    timecop (0.7.3)
    tzinfo (0.3.44)
>>>>>>> origin/payload-generator.rb
=======
<<<<<<< HEAD
=======
>>>>>>> origin/pod/metasploit-excellent.mp3
=======
<<<<<<< HEAD
<<<<<<< HEAD
>>>>>>> origin/pod/metasploit-framework
<<<<<<< HEAD
=======
>>>>>>> origin/pod/metasploit-windows.rb
>>>>>>> chore/MSP-12110/celluloid-supervision-tree
=======
>>>>>>> chore/MSP-12110/celluloid-supervision-tree
=======
>>>>>>> chore/MSP-12110/celluloid-supervision-tree
=======
<<<<<<< HEAD
<<<<<<< HEAD
<<<<<<< HEAD
=======
>>>>>>> origin/pod/metasploit-framework
=======
>>>>>>> origin/pod/metasploit-windows.rb
    timecop (0.7.3)
    tzinfo (0.3.44)
>>>>>>> 4.11.2_release_pre-rails4
=======
    timecop (0.7.3)
    tzinfo (0.3.44)
>>>>>>> msf-complex-payloads
<<<<<<< HEAD
<<<<<<< HEAD
>>>>>>> origin/pod/metasploit-api/_index.html
=======
    timecop (0.7.3)
    tzinfo (0.3.44)
>>>>>>> 4.11.2_release_pre-rails4
>>>>>>> origin/pod/metasploit-excellent.mp3
=======
=======
>>>>>>> origin/pod/metasploit-windows.rb
=======
    timecop (0.7.3)
    tzinfo (0.3.44)
>>>>>>> msf-complex-payloads
=======
<<<<<<< HEAD
    timecop (0.7.3)
    tzinfo (0.3.44)
>>>>>>> payload-generator.rb
=======
    timecop (0.7.3)
    tzinfo (0.3.44)
>>>>>>> pod/metasploit-gemfile-
=======
>>>>>>> chore/MSP-12110/celluloid-supervision-tree
=======
>>>>>>> chore/MSP-12110/celluloid-supervision-tree
=======
>>>>>>> chore/MSP-12110/celluloid-supervision-tree
>>>>>>> origin/pod/metasploit-framework
=======
    timecop (0.7.3)
    tzinfo (0.3.44)
>>>>>>> origin/pod/metasploit-serialized_class_loader
=======
    timecop (0.7.3)
    tzinfo (0.3.44)
>>>>>>> origin/pod/metasploit-gemfile-
=======
    timecop (0.7.3)
<<<<<<< HEAD
<<<<<<< HEAD
<<<<<<< HEAD
    tzinfo (0.3.44)
>>>>>>> payload-generator.rb
>>>>>>> origin/pod/metasploit-windows.rb
>>>>>>> metasploit-api/_index.html
=======
    tzinfo (0.3.45)
>>>>>>> rapid7/master
=======
    tzinfo (0.3.45)
>>>>>>> rapid7/master
=======
    tzinfo (0.3.45)
>>>>>>> rapid7/master
    xpath (2.0.0)
      nokogiri (~> 1.3)
    yard (0.8.7.6)

PLATFORMS
  ruby

DEPENDENCIES
  aruba
  cucumber-rails
  factory_girl_rails (~> 4.5.0)
<<<<<<< HEAD
<<<<<<< HEAD
<<<<<<< HEAD
<<<<<<< HEAD
<<<<<<< HEAD
<<<<<<< HEAD
<<<<<<< HEAD
<<<<<<< HEAD
<<<<<<< HEAD
<<<<<<< HEAD
  fivemat (~> 1.3.1)
=======
=======
>>>>>>> origin/chore/MSP-12110/celluloid-supervision-tree
=======
>>>>>>> origin/msf-complex-payloads
=======
>>>>>>> origin/msf-complex-payloads
=======
>>>>>>> origin/payload-generator.rb
=======
>>>>>>> origin/pod/metasploit-serialized_class_loader
=======
>>>>>>> origin/pod/metasploit-gemfile-
  fivemat (= 1.2.1)
>>>>>>> origin/4.11.2_release_pre-rails4
=======
  fivemat (~> 1.3.1)
>>>>>>> rapid7/master
=======
  fivemat (~> 1.3.1)
>>>>>>> rapid7/master
=======
  fivemat (~> 1.3.1)
>>>>>>> rapid7/master
  metasploit-framework!
  pry
  rake (>= 10.0.0)
  redcarpet
  rspec-rails (~> 3.3)
  shoulda-matchers
  simplecov
  timecop
  yard

BUNDLED WITH
   1.10.6
